{
  "aor": 0.0003817105263157895,
  "aqi": 0.005622580032894738,
  "bids_meta": {
    "CogAtlasID": " ",
    "CogPOID": " ",
    "CoilCombinationMethod": " ",
    "DelayTime": " ",
    "DeviceSerialNumber": "35368 ",
    "EchoTime": 0.03,
    "EffectiveEchoSpacing": 0.00026499894000423993,
    "FlipAngle": 60,
    "GradientSetType": " ",
    "InstitutionAddress": "Perth Drive 100,London//709CAB//,Ontario,CA,N6A 5K8",
    "InstitutionName": "Robarts-CFMM",
    "Instructions": " ",
    "InversionTime": " ",
    "MRTransmitCoilSequence": " ",
    "MagneticFieldStrength": 3,
    "Manufacturer": "SIEMENS ",
    "ManufacturerModelName": "TrioTim ",
    "MatrixCoilMode": " ",
    "MultibandAccelerationFactor": " ",
    "NumberOfVolumesDiscardedByScanner": " ",
    "NumberOfVolumesDiscardedByUser": 10,
    "NumberShots": " ",
    "ParallelAcquisitionTechnique": " ",
    "ParallelReductionFactorInPlane": " ",
    "PartialFourier": " ",
    "PartialFourierDirection": " ",
    "PulseSequenceDetails": " ",
    "PulseSequenceType": " ",
    "ReceiveCoilName": " ",
    "RepetitionTime": 2,
    "SliceTiming": [
      1.0025,
      0,
      1.0600000000299998,
      0.05500000002,
      1.11500000002,
      0.11000000002,
      1.17000000001,
      0.16750000001,
      1.2275000000099998,
      0.2225,
      1.2825,
      0.27750000003,
      1.33750000002,
      0.33500000002,
      1.39250000002,
      0.39000000001,
      1.45000000001,
      0.44500000001,
      1.505,
      0.5025,
      1.5600000000299998,
      0.55750000002,
      1.61750000002,
      0.61250000002,
      1.67250000002,
      0.67000000001,
      1.7275000000099998,
      0.72500000001,
      1.785,
      0.78,
      1.8400000000299999,
      0.83500000002,
      1.89500000002,
      0.89250000002,
      1.95250000001,
      0.94750000001
    ],
    "SoftwareVersions": "syngo MR B17",
    "TaskDescription": " ",
    "TaskName": "ep2d_bold_MemoryAndManiupulate_3",
    "TotalReadoutTime": 0.020934916260334956,
    "dataset": "ds001635",
    "modality": "bold",
    "run_id": 3,
    "subject_id": "15",
    "task_id": "WM"
  },
  "dummy_trs": 0,
  "dvars_nstd": 20.41579928277227,
  "dvars_std": 1.089026971716171,
  "dvars_vstd": 0.9955540281188107,
  "efc": 0.4858106806376794,
  "fber": 4484.98779296875,
  "fd_mean": 0.10196654448522693,
  "fd_num": 11,
  "fd_perc": 3.6184210526315788,
  "fwhm_avg": 1.6638866666666667,
  "fwhm_x": 1.5254633333333334,
  "fwhm_y": 1.8538466666666666,
  "fwhm_z": 1.61235,
  "gcor": 0.0136376,
  "gsr_x": -0.006630247458815575,
  "gsr_y": 0.019628431648015976,
  "provenance": {
    "md5sum": "6b9811af5b1880c5f20a7c3eafe07f86",
    "settings": {
      "fd_thres": 0.2,
      "testing": false
    },
    "software": "mriqc",
    "version": "22.0.6",
    "webapi_port": null,
    "webapi_url": "https://mriqc.nimh.nih.gov/api/v1"
  },
  "size_t": 304,
  "size_x": 80,
  "size_y": 80,
  "size_z": 36,
  "snr": 6.272543924445868,
  "spacing_tr": 2.0,
  "spacing_x": 3.0,
  "spacing_y": 3.0,
  "spacing_z": 3.0,
  "summary_bg_k": 32.13444648563531,
  "summary_bg_mad": 5.807147600063569,
  "summary_bg_mean": 20.66348648071289,
  "summary_bg_median": 8.935701370239258,
  "summary_bg_n": 146784.0,
  "summary_bg_p05": 2.8591135025024412,
  "summary_bg_p95": 89.88782691955569,
  "summary_bg_stdv": 40.114566802978516,
  "summary_fg_k": 5.410499225497865,
  "summary_fg_mad": 79.00376755884179,
  "summary_fg_mean": 613.75439453125,
  "summary_fg_median": 608.3280639648438,
  "summary_fg_n": 41364.0,
  "summary_fg_p05": 479.7576217651367,
  "summary_fg_p95": 762.5510162353515,
  "summary_fg_stdv": 96.98149871826172,
  "tsnr": 73.27598571777344
}