{
  "aor": 0.00020766467065868265,
  "aqi": 0.00835980113772455,
  "bids_meta": {
    "CogAtlasID": " ",
    "CogPOID": " ",
    "CoilCombinationMethod": " ",
    "DelayTime": " ",
    "DeviceSerialNumber": "35368 ",
    "EchoTime": 0.03,
    "EffectiveEchoSpacing": 0.00026499894000423993,
    "FlipAngle": 60,
    "GradientSetType": " ",
    "InstitutionAddress": "Perth Drive 100,London//709CAB//,Ontario,CA,N6A 5K8",
    "InstitutionName": "Robarts-CFMM",
    "Instructions": " ",
    "InversionTime": " ",
    "MRTransmitCoilSequence": " ",
    "MagneticFieldStrength": 3,
    "Manufacturer": "SIEMENS ",
    "ManufacturerModelName": "TrioTim ",
    "MatrixCoilMode": " ",
    "MultibandAccelerationFactor": " ",
    "NumberOfVolumesDiscardedByScanner": " ",
    "NumberOfVolumesDiscardedByUser": 10,
    "NumberShots": " ",
    "ParallelAcquisitionTechnique": " ",
    "ParallelReductionFactorInPlane": " ",
    "PartialFourier": " ",
    "PartialFourierDirection": " ",
    "PulseSequenceDetails": " ",
    "PulseSequenceType": " ",
    "ReceiveCoilName": " ",
    "RepetitionTime": 2,
    "SliceTiming": [
      1.0025,
      0,
      1.0575,
      0.05499999999,
      1.1149999999900002,
      0.10999999999,
      1.16999999998,
      0.16500000001,
      1.2250000000099999,
      0.2225,
      1.2825,
      0.2775,
      1.3374999999900001,
      0.33249999999,
      1.39249999999,
      0.38999999998,
      1.44749999998,
      0.44500000001,
      1.505,
      0.5,
      1.56,
      0.5575,
      1.6149999999900002,
      0.61249999999,
      1.67249999999,
      0.66749999998,
      1.7275000000099998,
      0.7225,
      1.7825,
      0.78,
      1.84,
      0.83499999999,
      1.89499999999,
      0.88999999998,
      1.94999999998,
      0.94749999998
    ],
    "SoftwareVersions": "syngo MR B17",
    "TaskDescription": " ",
    "TaskName": "ep2d_bold_MemoryAndManiupulate_2",
    "TotalReadoutTime": 0.020934916260334956,
    "dataset": "ds001635",
    "modality": "bold",
    "run_id": 2,
    "subject_id": "15",
    "task_id": "WM"
  },
  "dummy_trs": 0,
  "dvars_nstd": 20.58058497579579,
  "dvars_std": 1.0624980966966968,
  "dvars_vstd": 0.9749620474774779,
  "efc": 0.48479359875199485,
  "fber": 4529.34912109375,
  "fd_mean": 0.09841038728669455,
  "fd_num": 7,
  "fd_perc": 2.095808383233533,
  "fwhm_avg": 1.6771655555555556,
  "fwhm_x": 1.53548,
  "fwhm_y": 1.8753533333333332,
  "fwhm_z": 1.6206633333333331,
  "gcor": 0.00883539,
  "gsr_x": -0.006481518037617207,
  "gsr_y": 0.02044042944908142,
  "provenance": {
    "md5sum": "ef7340a919bc383f0f9976c225ddb588",
    "settings": {
      "fd_thres": 0.2,
      "testing": false
    },
    "software": "mriqc",
    "version": "22.0.6",
    "webapi_port": null,
    "webapi_url": "https://mriqc.nimh.nih.gov/api/v1"
  },
  "size_t": 334,
  "size_x": 80,
  "size_y": 80,
  "size_z": 36,
  "snr": 6.309735096386423,
  "spacing_tr": 2.0,
  "spacing_x": 3.0,
  "spacing_y": 3.0,
  "spacing_z": 3.0,
  "summary_bg_k": 33.01292704776738,
  "summary_bg_mad": 5.8097916298226,
  "summary_bg_mean": 20.451234817504883,
  "summary_bg_median": 8.922279357910156,
  "summary_bg_n": 146966.0,
  "summary_bg_p05": 2.8502283692359924,
  "summary_bg_p95": 87.72622489929199,
  "summary_bg_stdv": 39.56851577758789,
  "summary_fg_k": 5.248260929216954,
  "summary_fg_mad": 79.05417096678292,
  "summary_fg_mean": 614.2285766601562,
  "summary_fg_median": 608.7584228515625,
  "summary_fg_n": 41205.0,
  "summary_fg_p05": 480.58298950195314,
  "summary_fg_p95": 764.5468872070312,
  "summary_fg_stdv": 96.47806549072266,
  "tsnr": 64.78227233886719
}