{
  "aor": 0.000714712990936556,
  "aqi": 0.007980521963746223,
  "bids_meta": {
    "CogAtlasID": " ",
    "CogPOID": " ",
    "CoilCombinationMethod": " ",
    "DelayTime": " ",
    "DeviceSerialNumber": "35368 ",
    "EchoTime": 0.03,
    "EffectiveEchoSpacing": 0.00026499894000423993,
    "FlipAngle": 60,
    "GradientSetType": " ",
    "InstitutionAddress": "Perth Drive 100,London//709CAB//,Ontario,CA,N6A 5K8",
    "InstitutionName": "Robarts-CFMM",
    "Instructions": " ",
    "InversionTime": " ",
    "MRTransmitCoilSequence": " ",
    "MagneticFieldStrength": 3,
    "Manufacturer": "SIEMENS ",
    "ManufacturerModelName": "TrioTim ",
    "MatrixCoilMode": " ",
    "MultibandAccelerationFactor": " ",
    "NumberOfVolumesDiscardedByScanner": " ",
    "NumberOfVolumesDiscardedByUser": 10,
    "NumberShots": " ",
    "ParallelAcquisitionTechnique": " ",
    "ParallelReductionFactorInPlane": " ",
    "PartialFourier": " ",
    "PartialFourierDirection": " ",
    "PulseSequenceDetails": " ",
    "PulseSequenceType": " ",
    "ReceiveCoilName": " ",
    "RepetitionTime": 2,
    "SliceTiming": [
      1.0025,
      0,
      1.0575,
      0.05499999999,
      1.1149999999900002,
      0.11000000002,
      1.17000000001,
      0.16750000001,
      1.2250000000099999,
      0.2225,
      1.2825,
      0.2775,
      1.3374999999900001,
      0.33249999999,
      1.39250000002,
      0.39000000001,
      1.45000000001,
      0.44500000001,
      1.505,
      0.5,
      1.56,
      0.5575,
      1.6149999999900002,
      0.61249999999,
      1.67250000002,
      0.66750000001,
      1.7275000000099998,
      0.72500000001,
      1.7825,
      0.78,
      1.84,
      0.83499999999,
      1.89499999999,
      0.89000000001,
      1.95000000001,
      0.94750000001
    ],
    "SoftwareVersions": "syngo MR B17",
    "TaskDescription": " ",
    "TaskName": "ep2d_bold_MemoryAndManiupulate_3",
    "TotalReadoutTime": 0.020934916260334956,
    "dataset": "ds001635",
    "modality": "bold",
    "run_id": 3,
    "subject_id": "04",
    "task_id": "WM"
  },
  "dummy_trs": 0,
  "dvars_nstd": 21.129195016545456,
  "dvars_std": 1.101943656303031,
  "dvars_vstd": 0.9997788890303028,
  "efc": 0.446632946737164,
  "fber": 5193.25048828125,
  "fd_mean": 0.0754007723656272,
  "fd_num": 8,
  "fd_perc": 2.416918429003021,
  "fwhm_avg": 1.6018555555555556,
  "fwhm_x": 1.4850700000000001,
  "fwhm_y": 1.7143666666666666,
  "fwhm_z": 1.60613,
  "gcor": 0.0193246,
  "gsr_x": -0.007018663454800844,
  "gsr_y": 0.005716879386454821,
  "provenance": {
    "md5sum": "f8e063fca2f46d1966b4a2bb40041d20",
    "settings": {
      "fd_thres": 0.2,
      "testing": false
    },
    "software": "mriqc",
    "version": "22.0.6",
    "webapi_port": null,
    "webapi_url": "https://mriqc.nimh.nih.gov/api/v1"
  },
  "size_t": 331,
  "size_x": 80,
  "size_y": 80,
  "size_z": 36,
  "snr": 6.191359531994362,
  "spacing_tr": 2.0,
  "spacing_x": 3.0,
  "spacing_y": 3.0,
  "spacing_z": 3.0,
  "summary_bg_k": 58.46625244899758,
  "summary_bg_mad": 3.8270577501595797,
  "summary_bg_mean": 15.185133934020996,
  "summary_bg_median": 6.757920265197754,
  "summary_bg_n": 156637.0,
  "summary_bg_p05": 2.7313245296478272,
  "summary_bg_p95": 56.464865112304594,
  "summary_bg_stdv": 30.18747329711914,
  "summary_fg_k": 3.2232449486048136,
  "summary_fg_mad": 70.52332630460161,
  "summary_fg_mean": 498.58819580078125,
  "summary_fg_median": 490.8651123046875,
  "summary_fg_n": 34124.0,
  "summary_fg_p05": 393.4227554321289,
  "summary_fg_p95": 628.7158264160156,
  "summary_fg_stdv": 79.28112030029297,
  "tsnr": 65.44585418701172
}