{
  "aor": 0.0003424545454545455,
  "aqi": 0.007576828606060605,
  "bids_meta": {
    "CogAtlasID": " ",
    "CogPOID": " ",
    "CoilCombinationMethod": " ",
    "DelayTime": " ",
    "DeviceSerialNumber": "35368 ",
    "EchoTime": 0.03,
    "EffectiveEchoSpacing": 0.00026499894000423993,
    "FlipAngle": 60,
    "GradientSetType": " ",
    "InstitutionAddress": "Perth Drive 100,London//709CAB//,Ontario,CA,N6A 5K8",
    "InstitutionName": "Robarts-CFMM",
    "Instructions": " ",
    "InversionTime": " ",
    "MRTransmitCoilSequence": " ",
    "MagneticFieldStrength": 3,
    "Manufacturer": "SIEMENS ",
    "ManufacturerModelName": "TrioTim ",
    "MatrixCoilMode": " ",
    "MultibandAccelerationFactor": " ",
    "NumberOfVolumesDiscardedByScanner": " ",
    "NumberOfVolumesDiscardedByUser": 10,
    "NumberShots": " ",
    "ParallelAcquisitionTechnique": " ",
    "ParallelReductionFactorInPlane": " ",
    "PartialFourier": " ",
    "PartialFourierDirection": " ",
    "PulseSequenceDetails": " ",
    "PulseSequenceType": " ",
    "ReceiveCoilName": " ",
    "RepetitionTime": 2,
    "SliceTiming": [
      1.005,
      0,
      1.0600000000299998,
      0.057500000020000004,
      1.11500000002,
      0.11250000002,
      1.17250000002,
      0.16750000001,
      1.2275000000099998,
      0.22500000001,
      1.2825,
      0.28,
      1.3400000000299999,
      0.33500000002,
      1.39500000002,
      0.39000000001,
      1.45000000001,
      0.44750000001,
      1.5075000000099998,
      0.5025,
      1.5625,
      0.55750000002,
      1.61750000002,
      0.61500000002,
      1.67250000002,
      0.67000000001,
      1.73000000001,
      0.72500000001,
      1.785,
      0.7825,
      1.8400000000299999,
      0.83750000002,
      1.89750000002,
      0.89250000002,
      1.95250000001,
      0.94750000001
    ],
    "SoftwareVersions": "syngo MR B17",
    "TaskDescription": " ",
    "TaskName": "ep2d_bold_MemoryAndManiupulate_2",
    "TotalReadoutTime": 0.020934916260334956,
    "dataset": "ds001635",
    "modality": "bold",
    "run_id": 2,
    "subject_id": "04",
    "task_id": "WM"
  },
  "dummy_trs": 0,
  "dvars_nstd": 21.179197873647418,
  "dvars_std": 1.0916942914589658,
  "dvars_vstd": 0.9916310960486321,
  "efc": 0.44626670498731097,
  "fber": 5190.64599609375,
  "fd_mean": 0.08244562422784486,
  "fd_num": 18,
  "fd_perc": 5.454545454545454,
  "fwhm_avg": 1.6012866666666667,
  "fwhm_x": 1.47842,
  "fwhm_y": 1.7118433333333334,
  "fwhm_z": 1.6135966666666668,
  "gcor": 0.0190318,
  "gsr_x": -0.007033369969576597,
  "gsr_y": 0.005156654864549637,
  "provenance": {
    "md5sum": "baa819a763525b251168b95cfdd9722f",
    "settings": {
      "fd_thres": 0.2,
      "testing": false
    },
    "software": "mriqc",
    "version": "22.0.6",
    "webapi_port": null,
    "webapi_url": "https://mriqc.nimh.nih.gov/api/v1"
  },
  "size_t": 330,
  "size_x": 80,
  "size_y": 80,
  "size_z": 36,
  "snr": 6.204399116461091,
  "spacing_tr": 2.0,
  "spacing_x": 3.0,
  "spacing_y": 3.0,
  "spacing_z": 3.0,
  "summary_bg_k": 56.48565053270601,
  "summary_bg_mad": 3.774947034232328,
  "summary_bg_mean": 15.048968315124512,
  "summary_bg_median": 6.748798370361328,
  "summary_bg_n": 156600.0,
  "summary_bg_p05": 2.7717309951782227,
  "summary_bg_p95": 55.39592781066882,
  "summary_bg_stdv": 29.933895111083984,
  "summary_fg_k": 3.1543504504628546,
  "summary_fg_mad": 71.13395861481132,
  "summary_fg_mean": 499.71295166015625,
  "summary_fg_median": 491.788818359375,
  "summary_fg_n": 34111.0,
  "summary_fg_p05": 394.1160888671875,
  "summary_fg_p95": 629.8018188476562,
  "summary_fg_stdv": 79.26337432861328,
  "tsnr": 67.56588745117188
}