{
  "aor": 0.0005294516129032259,
  "aqi": 0.005194714967741936,
  "bids_meta": {
    "CogAtlasID": " ",
    "CogPOID": " ",
    "CoilCombinationMethod": " ",
    "DelayTime": " ",
    "DeviceSerialNumber": "35368 ",
    "EchoTime": 0.03,
    "EffectiveEchoSpacing": 0.00026499894000423993,
    "FlipAngle": 60,
    "GradientSetType": " ",
    "InstitutionAddress": "Perth Drive 100,London//709CAB//,Ontario,CA,N6A 5K8",
    "InstitutionName": "Robarts-CFMM",
    "Instructions": " ",
    "InversionTime": " ",
    "MRTransmitCoilSequence": " ",
    "MagneticFieldStrength": 3,
    "Manufacturer": "SIEMENS ",
    "ManufacturerModelName": "TrioTim ",
    "MatrixCoilMode": " ",
    "MultibandAccelerationFactor": " ",
    "NumberOfVolumesDiscardedByScanner": " ",
    "NumberOfVolumesDiscardedByUser": 10,
    "NumberShots": " ",
    "ParallelAcquisitionTechnique": " ",
    "ParallelReductionFactorInPlane": " ",
    "PartialFourier": " ",
    "PartialFourierDirection": " ",
    "PulseSequenceDetails": " ",
    "PulseSequenceType": " ",
    "ReceiveCoilName": " ",
    "RepetitionTime": 2,
    "SliceTiming": [
      1.005,
      0,
      1.06,
      0.0575,
      1.11500000002,
      0.11250000002,
      1.17250000002,
      0.16750000001,
      1.2275000000099998,
      0.2225,
      1.2825,
      0.28,
      1.34,
      0.33499999999,
      1.39500000002,
      0.39000000001,
      1.45000000001,
      0.44750000001,
      1.5075000000099998,
      0.5025,
      1.5625,
      0.5575,
      1.6174999999900002,
      0.61500000002,
      1.67250000002,
      0.67000000001,
      1.73000000001,
      0.72500000001,
      1.785,
      0.7825,
      1.84,
      0.83749999999,
      1.8974999999900002,
      0.89250000002,
      1.95250000001,
      0.94750000001
    ],
    "SoftwareVersions": "syngo MR B17",
    "TaskDescription": " ",
    "TaskName": "ep2d_bold_MemoryAndManiupulate_3",
    "TotalReadoutTime": 0.020934916260334956,
    "dataset": "ds001635",
    "modality": "bold",
    "run_id": 3,
    "subject_id": "16",
    "task_id": "WM"
  },
  "dummy_trs": 0,
  "dvars_nstd": 20.186409212653718,
  "dvars_std": 1.0659656396763755,
  "dvars_vstd": 1.0118540219741106,
  "efc": 0.442441412685168,
  "fber": 5031.66357421875,
  "fd_mean": 0.096361052212603,
  "fd_num": 6,
  "fd_perc": 1.935483870967742,
  "fwhm_avg": 1.628111111111111,
  "fwhm_x": 1.52306,
  "fwhm_y": 1.7389233333333334,
  "fwhm_z": 1.62235,
  "gcor": 0.021309,
  "gsr_x": -0.013558032922446728,
  "gsr_y": 0.007829108275473118,
  "provenance": {
    "md5sum": "904df1abdd0e48598c0d5b004d22cdac",
    "settings": {
      "fd_thres": 0.2,
      "testing": false
    },
    "software": "mriqc",
    "version": "22.0.6",
    "webapi_port": null,
    "webapi_url": "https://mriqc.nimh.nih.gov/api/v1"
  },
  "size_t": 310,
  "size_x": 80,
  "size_y": 80,
  "size_z": 36,
  "snr": 6.383924188085698,
  "spacing_tr": 2.0,
  "spacing_x": 3.0,
  "spacing_y": 3.0,
  "spacing_z": 3.0,
  "summary_bg_k": 33.16202619400739,
  "summary_bg_mad": 4.048717581344508,
  "summary_bg_mean": 17.254945755004883,
  "summary_bg_median": 7.19469690322876,
  "summary_bg_n": 158314.0,
  "summary_bg_p05": 2.887704336643219,
  "summary_bg_p95": 62.15705451965364,
  "summary_bg_stdv": 36.64115905761719,
  "summary_fg_k": 3.6039898651353637,
  "summary_fg_mad": 77.20008115321384,
  "summary_fg_mean": 521.5985717773438,
  "summary_fg_median": 515.9573974609375,
  "summary_fg_n": 32590.0,
  "summary_fg_p05": 411.3280517578125,
  "summary_fg_p95": 646.8919189453125,
  "summary_fg_stdv": 80.82011413574219,
  "tsnr": 70.07373046875
}