{
  "aor": 0.0006563694267515924,
  "aqi": 0.005121043312101911,
  "bids_meta": {
    "CogAtlasID": " ",
    "CogPOID": " ",
    "CoilCombinationMethod": " ",
    "DelayTime": " ",
    "DeviceSerialNumber": "35368 ",
    "EchoTime": 0.03,
    "EffectiveEchoSpacing": 0.00026499894000423993,
    "FlipAngle": 60,
    "GradientSetType": " ",
    "InstitutionAddress": "Perth Drive 100,London//709CAB//,Ontario,CA,N6A 5K8",
    "InstitutionName": "Robarts-CFMM",
    "Instructions": " ",
    "InversionTime": " ",
    "MRTransmitCoilSequence": " ",
    "MagneticFieldStrength": 3,
    "Manufacturer": "SIEMENS ",
    "ManufacturerModelName": "TrioTim ",
    "MatrixCoilMode": " ",
    "MultibandAccelerationFactor": " ",
    "NumberOfVolumesDiscardedByScanner": " ",
    "NumberOfVolumesDiscardedByUser": 10,
    "NumberShots": " ",
    "ParallelAcquisitionTechnique": " ",
    "ParallelReductionFactorInPlane": " ",
    "PartialFourier": " ",
    "PartialFourierDirection": " ",
    "PulseSequenceDetails": " ",
    "PulseSequenceType": " ",
    "ReceiveCoilName": " ",
    "RepetitionTime": 2,
    "SliceTiming": [
      1.005,
      0,
      1.06,
      0.05499999999,
      1.1149999999900002,
      0.11249999999,
      1.16999999998,
      0.16750000001,
      1.2275000000099998,
      0.2225,
      1.2825,
      0.28,
      1.3374999999900001,
      0.33499999999,
      1.39499999999,
      0.38999999998,
      1.45000000001,
      0.44500000001,
      1.505,
      0.5025,
      1.5625,
      0.5575,
      1.6174999999900002,
      0.61249999999,
      1.67249999999,
      0.66999999998,
      1.7275000000099998,
      0.72500000001,
      1.785,
      0.78,
      1.84,
      0.83749999999,
      1.89499999999,
      0.89249999999,
      1.95249999998,
      0.94750000001
    ],
    "SoftwareVersions": "syngo MR B17",
    "TaskDescription": " ",
    "TaskName": "ep2d_bold_MemoryAndManiupulate_2",
    "TotalReadoutTime": 0.020934916260334956,
    "dataset": "ds001635",
    "modality": "bold",
    "run_id": 2,
    "subject_id": "16",
    "task_id": "WM"
  },
  "dummy_trs": 0,
  "dvars_nstd": 19.795501855143772,
  "dvars_std": 1.0625483464856231,
  "dvars_vstd": 1.0130452334504796,
  "efc": 0.4427275351904519,
  "fber": 5014.64453125,
  "fd_mean": 0.08386590541528213,
  "fd_num": 6,
  "fd_perc": 1.910828025477707,
  "fwhm_avg": 1.632778888888889,
  "fwhm_x": 1.5243966666666668,
  "fwhm_y": 1.7525633333333335,
  "fwhm_z": 1.6213766666666667,
  "gcor": 0.0161415,
  "gsr_x": -0.01370749156922102,
  "gsr_y": 0.0077194892801344395,
  "provenance": {
    "md5sum": "5f0a03cdae3de932ba3ec3b7a3efda7d",
    "settings": {
      "fd_thres": 0.2,
      "testing": false
    },
    "software": "mriqc",
    "version": "22.0.6",
    "webapi_port": null,
    "webapi_url": "https://mriqc.nimh.nih.gov/api/v1"
  },
  "size_t": 314,
  "size_x": 80,
  "size_y": 80,
  "size_z": 36,
  "snr": 6.366673608124717,
  "spacing_tr": 2.0,
  "spacing_x": 3.0,
  "spacing_y": 3.0,
  "spacing_z": 3.0,
  "summary_bg_k": 33.024889231602145,
  "summary_bg_mad": 4.103257764722805,
  "summary_bg_mean": 17.27642822265625,
  "summary_bg_median": 7.2116522789001465,
  "summary_bg_n": 158229.0,
  "summary_bg_p05": 2.888109302520752,
  "summary_bg_p95": 62.40481109619143,
  "summary_bg_stdv": 36.82822799682617,
  "summary_fg_k": 3.572778496161628,
  "summary_fg_mad": 76.96473705410627,
  "summary_fg_mean": 522.2752685546875,
  "summary_fg_median": 516.3406982421875,
  "summary_fg_n": 32686.0,
  "summary_fg_p05": 411.6886978149414,
  "summary_fg_p95": 647.8886566162109,
  "summary_fg_stdv": 81.09930419921875,
  "tsnr": 70.61727142333984
}