{
  "aor": 0.0002796485623003195,
  "aqi": 0.013121932939297126,
  "bids_meta": {
    "CogAtlasID": " ",
    "CogPOID": " ",
    "CoilCombinationMethod": " ",
    "DelayTime": " ",
    "DeviceSerialNumber": "35368 ",
    "EchoTime": 0.03,
    "EffectiveEchoSpacing": 0.00026499894000423993,
    "FlipAngle": 60,
    "GradientSetType": " ",
    "InstitutionAddress": "Perth Drive 100,London//709CAB//,Ontario,CA,N6A 5K8",
    "InstitutionName": "Robarts-CFMM",
    "Instructions": " ",
    "InversionTime": " ",
    "MRTransmitCoilSequence": " ",
    "MagneticFieldStrength": 3,
    "Manufacturer": "SIEMENS ",
    "ManufacturerModelName": "TrioTim ",
    "MatrixCoilMode": " ",
    "MultibandAccelerationFactor": " ",
    "NumberOfVolumesDiscardedByScanner": " ",
    "NumberOfVolumesDiscardedByUser": 10,
    "NumberShots": " ",
    "ParallelAcquisitionTechnique": " ",
    "ParallelReductionFactorInPlane": " ",
    "PartialFourier": " ",
    "PartialFourierDirection": " ",
    "PulseSequenceDetails": " ",
    "PulseSequenceType": " ",
    "ReceiveCoilName": " ",
    "RepetitionTime": 2,
    "SliceTiming": [
      1.005,
      0,
      1.06,
      0.0575,
      1.1149999999900002,
      0.11249999999,
      1.17249999999,
      0.16749999998,
      1.22749999998,
      0.2225,
      1.2825,
      0.28,
      1.34,
      0.33499999999,
      1.39499999999,
      0.38999999998,
      1.44999999998,
      0.44749999998,
      1.505,
      0.5025,
      1.5625,
      0.5575,
      1.6174999999900002,
      0.61499999999,
      1.67249999999,
      0.66999999998,
      1.72999999998,
      0.72500000001,
      1.785,
      0.7825,
      1.84,
      0.83749999999,
      1.8974999999900002,
      0.89249999999,
      1.95249999998,
      0.94749999998
    ],
    "SoftwareVersions": "syngo MR B17",
    "TaskDescription": " ",
    "TaskName": "ep2d_bold_MemoryAndManiupulate_1",
    "TotalReadoutTime": 0.020934916260334956,
    "dataset": "ds001635",
    "modality": "bold",
    "run_id": 1,
    "subject_id": "16",
    "task_id": "WM"
  },
  "dummy_trs": 0,
  "dvars_nstd": 19.460432731217946,
  "dvars_std": 0.974884706346154,
  "dvars_vstd": 0.9496498993910257,
  "efc": 0.44384755691787336,
  "fber": 4997.51318359375,
  "fd_mean": 0.08168436608299275,
  "fd_num": 7,
  "fd_perc": 2.236421725239617,
  "fwhm_avg": 1.6471455555555556,
  "fwhm_x": 1.5373,
  "fwhm_y": 1.7774766666666666,
  "fwhm_z": 1.62666,
  "gcor": 0.01562,
  "gsr_x": -0.014359514228999615,
  "gsr_y": 0.007272546645253897,
  "provenance": {
    "md5sum": "effa8278e5b3a9d9ea862227c08a4b0c",
    "settings": {
      "fd_thres": 0.2,
      "testing": false
    },
    "software": "mriqc",
    "version": "22.0.6",
    "webapi_port": null,
    "webapi_url": "https://mriqc.nimh.nih.gov/api/v1"
  },
  "size_t": 313,
  "size_x": 80,
  "size_y": 80,
  "size_z": 36,
  "snr": 6.396640775934405,
  "spacing_tr": 2.0,
  "spacing_x": 3.0,
  "spacing_y": 3.0,
  "spacing_z": 3.0,
  "summary_bg_k": 33.05198550519284,
  "summary_bg_mad": 4.11937786273495,
  "summary_bg_mean": 17.359498977661133,
  "summary_bg_median": 7.250141143798828,
  "summary_bg_n": 157964.0,
  "summary_bg_p05": 2.8973752856254578,
  "summary_bg_p95": 62.44699001312259,
  "summary_bg_stdv": 37.007442474365234,
  "summary_fg_k": 3.3833051265169463,
  "summary_fg_mad": 77.2958431037591,
  "summary_fg_mean": 524.6338500976562,
  "summary_fg_median": 518.62158203125,
  "summary_fg_n": 32828.0,
  "summary_fg_p05": 413.63160705566406,
  "summary_fg_p95": 651.0519989013671,
  "summary_fg_stdv": 81.07594299316406,
  "tsnr": 55.65773010253906
}