{
  "aor": 0.002150410094637224,
  "aqi": 0.008800782018927445,
  "bids_meta": {
    "CogAtlasID": " ",
    "CogPOID": " ",
    "CoilCombinationMethod": " ",
    "DelayTime": " ",
    "DeviceSerialNumber": "35368 ",
    "EchoTime": 0.03,
    "EffectiveEchoSpacing": 0.00026499894000423993,
    "FlipAngle": 60,
    "GradientSetType": " ",
    "InstitutionAddress": "Perth Drive 100,London//709CAB//,Ontario,CA,N6A 5K8",
    "InstitutionName": "Robarts Research Institute",
    "Instructions": " ",
    "InversionTime": " ",
    "MRTransmitCoilSequence": " ",
    "MagneticFieldStrength": 3,
    "Manufacturer": "SIEMENS ",
    "ManufacturerModelName": "TrioTim ",
    "MatrixCoilMode": " ",
    "MultibandAccelerationFactor": " ",
    "NumberOfVolumesDiscardedByScanner": " ",
    "NumberOfVolumesDiscardedByUser": 10,
    "NumberShots": " ",
    "ParallelAcquisitionTechnique": " ",
    "ParallelReductionFactorInPlane": " ",
    "PartialFourier": " ",
    "PartialFourierDirection": " ",
    "PulseSequenceDetails": " ",
    "PulseSequenceType": " ",
    "ReceiveCoilName": " ",
    "RepetitionTime": 2,
    "SliceTiming": [
      1.0025,
      0,
      1.06,
      0.05499999999,
      1.1149999999900002,
      0.10999999999,
      1.16999999998,
      0.16749999998,
      1.22749999998,
      0.2225,
      1.2825,
      0.2775,
      1.3374999999900001,
      0.33499999999,
      1.39249999999,
      0.38999999998,
      1.44999999998,
      0.44499999998,
      1.505,
      0.5025,
      1.56,
      0.5575,
      1.6174999999900002,
      0.61249999999,
      1.67249999999,
      0.66999999998,
      1.72749999998,
      0.72499999998,
      1.785,
      0.78,
      1.84,
      0.83499999999,
      1.89499999999,
      0.89249999999,
      1.95249999998,
      0.94749999998
    ],
    "SoftwareVersions": "syngo MR B17",
    "TaskDescription": " ",
    "TaskName": "ep2d_bold_MemoryAndManiupulate_1_take2",
    "TotalReadoutTime": 0.020934916260334956,
    "dataset": "ds001635",
    "modality": "bold",
    "run_id": 1,
    "subject_id": "02",
    "task_id": "WM"
  },
  "dummy_trs": 0,
  "dvars_nstd": 23.12285243414557,
  "dvars_std": 1.1063983971202525,
  "dvars_vstd": 1.0141994894303796,
  "efc": 0.4457666702778895,
  "fber": 5032.091796875,
  "fd_mean": 0.08479122512796598,
  "fd_num": 22,
  "fd_perc": 6.94006309148265,
  "fwhm_avg": 1.6907088888888888,
  "fwhm_x": 1.6056666666666668,
  "fwhm_y": 1.7894366666666668,
  "fwhm_z": 1.6770233333333333,
  "gcor": 0.030996,
  "gsr_x": -0.0007901664357632399,
  "gsr_y": 0.003954299725592136,
  "provenance": {
    "md5sum": "6098a331c817a1fe4c23ea2d2b9c2003",
    "settings": {
      "fd_thres": 0.2,
      "testing": false
    },
    "software": "mriqc",
    "version": "22.0.6",
    "webapi_port": null,
    "webapi_url": "https://mriqc.nimh.nih.gov/api/v1"
  },
  "size_t": 317,
  "size_x": 80,
  "size_y": 80,
  "size_z": 36,
  "snr": 6.035136825914695,
  "spacing_tr": 2.0,
  "spacing_x": 3.0,
  "spacing_y": 3.0,
  "spacing_z": 3.0,
  "summary_bg_k": 63.25891095900991,
  "summary_bg_mad": 3.9754408416283535,
  "summary_bg_mean": 13.288383483886719,
  "summary_bg_median": 6.313467979431152,
  "summary_bg_n": 155770.0,
  "summary_bg_p05": 2.540908658504486,
  "summary_bg_p95": 46.52825736999508,
  "summary_bg_stdv": 22.995943069458008,
  "summary_fg_k": 3.1866274710002296,
  "summary_fg_mad": 70.6592888188414,
  "summary_fg_mean": 463.9483947753906,
  "summary_fg_median": 457.62762451171875,
  "summary_fg_n": 34302.0,
  "summary_fg_p05": 358.72830963134766,
  "summary_fg_p95": 586.7523925781247,
  "summary_fg_stdv": 75.82611083984375,
  "tsnr": 58.8736572265625
}