{
  "aor": 0.004210216718266254,
  "aqi": 0.009838581021671827,
  "bids_meta": {
    "CogAtlasID": " ",
    "CogPOID": " ",
    "CoilCombinationMethod": " ",
    "DelayTime": " ",
    "DeviceSerialNumber": "35368 ",
    "EchoTime": 0.03,
    "EffectiveEchoSpacing": 0.00026499894000423993,
    "FlipAngle": 60,
    "GradientSetType": " ",
    "InstitutionAddress": "Perth Drive 100,London//709CAB//,Ontario,CA,N6A 5K8",
    "InstitutionName": "Robarts Research Institute",
    "Instructions": " ",
    "InversionTime": " ",
    "MRTransmitCoilSequence": " ",
    "MagneticFieldStrength": 3,
    "Manufacturer": "SIEMENS ",
    "ManufacturerModelName": "TrioTim ",
    "MatrixCoilMode": " ",
    "MultibandAccelerationFactor": " ",
    "NumberOfVolumesDiscardedByScanner": " ",
    "NumberOfVolumesDiscardedByUser": 10,
    "NumberShots": " ",
    "ParallelAcquisitionTechnique": " ",
    "ParallelReductionFactorInPlane": " ",
    "PartialFourier": " ",
    "PartialFourierDirection": " ",
    "PulseSequenceDetails": " ",
    "PulseSequenceType": " ",
    "ReceiveCoilName": " ",
    "RepetitionTime": 2,
    "SliceTiming": [
      1.0025,
      0,
      1.0575,
      0.05499999999,
      1.1149999999900002,
      0.10999999999,
      1.16999999998,
      0.16750000001,
      1.2250000000099999,
      0.2225,
      1.2825,
      0.2775,
      1.3374999999900001,
      0.33249999999,
      1.39249999999,
      0.38999999998,
      1.45000000001,
      0.44500000001,
      1.505,
      0.5,
      1.56,
      0.5575,
      1.6149999999900002,
      0.61249999999,
      1.67249999999,
      0.66750000001,
      1.7275000000099998,
      0.72500000001,
      1.7825,
      0.78,
      1.84,
      0.83499999999,
      1.89499999999,
      0.88999999998,
      1.95000000001,
      0.94750000001
    ],
    "SoftwareVersions": "syngo MR B17",
    "TaskDescription": " ",
    "TaskName": "ep2d_bold_MemoryAndManiupulate_2_take2",
    "TotalReadoutTime": 0.020934916260334956,
    "dataset": "ds001635",
    "modality": "bold",
    "run_id": 3,
    "subject_id": "02",
    "task_id": "WM"
  },
  "dummy_trs": 0,
  "dvars_nstd": 25.74767263779503,
  "dvars_std": 1.124968793633541,
  "dvars_vstd": 1.0256029923291916,
  "efc": 0.44438276994856063,
  "fber": 5090.31640625,
  "fd_mean": 0.12265219070763296,
  "fd_num": 49,
  "fd_perc": 15.170278637770897,
  "fwhm_avg": 1.6980355555555555,
  "fwhm_x": 1.62639,
  "fwhm_y": 1.8187966666666666,
  "fwhm_z": 1.6489200000000002,
  "gcor": 0.040276,
  "gsr_x": -0.00022516606259159744,
  "gsr_y": 0.004284108057618141,
  "provenance": {
    "md5sum": "06a390ea88370a0defbe4682bb8d81d3",
    "settings": {
      "fd_thres": 0.2,
      "testing": false
    },
    "software": "mriqc",
    "version": "22.0.6",
    "webapi_port": null,
    "webapi_url": "https://mriqc.nimh.nih.gov/api/v1"
  },
  "size_t": 323,
  "size_x": 80,
  "size_y": 80,
  "size_z": 36,
  "snr": 5.935690373236537,
  "spacing_tr": 2.0,
  "spacing_x": 3.0,
  "spacing_y": 3.0,
  "spacing_z": 3.0,
  "summary_bg_k": 61.93580304334533,
  "summary_bg_mad": 3.969630869016815,
  "summary_bg_mean": 13.391444206237793,
  "summary_bg_median": 6.293933868408203,
  "summary_bg_n": 156262.0,
  "summary_bg_p05": 2.4956433057785032,
  "summary_bg_p95": 47.430382347106885,
  "summary_bg_stdv": 23.104276657104492,
  "summary_fg_k": 3.1457658884149646,
  "summary_fg_mad": 71.6645065156352,
  "summary_fg_mean": 464.4383239746094,
  "summary_fg_median": 458.21917724609375,
  "summary_fg_n": 34081.0,
  "summary_fg_p05": 357.4245300292969,
  "summary_fg_p95": 589.6525268554688,
  "summary_fg_stdv": 77.19615173339844,
  "tsnr": 55.040592193603516
}