{
  "aor": 0.00021838006230529594,
  "aqi": 0.007235501152647974,
  "bids_meta": {
    "CogAtlasID": " ",
    "CogPOID": " ",
    "CoilCombinationMethod": " ",
    "DelayTime": " ",
    "DeviceSerialNumber": "35368 ",
    "EchoTime": 0.03,
    "EffectiveEchoSpacing": 0.00026499894000423993,
    "FlipAngle": 60,
    "GradientSetType": " ",
    "InstitutionAddress": "Perth Drive 100,London//709CAB//,Ontario,CA,N6A 5K8",
    "InstitutionName": "Robarts-CFMM",
    "Instructions": " ",
    "InversionTime": " ",
    "MRTransmitCoilSequence": " ",
    "MagneticFieldStrength": 3,
    "Manufacturer": "SIEMENS ",
    "ManufacturerModelName": "TrioTim ",
    "MatrixCoilMode": " ",
    "MultibandAccelerationFactor": " ",
    "NumberOfVolumesDiscardedByScanner": " ",
    "NumberOfVolumesDiscardedByUser": 10,
    "NumberShots": " ",
    "ParallelAcquisitionTechnique": " ",
    "ParallelReductionFactorInPlane": " ",
    "PartialFourier": " ",
    "PartialFourierDirection": " ",
    "PulseSequenceDetails": " ",
    "PulseSequenceType": " ",
    "ReceiveCoilName": " ",
    "RepetitionTime": 2,
    "SliceTiming": [
      1.0025,
      0,
      1.0575,
      0.05499999999,
      1.1149999999900002,
      0.10999999999,
      1.16999999998,
      0.16749999998,
      1.2250000000099999,
      0.2225,
      1.2825,
      0.2775,
      1.3374999999900001,
      0.33249999999,
      1.39249999999,
      0.38999999998,
      1.44999999998,
      0.44499999998,
      1.505,
      0.5,
      1.56,
      0.5575,
      1.6149999999900002,
      0.61249999999,
      1.67249999999,
      0.66749999998,
      1.72749999998,
      0.72500000001,
      1.7825,
      0.78,
      1.84,
      0.83499999999,
      1.89499999999,
      0.89249999999,
      1.94999999998,
      0.94749999998
    ],
    "SoftwareVersions": "syngo MR B17",
    "TaskDescription": " ",
    "TaskName": "ep2d_bold_MemoryAndManiupulate_3",
    "TotalReadoutTime": 0.020934916260334956,
    "dataset": "ds001635",
    "modality": "bold",
    "run_id": 3,
    "subject_id": "09",
    "task_id": "WM"
  },
  "dummy_trs": 0,
  "dvars_nstd": 19.133465641843735,
  "dvars_std": 1.058085635,
  "dvars_vstd": 0.96848643846875,
  "efc": 0.4513290878564978,
  "fber": 5709.50244140625,
  "fd_mean": 0.04736625600884223,
  "fd_num": 1,
  "fd_perc": 0.3115264797507788,
  "fwhm_avg": 1.7207044444444444,
  "fwhm_x": 1.59162,
  "fwhm_y": 1.8328033333333333,
  "fwhm_z": 1.73769,
  "gcor": 0.0248177,
  "gsr_x": -0.005755904596298933,
  "gsr_y": 0.008533500134944916,
  "provenance": {
    "md5sum": "51c06e2133203ab683f4ce555dc898b2",
    "settings": {
      "fd_thres": 0.2,
      "testing": false
    },
    "software": "mriqc",
    "version": "22.0.6",
    "webapi_port": null,
    "webapi_url": "https://mriqc.nimh.nih.gov/api/v1"
  },
  "size_t": 321,
  "size_x": 80,
  "size_y": 80,
  "size_z": 36,
  "snr": 6.161264788337138,
  "spacing_tr": 2.0,
  "spacing_x": 3.0,
  "spacing_y": 3.0,
  "spacing_z": 3.0,
  "summary_bg_k": 53.99231417923675,
  "summary_bg_mad": 3.604172404111741,
  "summary_bg_mean": 14.956210136413574,
  "summary_bg_median": 6.741663455963135,
  "summary_bg_n": 154277.0,
  "summary_bg_p05": 3.1445122241973875,
  "summary_bg_p95": 54.995710754394516,
  "summary_bg_stdv": 29.958181381225586,
  "summary_fg_k": 3.169550611005607,
  "summary_fg_mad": 79.18664958298729,
  "summary_fg_mean": 521.4879760742188,
  "summary_fg_median": 515.2164916992188,
  "summary_fg_n": 36072.0,
  "summary_fg_p05": 406.42771301269534,
  "summary_fg_p95": 654.9002899169919,
  "summary_fg_stdv": 83.62071228027344,
  "tsnr": 70.08495330810547
}