{
  "bids_meta": {
    "AnatomicalLandmarkCoordinates": " ",
    "CoilCombinationMethod": " ",
    "ContrastBolusIngredient": " ",
    "DeviceSerialNumber": "35368 ",
    "DwellTime": " ",
    "EchoTime": 0.00298,
    "EchoTrainLength": 1,
    "FlipAngle": 9,
    "GradientSetType": " ",
    "HardcopyDeviceSoftwareVersion": "",
    "InstitutionAddress": "Perth Drive 100,London//709CAB//,Ontario,CA,N6A 5K8",
    "InstitutionName": "Robarts-CFMM",
    "InstitutionalDepartmentName": "CFMM",
    "InversionTime": 900,
    "MagneticFieldStrength": 3,
    "Manufacturer": "SIEMENS ",
    "ManufacturersModelName": " ",
    "MatrixCoilMode": " ",
    "MultibandAccelerationFactor": " ",
    "NonlinearGradientCorrection": " ",
    "NumberShots": " ",
    "ParallelAcquisitionTechnique": " ",
    "ParallelReductionFactorInPlane": " ",
    "PartialFourier": " ",
    "PartialFourierDirection": " ",
    "PulseSequenceDetails": " ",
    "PulseSequenceType": "MPRAGE ADNI iPAT2 ",
    "ReceiveCoilActiveElements": " ",
    "ReceiveCoilName": " ",
    "ScanOptions": "IR",
    "ScanningSequence": "GR\\IR ",
    "SequenceName": "*tfl3d1_ns",
    "SequenceVariant": "SP\\MP ",
    "SliceEncodingDirection": " ",
    "SoftwareVersions": "syngo MR B17",
    "StationName": "MRC35368",
    "WaterFatShift": " ",
    "dataset": "ds001635",
    "modality": "T1w",
    "subject_id": "10"
  },
  "cjv": 0.3381485837455541,
  "cnr": 3.936115901247449,
  "efc": 0.527761564506035,
  "fber": 1362.3538224866295,
  "fwhm_avg": 4.00552,
  "fwhm_x": 4.14018,
  "fwhm_y": 4.10837,
  "fwhm_z": 3.76801,
  "icvs_csf": 0.20918013433410124,
  "icvs_gm": 0.4559086907633491,
  "icvs_wm": 0.3349111749025497,
  "inu_med": 0.47584183514118195,
  "inu_range": 0.14683015197515487,
  "provenance": {
    "md5sum": "7642521c4f2d3ab4e3ad3c7a3e2b15ea",
    "settings": {
      "testing": false
    },
    "software": "mriqc",
    "version": "22.0.6",
    "warnings": {
      "large_rot_frame": true,
      "small_air_mask": false
    },
    "webapi_port": null,
    "webapi_url": "https://mriqc.nimh.nih.gov/api/v1"
  },
  "qi_1": 0.0,
  "qi_2": 0.006304504401594055,
  "rpve_csf": 28.905944728731253,
  "rpve_gm": 14.130007243620648,
  "rpve_wm": 21.050257731958762,
  "size_x": 192,
  "size_y": 240,
  "size_z": 256,
  "snr_csf": 2.5487487291027056,
  "snr_gm": 13.555069205158759,
  "snr_total": 13.343724485991146,
  "snr_wm": 23.927355523711974,
  "snrd_csf": 13.384037397532973,
  "snrd_gm": 37.678479685158344,
  "snrd_total": 34.26742802408979,
  "snrd_wm": 51.73976698957806,
  "spacing_x": 1.0,
  "spacing_y": 1.0,
  "spacing_z": 1.0,
  "summary_bg_k": 0.9971739077186079,
  "summary_bg_mad": 12.662144521487678,
  "summary_bg_mean": 11.13719212055391,
  "summary_bg_median": 8.540486695244908,
  "summary_bg_n": 3151689.0,
  "summary_bg_p05": 0.0,
  "summary_bg_p95": 33.486925495788455,
  "summary_bg_stdv": 11.59215972221967,
  "summary_csf_k": 1.83312154355123,
  "summary_csf_mad": 76.5820424667296,
  "summary_csf_mean": 274.20095496722246,
  "summary_csf_median": 258.67989598587155,
  "summary_csf_n": 35459.0,
  "summary_csf_p05": 128.66199183259158,
  "summary_csf_p95": 475.9487035628408,
  "summary_csf_stdv": 101.4914673286346,
  "summary_gm_k": 0.22899542557096542,
  "summary_gm_mad": 51.910441285686595,
  "summary_gm_mean": 727.3145567095388,
  "summary_gm_median": 728.2305717151612,
  "summary_gm_n": 43642.0,
  "summary_gm_p05": 637.0161193973385,
  "summary_gm_p95": 813.3991812177933,
  "summary_gm_stdv": 53.72323943276179,
  "summary_wm_k": 0.38098531530632673,
  "summary_wm_mad": 39.98800967438892,
  "summary_wm_mean": 999.8382044749094,
  "summary_wm_median": 1000.0000108834356,
  "summary_wm_n": 167124.0,
  "summary_wm_p05": 931.1771885454655,
  "summary_wm_p95": 1068.0597656816244,
  "summary_wm_stdv": 41.79304386969991,
  "tpm_overlap_csf": 0.14574039626813684,
  "tpm_overlap_gm": 0.4610908105265901,
  "tpm_overlap_wm": 0.47851128347687344,
  "wm2max": 0.579711767404516
}