{
  "bids_meta": {
    "AnatomicalLandmarkCoordinates": " ",
    "CoilCombinationMethod": " ",
    "ContrastBolusIngredient": " ",
    "DeviceSerialNumber": "35368 ",
    "DwellTime": " ",
    "EchoTime": 0.00298,
    "EchoTrainLength": 1,
    "FlipAngle": 9,
    "GradientSetType": " ",
    "HardcopyDeviceSoftwareVersion": "",
    "InstitutionAddress": "Perth Drive 100,London//709CAB//,Ontario,CA,N6A 5K8",
    "InstitutionName": "Robarts-CFMM",
    "InstitutionalDepartmentName": "CFMM",
    "InversionTime": 900,
    "MagneticFieldStrength": 3,
    "Manufacturer": "SIEMENS ",
    "ManufacturersModelName": " ",
    "MatrixCoilMode": " ",
    "MultibandAccelerationFactor": " ",
    "NonlinearGradientCorrection": " ",
    "NumberShots": " ",
    "ParallelAcquisitionTechnique": " ",
    "ParallelReductionFactorInPlane": " ",
    "PartialFourier": " ",
    "PartialFourierDirection": " ",
    "PulseSequenceDetails": " ",
    "PulseSequenceType": "MPRAGE ADNI iPAT2 ",
    "ReceiveCoilActiveElements": " ",
    "ReceiveCoilName": " ",
    "ScanOptions": "IR",
    "ScanningSequence": "GR\\IR ",
    "SequenceName": "*tfl3d1_ns",
    "SequenceVariant": "SP\\MP ",
    "SliceEncodingDirection": " ",
    "SoftwareVersions": "syngo MR B17",
    "StationName": "MRC35368",
    "WaterFatShift": " ",
    "dataset": "ds001635",
    "modality": "T1w",
    "subject_id": "03"
  },
  "cjv": 0.3156271592332778,
  "cnr": 4.0646668849808165,
  "efc": 0.5552609497713102,
  "fber": 611.14324106423,
  "fwhm_avg": 3.8001566666666666,
  "fwhm_x": 3.83233,
  "fwhm_y": 3.92301,
  "fwhm_z": 3.64513,
  "icvs_csf": 0.20194913992378868,
  "icvs_gm": 0.4739924717687025,
  "icvs_wm": 0.32405838830750877,
  "inu_med": 0.5752568244934082,
  "inu_range": 0.17351858913898455,
  "provenance": {
    "md5sum": "6f3076c3bb3457b15afa9624ad0b7d17",
    "settings": {
      "testing": false
    },
    "software": "mriqc",
    "version": "22.0.6",
    "warnings": {
      "large_rot_frame": true,
      "small_air_mask": false
    },
    "webapi_port": null,
    "webapi_url": "https://mriqc.nimh.nih.gov/api/v1"
  },
  "qi_1": 0.0,
  "qi_2": 0.004833491769510158,
  "rpve_csf": 26.60269605672754,
  "rpve_gm": 12.531842999298142,
  "rpve_wm": 20.315752073735915,
  "size_x": 192,
  "size_y": 240,
  "size_z": 256,
  "snr_csf": 2.06520447375634,
  "snr_gm": 10.792508343368317,
  "snr_total": 11.357615930115292,
  "snr_wm": 21.21513497322122,
  "snrd_csf": 9.661745820277973,
  "snrd_gm": 30.60500073070405,
  "snrd_total": 28.60729269786422,
  "snrd_wm": 45.555131542610646,
  "spacing_x": 1.0,
  "spacing_y": 1.0,
  "spacing_z": 1.0,
  "summary_bg_k": 2104.7626145874847,
  "summary_bg_mad": 14.38117677910572,
  "summary_bg_mean": 13.542743939698758,
  "summary_bg_median": 9.699956333264709,
  "summary_bg_n": 2636498.0,
  "summary_bg_p05": 0.0,
  "summary_bg_p95": 42.105919774621725,
  "summary_bg_stdv": 20.544770637670748,
  "summary_csf_k": 1.25632640408337,
  "summary_csf_mad": 83.51255711596441,
  "summary_csf_mean": 234.14080804265137,
  "summary_csf_median": 212.0890773832798,
  "summary_csf_n": 25057.0,
  "summary_csf_p05": 103.11271909251809,
  "summary_csf_p95": 444.42642374262203,
  "summary_csf_stdv": 102.6943568561097,
  "summary_gm_k": 0.03598409300597982,
  "summary_gm_mad": 61.87142935833908,
  "summary_gm_mean": 668.2999258883694,
  "summary_gm_median": 671.8233421817422,
  "summary_gm_n": 56723.0,
  "summary_gm_p05": 559.7342647846789,
  "summary_gm_p95": 765.0146589925511,
  "summary_gm_stdv": 62.24849671787055,
  "summary_wm_k": 1.4468980369749547,
  "summary_wm_mad": 41.71003683200438,
  "summary_wm_mean": 998.4059451667969,
  "summary_wm_median": 999.9999998621643,
  "summary_wm_n": 163803.0,
  "summary_wm_p05": 920.7161124050617,
  "summary_wm_p95": 1071.20578863658,
  "summary_wm_stdv": 47.136016276710194,
  "tpm_overlap_csf": 0.15237619996530272,
  "tpm_overlap_gm": 0.46870561355325147,
  "tpm_overlap_wm": 0.4942943869284217,
  "wm2max": 0.5400552486187845
}