{
  "bids_meta": {
    "AnatomicalLandmarkCoordinates": " ",
    "CoilCombinationMethod": " ",
    "ContrastBolusIngredient": " ",
    "DeviceSerialNumber": "35368 ",
    "DwellTime": " ",
    "EchoTime": 0.00298,
    "EchoTrainLength": 1,
    "FlipAngle": 9,
    "GradientSetType": " ",
    "HardcopyDeviceSoftwareVersion": "",
    "InstitutionAddress": "Perth Drive 100,London//709CAB//,Ontario,CA,N6A 5K8",
    "InstitutionName": "Robarts-CFMM",
    "InstitutionalDepartmentName": "CFMM",
    "InversionTime": 900,
    "MagneticFieldStrength": 3,
    "Manufacturer": "SIEMENS ",
    "ManufacturersModelName": " ",
    "MatrixCoilMode": " ",
    "MultibandAccelerationFactor": " ",
    "NonlinearGradientCorrection": " ",
    "NumberShots": " ",
    "ParallelAcquisitionTechnique": " ",
    "ParallelReductionFactorInPlane": " ",
    "PartialFourier": " ",
    "PartialFourierDirection": " ",
    "PulseSequenceDetails": " ",
    "PulseSequenceType": "MPRAGE ADNI iPAT2 ",
    "ReceiveCoilActiveElements": " ",
    "ReceiveCoilName": " ",
    "ScanOptions": "IR",
    "ScanningSequence": "GR\\IR ",
    "SequenceName": "*tfl3d1_ns",
    "SequenceVariant": "SP\\MP ",
    "SliceEncodingDirection": " ",
    "SoftwareVersions": "syngo MR B17",
    "StationName": "MRC35368",
    "WaterFatShift": " ",
    "dataset": "ds001635",
    "modality": "T1w",
    "subject_id": "16"
  },
  "cjv": 0.3499498014551619,
  "cnr": 3.8541050609436844,
  "efc": 0.5221941062735344,
  "fber": 2444.5193121293923,
  "fwhm_avg": 3.8685566666666666,
  "fwhm_x": 3.9051,
  "fwhm_y": 4.05021,
  "fwhm_z": 3.65036,
  "icvs_csf": 0.19305973828462591,
  "icvs_gm": 0.47598509542764356,
  "icvs_wm": 0.33095516628773053,
  "inu_med": 0.5096158981323242,
  "inu_range": 0.16171544790267944,
  "provenance": {
    "md5sum": "1a96037aad0f3b8900d6db057d4cd6d5",
    "settings": {
      "testing": false
    },
    "software": "mriqc",
    "version": "22.0.6",
    "warnings": {
      "large_rot_frame": true,
      "small_air_mask": false
    },
    "webapi_port": null,
    "webapi_url": "https://mriqc.nimh.nih.gov/api/v1"
  },
  "qi_1": 0.0001359435130599776,
  "qi_2": 0.006184511255690447,
  "rpve_csf": 30.415084362209257,
  "rpve_gm": 13.336972688248808,
  "rpve_wm": 20.392231171710105,
  "size_x": 192,
  "size_y": 240,
  "size_z": 256,
  "snr_csf": 2.0861064613250364,
  "snr_gm": 13.295841805673579,
  "snr_total": 12.377484581646458,
  "snr_wm": 21.75050547794076,
  "snrd_csf": 18.758267731043997,
  "snrd_gm": 49.5710063035315,
  "snrd_total": 45.64061536757493,
  "snrd_wm": 68.5925720681493,
  "spacing_x": 1.0,
  "spacing_y": 1.0,
  "spacing_z": 1.0,
  "summary_bg_k": 10.970271295936906,
  "summary_bg_mad": 9.551446208033855,
  "summary_bg_mean": 10.751342289818467,
  "summary_bg_median": 9.045997645705938,
  "summary_bg_n": 3908141.0,
  "summary_bg_p05": 0.0,
  "summary_bg_p95": 29.574737690389156,
  "summary_bg_stdv": 10.443157716687756,
  "summary_csf_k": 0.0019847533371062376,
  "summary_csf_mad": 127.1876515784819,
  "summary_csf_mean": 282.36170993125035,
  "summary_csf_median": 273.48287347331643,
  "summary_csf_n": 29175.0,
  "summary_csf_p05": 80.5794771835208,
  "summary_csf_p95": 516.0891867168248,
  "summary_csf_stdv": 131.09502873632928,
  "summary_gm_k": 0.019168523990782838,
  "summary_gm_mad": 54.63625188429729,
  "summary_gm_mean": 721.373451902925,
  "summary_gm_median": 722.7117897681892,
  "summary_gm_n": 41160.0,
  "summary_gm_p05": 630.7830904461443,
  "summary_gm_p95": 809.0993982814252,
  "summary_gm_stdv": 54.35556627251206,
  "summary_wm_k": 0.9194255639041993,
  "summary_wm_mad": 42.412380312357584,
  "summary_wm_mean": 1000.0442170779338,
  "summary_wm_median": 1000.0333707295358,
  "summary_wm_n": 150941.0,
  "summary_wm_p05": 924.794703964144,
  "summary_wm_p95": 1074.4041558019817,
  "summary_wm_stdv": 45.97732494424761,
  "tpm_overlap_csf": 0.14170027779607508,
  "tpm_overlap_gm": 0.48702237126252673,
  "tpm_overlap_wm": 0.49152316238052096,
  "wm2max": 0.5284378086165995
}