{
  "aor": 0.0007178930817610062,
  "aqi": 0.00617870927672956,
  "bids_meta": {
    "CogAtlasID": " ",
    "CogPOID": " ",
    "CoilCombinationMethod": " ",
    "DelayTime": " ",
    "DeviceSerialNumber": "35368 ",
    "EchoTime": 0.03,
    "EffectiveEchoSpacing": 0.00026499894000423993,
    "FlipAngle": 60,
    "GradientSetType": " ",
    "InstitutionAddress": "Perth Drive 100,London//709CAB//,Ontario,CA,N6A 5K8",
    "InstitutionName": "Robarts-CFMM",
    "Instructions": " ",
    "InversionTime": " ",
    "MRTransmitCoilSequence": " ",
    "MagneticFieldStrength": 3,
    "Manufacturer": "SIEMENS ",
    "ManufacturerModelName": "TrioTim ",
    "MatrixCoilMode": " ",
    "MultibandAccelerationFactor": " ",
    "NumberOfVolumesDiscardedByScanner": " ",
    "NumberOfVolumesDiscardedByUser": 10,
    "NumberShots": " ",
    "ParallelAcquisitionTechnique": " ",
    "ParallelReductionFactorInPlane": " ",
    "PartialFourier": " ",
    "PartialFourierDirection": " ",
    "PulseSequenceDetails": " ",
    "PulseSequenceType": " ",
    "ReceiveCoilName": " ",
    "RepetitionTime": 2,
    "SliceTiming": [
      1.005,
      0,
      1.06,
      0.05499999999,
      1.1149999999900002,
      0.11249999999,
      1.17249999999,
      0.16750000001,
      1.2275000000099998,
      0.2225,
      1.2825,
      0.28,
      1.3374999999900001,
      0.33499999999,
      1.39499999999,
      0.39000000001,
      1.45000000001,
      0.44750000001,
      1.505,
      0.5025,
      1.5625,
      0.5575,
      1.6174999999900002,
      0.61499999999,
      1.67249999999,
      0.67000000001,
      1.73000000001,
      0.72500000001,
      1.785,
      0.78,
      1.84,
      0.83749999999,
      1.8974999999900002,
      0.89249999999,
      1.95250000001,
      0.94750000001
    ],
    "SoftwareVersions": "syngo MR B17",
    "TaskDescription": " ",
    "TaskName": "ep2d_bold_MemoryAndManiupulate_1",
    "TotalReadoutTime": 0.020934916260334956,
    "dataset": "ds001635",
    "modality": "bold",
    "run_id": 1,
    "subject_id": "09",
    "task_id": "WM"
  },
  "dummy_trs": 0,
  "dvars_nstd": 21.145707921419564,
  "dvars_std": 1.1517605978864354,
  "dvars_vstd": 0.994508867003155,
  "efc": 0.44889296851263216,
  "fber": 5949.94384765625,
  "fd_mean": 0.0399877537533075,
  "fd_num": 0,
  "fd_perc": 0.0,
  "fwhm_avg": 1.7221677777777777,
  "fwhm_x": 1.5877299999999999,
  "fwhm_y": 1.8291899999999999,
  "fwhm_z": 1.7495833333333335,
  "gcor": 0.0355713,
  "gsr_x": -0.004964951425790787,
  "gsr_y": 0.007752030622214079,
  "provenance": {
    "md5sum": "8d2885f2157f3c5997521e1f7e4475e7",
    "settings": {
      "fd_thres": 0.2,
      "testing": false
    },
    "software": "mriqc",
    "version": "22.0.6",
    "webapi_port": null,
    "webapi_url": "https://mriqc.nimh.nih.gov/api/v1"
  },
  "size_t": 318,
  "size_x": 80,
  "size_y": 80,
  "size_z": 36,
  "snr": 6.0878166232524835,
  "spacing_tr": 2.0,
  "spacing_x": 3.0,
  "spacing_y": 3.0,
  "spacing_z": 3.0,
  "summary_bg_k": 56.37305914865161,
  "summary_bg_mad": 3.605852140664537,
  "summary_bg_mean": 14.753602981567383,
  "summary_bg_median": 6.653184413909912,
  "summary_bg_n": 154613.0,
  "summary_bg_p05": 3.07004075050354,
  "summary_bg_p95": 53.60030593872064,
  "summary_bg_stdv": 29.98272132873535,
  "summary_fg_k": 3.1227485827112575,
  "summary_fg_mad": 80.94886855290783,
  "summary_fg_mean": 523.7139282226562,
  "summary_fg_median": 517.1552734375,
  "summary_fg_n": 35881.0,
  "summary_fg_p05": 406.86151123046875,
  "summary_fg_p95": 658.9972534179688,
  "summary_fg_stdv": 84.94803619384766,
  "tsnr": 69.75047302246094
}