{
  "aor": 0.00025473684210526316,
  "aqi": 0.004999956904024768,
  "bids_meta": {
    "CogAtlasID": " ",
    "CogPOID": " ",
    "CoilCombinationMethod": " ",
    "DelayTime": " ",
    "DeviceSerialNumber": "35368 ",
    "EchoTime": 0.03,
    "EffectiveEchoSpacing": 0.00026499894000423993,
    "FlipAngle": 60,
    "GradientSetType": " ",
    "InstitutionAddress": "Perth Drive 100,London//709CAB//,Ontario,CA,N6A 5K8",
    "InstitutionName": "Robarts-CFMM",
    "Instructions": " ",
    "InversionTime": " ",
    "MRTransmitCoilSequence": " ",
    "MagneticFieldStrength": 3,
    "Manufacturer": "SIEMENS ",
    "ManufacturerModelName": "TrioTim ",
    "MatrixCoilMode": " ",
    "MultibandAccelerationFactor": " ",
    "NumberOfVolumesDiscardedByScanner": " ",
    "NumberOfVolumesDiscardedByUser": 10,
    "NumberShots": " ",
    "ParallelAcquisitionTechnique": " ",
    "ParallelReductionFactorInPlane": " ",
    "PartialFourier": " ",
    "PartialFourierDirection": " ",
    "PulseSequenceDetails": " ",
    "PulseSequenceType": " ",
    "ReceiveCoilName": " ",
    "RepetitionTime": 2,
    "SliceTiming": [
      1.005,
      0,
      1.06,
      0.0575,
      1.1149999999900002,
      0.11249999999,
      1.17249999999,
      0.16750000001,
      1.2275000000099998,
      0.2225,
      1.2825,
      0.28,
      1.34,
      0.33499999999,
      1.39499999999,
      0.38999999998,
      1.45000000001,
      0.44750000001,
      1.505,
      0.5025,
      1.5625,
      0.5575,
      1.6174999999900002,
      0.61499999999,
      1.67249999999,
      0.67000000001,
      1.73000000001,
      0.72500000001,
      1.785,
      0.78,
      1.84,
      0.83749999999,
      1.8974999999900002,
      0.89249999999,
      1.95249999998,
      0.94750000001
    ],
    "SoftwareVersions": "syngo MR B17",
    "TaskDescription": " ",
    "TaskName": "ep2d_bold_MemoryAndManiupulate_2",
    "TotalReadoutTime": 0.020934916260334956,
    "dataset": "ds001635",
    "modality": "bold",
    "run_id": 2,
    "subject_id": "09",
    "task_id": "WM"
  },
  "dummy_trs": 0,
  "dvars_nstd": 19.737423019999994,
  "dvars_std": 1.1084681085714279,
  "dvars_vstd": 0.9919317971118017,
  "efc": 0.45002353549795066,
  "fber": 5824.72216796875,
  "fd_mean": 0.0392607370173784,
  "fd_num": 0,
  "fd_perc": 0.0,
  "fwhm_avg": 1.7197977777777778,
  "fwhm_x": 1.5850099999999998,
  "fwhm_y": 1.8315733333333333,
  "fwhm_z": 1.7428100000000002,
  "gcor": 0.0305657,
  "gsr_x": -0.005140474531799555,
  "gsr_y": 0.008217238821089268,
  "provenance": {
    "md5sum": "289810a879fe5f9e827cd9cc02449069",
    "settings": {
      "fd_thres": 0.2,
      "testing": false
    },
    "software": "mriqc",
    "version": "22.0.6",
    "webapi_port": null,
    "webapi_url": "https://mriqc.nimh.nih.gov/api/v1"
  },
  "size_t": 323,
  "size_x": 80,
  "size_y": 80,
  "size_z": 36,
  "snr": 6.118823712390566,
  "spacing_tr": 2.0,
  "spacing_x": 3.0,
  "spacing_y": 3.0,
  "spacing_z": 3.0,
  "summary_bg_k": 55.14025646606205,
  "summary_bg_mad": 3.5695080428351216,
  "summary_bg_mean": 14.82671070098877,
  "summary_bg_median": 6.692556381225586,
  "summary_bg_n": 154405.0,
  "summary_bg_p05": 3.1335619926452636,
  "summary_bg_p95": 54.33550415039062,
  "summary_bg_stdv": 29.87590980529785,
  "summary_fg_k": 3.13323212015798,
  "summary_fg_mad": 79.80257560839368,
  "summary_fg_mean": 523.0360107421875,
  "summary_fg_median": 516.56591796875,
  "summary_fg_n": 35996.0,
  "summary_fg_p05": 406.5324172973633,
  "summary_fg_p95": 657.7671051025391,
  "summary_fg_stdv": 84.42124938964844,
  "tsnr": 75.76130676269531
}