{
  "bids_meta": {
    "AnatomicalLandmarkCoordinates": " ",
    "CoilCombinationMethod": " ",
    "ContrastBolusIngredient": " ",
    "DeviceSerialNumber": "35368 ",
    "DwellTime": " ",
    "EchoTime": 0.00298,
    "EchoTrainLength": 1,
    "FlipAngle": 9,
    "GradientSetType": " ",
    "HardcopyDeviceSoftwareVersion": "",
    "InstitutionAddress": "Perth Drive 100,London//709CAB//,Ontario,CA,N6A 5K8",
    "InstitutionName": "Robarts-CFMM",
    "InstitutionalDepartmentName": "CFMM",
    "InversionTime": 900,
    "MagneticFieldStrength": 3,
    "Manufacturer": "SIEMENS ",
    "ManufacturersModelName": " ",
    "MatrixCoilMode": " ",
    "MultibandAccelerationFactor": " ",
    "NonlinearGradientCorrection": " ",
    "NumberShots": " ",
    "ParallelAcquisitionTechnique": " ",
    "ParallelReductionFactorInPlane": " ",
    "PartialFourier": " ",
    "PartialFourierDirection": " ",
    "PulseSequenceDetails": " ",
    "PulseSequenceType": "MPRAGE ADNI iPAT2 ",
    "ReceiveCoilActiveElements": " ",
    "ReceiveCoilName": " ",
    "ScanOptions": "IR",
    "ScanningSequence": "GR\\IR ",
    "SequenceName": "*tfl3d1_ns",
    "SequenceVariant": "SP\\MP\\OSP ",
    "SliceEncodingDirection": " ",
    "SoftwareVersions": "syngo MR B17",
    "StationName": "MRC35368",
    "WaterFatShift": " ",
    "dataset": "ds001635",
    "modality": "T1w",
    "subject_id": "12"
  },
  "cjv": 0.34284328520337687,
  "cnr": 3.9264665347131116,
  "efc": 0.554045439083817,
  "fber": 2552.667449193891,
  "fwhm_avg": 4.0350600000000005,
  "fwhm_x": 4.07217,
  "fwhm_y": 4.2495,
  "fwhm_z": 3.78351,
  "icvs_csf": 0.23287909851793276,
  "icvs_gm": 0.4406124296632358,
  "icvs_wm": 0.3265084718188314,
  "inu_med": 0.5394162535667419,
  "inu_range": 0.2013283014297485,
  "provenance": {
    "md5sum": "fa5f0ae078da5880feab5df7c69ce8ad",
    "settings": {
      "testing": false
    },
    "software": "mriqc",
    "version": "22.0.6",
    "warnings": {
      "large_rot_frame": true,
      "small_air_mask": false
    },
    "webapi_port": null,
    "webapi_url": "https://mriqc.nimh.nih.gov/api/v1"
  },
  "qi_1": 0.0001369179983840172,
  "qi_2": 0.007878671922682115,
  "rpve_csf": 22.490193028543338,
  "rpve_gm": 12.195512188780366,
  "rpve_wm": 18.526532664587904,
  "size_x": 192,
  "size_y": 240,
  "size_z": 256,
  "snr_csf": 2.2851448396771805,
  "snr_gm": 11.54035389731748,
  "snr_total": 12.364785077243061,
  "snr_wm": 23.26885649473452,
  "snrd_csf": 14.514149996554908,
  "snrd_gm": 41.6669474828775,
  "snrd_total": 38.443802449891336,
  "snrd_wm": 59.15030987024161,
  "spacing_x": 1.0,
  "spacing_y": 1.0,
  "spacing_z": 1.0,
  "summary_bg_k": 2.9912557211054374,
  "summary_bg_mad": 11.07616477956893,
  "summary_bg_mean": 9.750759400279728,
  "summary_bg_median": 7.470759615302086,
  "summary_bg_n": 3754583.0,
  "summary_bg_p05": 0.0,
  "summary_bg_p95": 27.956190958619118,
  "summary_bg_stdv": 9.695591103995902,
  "summary_csf_k": 1.0676217584928986,
  "summary_csf_mad": 87.40647681252585,
  "summary_csf_mean": 264.14906193331944,
  "summary_csf_median": 245.38571967184544,
  "summary_csf_n": 47513.0,
  "summary_csf_p05": 111.91265512406825,
  "summary_csf_p95": 475.62709406018257,
  "summary_csf_stdv": 107.38187492399055,
  "summary_gm_k": 0.03575259163529454,
  "summary_gm_mad": 60.89384709129525,
  "summary_gm_mean": 703.340664152936,
  "summary_gm_median": 704.4486860781908,
  "summary_gm_n": 41241.0,
  "summary_gm_p05": 601.987725019455,
  "summary_gm_p95": 802.0756262093782,
  "summary_gm_stdv": 61.041468195771586,
  "summary_wm_k": 0.6196819876389057,
  "summary_wm_mad": 40.4455428828603,
  "summary_wm_mean": 999.6339045894007,
  "summary_wm_median": 1000.0338538438082,
  "summary_wm_n": 178208.0,
  "summary_wm_p05": 928.6390832215548,
  "summary_wm_p95": 1069.0285161733627,
  "summary_wm_stdv": 42.97723217559068,
  "tpm_overlap_csf": 0.15771757977253087,
  "tpm_overlap_gm": 0.472322882575868,
  "tpm_overlap_wm": 0.5012560685162163,
  "wm2max": 0.5021663232475093
}