{
  "aor": 0.0035672292993630572,
  "aqi": 0.017851796974522292,
  "bids_meta": {
    "CogAtlasID": " ",
    "CogPOID": " ",
    "CoilCombinationMethod": " ",
    "DelayTime": " ",
    "DeviceSerialNumber": "35368 ",
    "EchoTime": 0.03,
    "EffectiveEchoSpacing": 0.00026499894000423993,
    "FlipAngle": 60,
    "GradientSetType": " ",
    "InstitutionAddress": "Perth Drive 100,London//709CAB//,Ontario,CA,N6A 5K8",
    "InstitutionName": "Robarts-CFMM",
    "Instructions": " ",
    "InversionTime": " ",
    "MRTransmitCoilSequence": " ",
    "MagneticFieldStrength": 3,
    "Manufacturer": "SIEMENS ",
    "ManufacturerModelName": "TrioTim ",
    "MatrixCoilMode": " ",
    "MultibandAccelerationFactor": " ",
    "NumberOfVolumesDiscardedByScanner": " ",
    "NumberOfVolumesDiscardedByUser": 10,
    "NumberShots": " ",
    "ParallelAcquisitionTechnique": " ",
    "ParallelReductionFactorInPlane": " ",
    "PartialFourier": " ",
    "PartialFourierDirection": " ",
    "PulseSequenceDetails": " ",
    "PulseSequenceType": " ",
    "ReceiveCoilName": " ",
    "RepetitionTime": 2,
    "SliceTiming": [
      1.005,
      0,
      1.06,
      0.05750000001,
      1.11750000001,
      0.1125,
      1.1725,
      0.16750000001,
      1.2275000000099998,
      0.22500000001,
      1.2825,
      0.28,
      1.3400000000099999,
      0.33500000001,
      1.395,
      0.3925,
      1.45000000001,
      0.44750000001,
      1.5075000000099998,
      0.5025,
      1.5625,
      0.55750000001,
      1.61750000001,
      0.61500000001,
      1.675,
      0.67,
      1.73000000001,
      0.72500000001,
      1.785,
      0.7825,
      1.8400000000099999,
      0.83750000001,
      1.89750000001,
      0.8925,
      1.9525,
      0.95000000001
    ],
    "SoftwareVersions": "syngo MR B17",
    "TaskDescription": " ",
    "TaskName": "ep2d_bold_MemoryAndManiupulate_1",
    "TotalReadoutTime": 0.020934916260334956,
    "dataset": "ds001635",
    "modality": "bold",
    "run_id": 1,
    "subject_id": "13",
    "task_id": "WM"
  },
  "dummy_trs": 0,
  "dvars_nstd": 24.412127485495223,
  "dvars_std": 1.0828377738658148,
  "dvars_vstd": 0.992396113865815,
  "efc": 0.45942817546071624,
  "fber": 4445.4287109375,
  "fd_mean": 0.17367877964005574,
  "fd_num": 84,
  "fd_perc": 26.751592356687897,
  "fwhm_avg": 1.7308333333333332,
  "fwhm_x": 1.62052,
  "fwhm_y": 1.8812,
  "fwhm_z": 1.69078,
  "gcor": 0.042652,
  "gsr_x": -0.007458215579390526,
  "gsr_y": 0.009984388016164303,
  "provenance": {
    "md5sum": "541c6ba5f23bf64f8cc7bc682ea49f27",
    "settings": {
      "fd_thres": 0.2,
      "testing": false
    },
    "software": "mriqc",
    "version": "22.0.6",
    "webapi_port": null,
    "webapi_url": "https://mriqc.nimh.nih.gov/api/v1"
  },
  "size_t": 314,
  "size_x": 80,
  "size_y": 80,
  "size_z": 36,
  "snr": 5.895102528898401,
  "spacing_tr": 2.0,
  "spacing_x": 3.0,
  "spacing_y": 3.0,
  "spacing_z": 3.0,
  "summary_bg_k": 35.58300765348346,
  "summary_bg_mad": 5.939384789486454,
  "summary_bg_mean": 21.713075637817383,
  "summary_bg_median": 9.017126083374023,
  "summary_bg_n": 155098.0,
  "summary_bg_p05": 3.0374203085899354,
  "summary_bg_p95": 96.3210998535155,
  "summary_bg_stdv": 41.88118362426758,
  "summary_fg_k": 3.2834044316636177,
  "summary_fg_mad": 92.69983039926404,
  "summary_fg_mean": 615.1795043945312,
  "summary_fg_median": 605.7494506835938,
  "summary_fg_n": 35420.0,
  "summary_fg_p05": 473.8736877441406,
  "summary_fg_p95": 785.8927429199218,
  "summary_fg_stdv": 102.75324249267578,
  "tsnr": 44.58839416503906
}