{
  "aor": 0.0005712074303405573,
  "aqi": 0.004709509535603715,
  "bids_meta": {
    "CogAtlasID": " ",
    "CogPOID": " ",
    "CoilCombinationMethod": " ",
    "DelayTime": " ",
    "DeviceSerialNumber": "35368 ",
    "EchoTime": 0.03,
    "EffectiveEchoSpacing": 0.00026499894000423993,
    "FlipAngle": 60,
    "GradientSetType": " ",
    "InstitutionAddress": "Perth Drive 100,London//709CAB//,Ontario,CA,N6A 5K8",
    "InstitutionName": "Robarts-CFMM",
    "Instructions": " ",
    "InversionTime": " ",
    "MRTransmitCoilSequence": " ",
    "MagneticFieldStrength": 3,
    "Manufacturer": "SIEMENS ",
    "ManufacturerModelName": "TrioTim ",
    "MatrixCoilMode": " ",
    "MultibandAccelerationFactor": " ",
    "NumberOfVolumesDiscardedByScanner": " ",
    "NumberOfVolumesDiscardedByUser": 10,
    "NumberShots": " ",
    "ParallelAcquisitionTechnique": " ",
    "ParallelReductionFactorInPlane": " ",
    "PartialFourier": " ",
    "PartialFourierDirection": " ",
    "PulseSequenceDetails": " ",
    "PulseSequenceType": " ",
    "ReceiveCoilName": " ",
    "RepetitionTime": 2,
    "SliceTiming": [
      1.0025,
      0,
      1.0575,
      0.05499999999,
      1.1149999999900002,
      0.10999999999,
      1.16999999998,
      0.16750000001,
      1.2250000000099999,
      0.2225,
      1.2825,
      0.2775,
      1.3374999999900001,
      0.33249999999,
      1.39249999999,
      0.38999999998,
      1.45000000001,
      0.44500000001,
      1.505,
      0.5,
      1.56,
      0.5575,
      1.6149999999900002,
      0.61249999999,
      1.67249999999,
      0.66750000001,
      1.7275000000099998,
      0.72500000001,
      1.7825,
      0.78,
      1.84,
      0.83499999999,
      1.89499999999,
      0.88999999998,
      1.95000000001,
      0.94750000001
    ],
    "SoftwareVersions": "syngo MR B17",
    "TaskDescription": " ",
    "TaskName": "ep2d_bold_MemoryAndManiupulate_Run2 ",
    "TotalReadoutTime": 0.020934916260334956,
    "dataset": "ds001635",
    "modality": "bold",
    "run_id": 2,
    "subject_id": "06",
    "task_id": "WM"
  },
  "dummy_trs": 0,
  "dvars_nstd": 20.999102379099394,
  "dvars_std": 1.1371377104658387,
  "dvars_vstd": 0.988352568012423,
  "efc": 0.42969672705317685,
  "fber": 4085.705322265625,
  "fd_mean": 0.08124930402167573,
  "fd_num": 5,
  "fd_perc": 1.5479876160990713,
  "fwhm_avg": 1.6634099999999998,
  "fwhm_x": 1.5347933333333332,
  "fwhm_y": 1.7877833333333333,
  "fwhm_z": 1.6676533333333332,
  "gcor": 0.0151955,
  "gsr_x": -0.019779987633228302,
  "gsr_y": 0.014660071581602097,
  "provenance": {
    "md5sum": "7fb73625a127a6d8912cc37ad4495f79",
    "settings": {
      "fd_thres": 0.2,
      "testing": false
    },
    "software": "mriqc",
    "version": "22.0.6",
    "webapi_port": null,
    "webapi_url": "https://mriqc.nimh.nih.gov/api/v1"
  },
  "size_t": 323,
  "size_x": 80,
  "size_y": 80,
  "size_z": 36,
  "snr": 5.301056947588703,
  "spacing_tr": 2.0,
  "spacing_x": 3.0,
  "spacing_y": 3.0,
  "spacing_z": 3.0,
  "summary_bg_k": 54.627292513860546,
  "summary_bg_mad": 6.673492582483069,
  "summary_bg_mean": 16.747766494750977,
  "summary_bg_median": 9.83930778503418,
  "summary_bg_n": 158894.0,
  "summary_bg_p05": 2.8852023601531984,
  "summary_bg_p95": 54.20649337768557,
  "summary_bg_stdv": 26.7623291015625,
  "summary_fg_k": 1.9088961616059397,
  "summary_fg_mad": 114.1129536153063,
  "summary_fg_mean": 644.7620239257812,
  "summary_fg_median": 632.7504272460938,
  "summary_fg_n": 32033.0,
  "summary_fg_p05": 477.72767944335936,
  "summary_fg_p95": 841.9982421875,
  "summary_fg_stdv": 119.3612060546875,
  "tsnr": 70.54141235351562
}