{
  "bids_meta": {
    "AnatomicalLandmarkCoordinates": " ",
    "CoilCombinationMethod": " ",
    "ContrastBolusIngredient": " ",
    "DeviceSerialNumber": "35368 ",
    "DwellTime": " ",
    "EchoTime": 0.00298,
    "EchoTrainLength": 1,
    "FlipAngle": 9,
    "GradientSetType": " ",
    "HardcopyDeviceSoftwareVersion": "",
    "InstitutionAddress": "Perth Drive 100,London//709CAB//,Ontario,CA,N6A 5K8",
    "InstitutionName": "Robarts-CFMM",
    "InstitutionalDepartmentName": "CFMM",
    "InversionTime": 900,
    "MagneticFieldStrength": 3,
    "Manufacturer": "SIEMENS ",
    "ManufacturersModelName": " ",
    "MatrixCoilMode": " ",
    "MultibandAccelerationFactor": " ",
    "NonlinearGradientCorrection": " ",
    "NumberShots": " ",
    "ParallelAcquisitionTechnique": " ",
    "ParallelReductionFactorInPlane": " ",
    "PartialFourier": " ",
    "PartialFourierDirection": " ",
    "PulseSequenceDetails": " ",
    "PulseSequenceType": "MPRAGE ADNI iPAT2 ",
    "ReceiveCoilActiveElements": " ",
    "ReceiveCoilName": " ",
    "ScanOptions": "IR",
    "ScanningSequence": "GR\\IR ",
    "SequenceName": "*tfl3d1_ns",
    "SequenceVariant": "SP\\MP ",
    "SliceEncodingDirection": " ",
    "SoftwareVersions": "syngo MR B17",
    "StationName": "MRC35368",
    "WaterFatShift": " ",
    "dataset": "ds001635",
    "modality": "T1w",
    "subject_id": "01"
  },
  "cjv": 0.3149759512301135,
  "cnr": 4.073627507627707,
  "efc": 0.579024355333746,
  "fber": 735.7656249999999,
  "fwhm_avg": 4.248203333333333,
  "fwhm_x": 4.17918,
  "fwhm_y": 4.48826,
  "fwhm_z": 4.07717,
  "icvs_csf": 0.2496246572729055,
  "icvs_gm": 0.44517552163402274,
  "icvs_wm": 0.30519982109307175,
  "inu_med": 0.6324041783809662,
  "inu_range": 0.2393859595060347,
  "provenance": {
    "md5sum": "42994ee577188f716508a6bea7c33cf5",
    "settings": {
      "testing": false
    },
    "software": "mriqc",
    "version": "22.0.6",
    "warnings": {
      "large_rot_frame": true,
      "small_air_mask": false
    },
    "webapi_port": null,
    "webapi_url": "https://mriqc.nimh.nih.gov/api/v1"
  },
  "qi_1": 0.0,
  "qi_2": 0.00422722994536647,
  "rpve_csf": 21.444926647569716,
  "rpve_gm": 11.90415673544242,
  "rpve_wm": 18.82609730063401,
  "size_x": 192,
  "size_y": 240,
  "size_z": 256,
  "snr_csf": 2.47935348116781,
  "snr_gm": 10.130707603639705,
  "snr_total": 10.38731085655099,
  "snr_wm": 18.551871484845456,
  "snrd_csf": 6.75645004688393,
  "snrd_gm": 23.09491049555719,
  "snrd_total": 21.841871982809124,
  "snrd_wm": 35.67425540598626,
  "spacing_x": 1.0,
  "spacing_y": 1.0,
  "spacing_z": 1.0,
  "summary_bg_k": 3019.3224178612836,
  "summary_bg_mad": 18.36504461226838,
  "summary_bg_mean": 14.63891083975848,
  "summary_bg_median": 12.387034352868795,
  "summary_bg_n": 3226265.0,
  "summary_bg_p05": 0.0,
  "summary_bg_p95": 40.65040851011872,
  "summary_bg_stdv": 22.445670494488628,
  "summary_csf_k": 3.0326951189162115,
  "summary_csf_mad": 61.56169884112499,
  "summary_csf_mean": 201.02688497751058,
  "summary_csf_median": 189.39949990808964,
  "summary_csf_n": 88189.0,
  "summary_csf_p05": 102.02729140222073,
  "summary_csf_p95": 349.34926180541515,
  "summary_csf_stdv": 76.39024750460432,
  "summary_gm_k": 0.10154687032368415,
  "summary_gm_mad": 62.492884201747046,
  "summary_gm_mean": 645.61355315025,
  "summary_gm_median": 647.405733473599,
  "summary_gm_n": 45955.0,
  "summary_gm_p05": 536.2015687339008,
  "summary_gm_p95": 747.5243747938423,
  "summary_gm_stdv": 63.90458740444367,
  "summary_wm_k": 1.1275288632605331,
  "summary_wm_mad": 48.57683631245073,
  "summary_wm_mean": 996.85586686764,
  "summary_wm_median": 1000.0349424034357,
  "summary_wm_n": 162214.0,
  "summary_wm_p05": 903.4160744510591,
  "summary_wm_p95": 1078.474528953433,
  "summary_wm_stdv": 53.9046349453138,
  "tpm_overlap_csf": 0.1599456387353152,
  "tpm_overlap_gm": 0.47648813883599994,
  "tpm_overlap_wm": 0.49699616074017533,
  "wm2max": 0.5014455445054241
}