{
  "aor": 0.0007812624584717609,
  "aqi": 0.007059766212624585,
  "bids_meta": {
    "CogAtlasID": " ",
    "CogPOID": " ",
    "CoilCombinationMethod": " ",
    "DelayTime": " ",
    "DeviceSerialNumber": "35368 ",
    "EchoTime": 0.03,
    "EffectiveEchoSpacing": 0.00026499894000423993,
    "FlipAngle": 60,
    "GradientSetType": " ",
    "InstitutionAddress": "Perth Drive 100,London//709CAB//,Ontario,CA,N6A 5K8",
    "InstitutionName": "Robarts-CFMM",
    "Instructions": " ",
    "InversionTime": " ",
    "MRTransmitCoilSequence": " ",
    "MagneticFieldStrength": 3,
    "Manufacturer": "SIEMENS ",
    "ManufacturerModelName": "TrioTim ",
    "MatrixCoilMode": " ",
    "MultibandAccelerationFactor": " ",
    "NumberOfVolumesDiscardedByScanner": " ",
    "NumberOfVolumesDiscardedByUser": 10,
    "NumberShots": " ",
    "ParallelAcquisitionTechnique": " ",
    "ParallelReductionFactorInPlane": " ",
    "PartialFourier": " ",
    "PartialFourierDirection": " ",
    "PulseSequenceDetails": " ",
    "PulseSequenceType": " ",
    "ReceiveCoilName": " ",
    "RepetitionTime": 2,
    "SliceTiming": [
      1.005,
      0,
      1.06,
      0.0575,
      1.1174999999900002,
      0.11249999999,
      1.17249999999,
      0.16750000001,
      1.2275000000099998,
      0.22500000001,
      1.285,
      0.28,
      1.34,
      0.33499999999,
      1.39499999999,
      0.39249999999,
      1.44999999998,
      0.44750000001,
      1.5075000000099998,
      0.5025,
      1.5625,
      0.56,
      1.6174999999900002,
      0.61499999999,
      1.67499999999,
      0.66999999998,
      1.73000000001,
      0.72500000001,
      1.785,
      0.7825,
      1.8425,
      0.83749999999,
      1.8974999999900002,
      0.89249999999,
      1.95249999998,
      0.94999999998
    ],
    "SoftwareVersions": "syngo MR B17",
    "TaskDescription": " ",
    "TaskName": "ep2d_bold_MemoryAndManiupulate_2",
    "TotalReadoutTime": 0.020934916260334956,
    "dataset": "ds001635",
    "modality": "bold",
    "run_id": 2,
    "subject_id": "01",
    "task_id": "WM"
  },
  "dummy_trs": 0,
  "dvars_nstd": 22.521255207333322,
  "dvars_std": 1.0870104481000005,
  "dvars_vstd": 0.9931540188333321,
  "efc": 0.48249106640562933,
  "fber": 4795.74267578125,
  "fd_mean": 0.0837502439180925,
  "fd_num": 7,
  "fd_perc": 2.3255813953488373,
  "fwhm_avg": 1.7175888888888888,
  "fwhm_x": 1.5867066666666665,
  "fwhm_y": 1.8632600000000001,
  "fwhm_z": 1.7027999999999999,
  "gcor": 0.0252449,
  "gsr_x": -0.00803582277148962,
  "gsr_y": 0.013891174457967281,
  "provenance": {
    "md5sum": "cb47a428cd8a8937f0647e451899f361",
    "settings": {
      "fd_thres": 0.2,
      "testing": false
    },
    "software": "mriqc",
    "version": "22.0.6",
    "webapi_port": null,
    "webapi_url": "https://mriqc.nimh.nih.gov/api/v1"
  },
  "size_t": 301,
  "size_x": 80,
  "size_y": 80,
  "size_z": 36,
  "snr": 5.067834251462425,
  "spacing_tr": 2.0,
  "spacing_x": 3.0,
  "spacing_y": 3.0,
  "spacing_z": 3.0,
  "summary_bg_k": 32.87335615800634,
  "summary_bg_mad": 5.562348620208063,
  "summary_bg_mean": 21.86773109436035,
  "summary_bg_median": 8.260749816894531,
  "summary_bg_n": 148286.0,
  "summary_bg_p05": 2.798107087612152,
  "summary_bg_p95": 86.12088394165039,
  "summary_bg_stdv": 45.704837799072266,
  "summary_fg_k": 2.5579407326796577,
  "summary_fg_mad": 93.73825824096699,
  "summary_fg_mean": 594.0319213867188,
  "summary_fg_median": 577.5411987304688,
  "summary_fg_n": 41346.0,
  "summary_fg_p05": 450.6613311767578,
  "summary_fg_p95": 812.6914978027344,
  "summary_fg_stdv": 113.96075439453125,
  "tsnr": 59.72840881347656
}