{
  "bids_meta": {
    "AnatomicalLandmarkCoordinates": " ",
    "CoilCombinationMethod": " ",
    "ContrastBolusIngredient": " ",
    "DeviceSerialNumber": "35368 ",
    "DwellTime": " ",
    "EchoTime": 0.00298,
    "EchoTrainLength": 1,
    "FlipAngle": 9,
    "GradientSetType": " ",
    "HardcopyDeviceSoftwareVersion": "",
    "InstitutionAddress": "Perth Drive 100,London//709CAB//,Ontario,CA,N6A 5K8",
    "InstitutionName": "Robarts Research Institute",
    "InstitutionalDepartmentName": "CFMM",
    "InversionTime": 900,
    "MagneticFieldStrength": 3,
    "Manufacturer": "SIEMENS ",
    "ManufacturersModelName": " ",
    "MatrixCoilMode": " ",
    "MultibandAccelerationFactor": " ",
    "NonlinearGradientCorrection": " ",
    "NumberShots": " ",
    "ParallelAcquisitionTechnique": " ",
    "ParallelReductionFactorInPlane": " ",
    "PartialFourier": " ",
    "PartialFourierDirection": " ",
    "PulseSequenceDetails": " ",
    "PulseSequenceType": "MPRAGE ADNI iPAT2 ",
    "ReceiveCoilActiveElements": " ",
    "ReceiveCoilName": " ",
    "ScanOptions": "IR",
    "ScanningSequence": "GR\\IR ",
    "SequenceName": "*tfl3d1_ns",
    "SequenceVariant": "SP\\MP ",
    "SliceEncodingDirection": " ",
    "SoftwareVersions": "syngo MR B17",
    "StationName": "MRC35368",
    "WaterFatShift": " ",
    "dataset": "ds001635",
    "modality": "T1w",
    "subject_id": "14"
  },
  "cjv": 0.3535368837238127,
  "cnr": 3.8137332319502995,
  "efc": 0.535485334184706,
  "fber": 3878.2431059436976,
  "fwhm_avg": 3.9326633333333327,
  "fwhm_x": 3.9896,
  "fwhm_y": 4.09239,
  "fwhm_z": 3.716,
  "icvs_csf": 0.20476151600295614,
  "icvs_gm": 0.4440362475484039,
  "icvs_wm": 0.35120223644863996,
  "inu_med": 0.4588128924369812,
  "inu_range": 0.1535808637738228,
  "provenance": {
    "md5sum": "4000e7ea1843a91cb5d648965de27e2f",
    "settings": {
      "testing": false
    },
    "software": "mriqc",
    "version": "22.0.6",
    "warnings": {
      "large_rot_frame": true,
      "small_air_mask": false
    },
    "webapi_port": null,
    "webapi_url": "https://mriqc.nimh.nih.gov/api/v1"
  },
  "qi_1": 0.0001177872661964436,
  "qi_2": 0.011611938670836605,
  "rpve_csf": 26.43068068801743,
  "rpve_gm": 12.933565579051674,
  "rpve_wm": 18.50953233887425,
  "size_x": 192,
  "size_y": 240,
  "size_z": 256,
  "snr_csf": 2.6919579283713615,
  "snr_gm": 12.863675538029561,
  "snr_total": 13.472018179275457,
  "snr_wm": 24.860421071425442,
  "snrd_csf": 23.018076075013308,
  "snrd_gm": 59.97984956794324,
  "snrd_total": 54.961323632366295,
  "snrd_wm": 81.88604525414233,
  "spacing_x": 1.0,
  "spacing_y": 1.0,
  "spacing_z": 1.0,
  "summary_bg_k": 2.078006355057033,
  "summary_bg_mad": 8.000867101199177,
  "summary_bg_mean": 7.582032514236948,
  "summary_bg_median": 5.39650285243988,
  "summary_bg_n": 3366020.0,
  "summary_bg_p05": 0.0,
  "summary_bg_p95": 22.532151520252228,
  "summary_bg_stdv": 7.7647515568659555,
  "summary_csf_k": 1.2559022326450293,
  "summary_csf_mad": 77.6707553006024,
  "summary_csf_mean": 295.68449159757307,
  "summary_csf_median": 281.1087394952774,
  "summary_csf_n": 35080.0,
  "summary_csf_p05": 139.67831408977509,
  "summary_csf_p95": 500.1944905251263,
  "summary_csf_stdv": 104.42389527082402,
  "summary_gm_k": 0.09476060317181156,
  "summary_gm_mad": 56.187907597057844,
  "summary_gm_mean": 732.4483904467814,
  "summary_gm_median": 732.5051777660847,
  "summary_gm_n": 31276.0,
  "summary_gm_p05": 638.3992789983749,
  "summary_gm_p95": 826.4358654022217,
  "summary_gm_stdv": 56.94278164643751,
  "summary_wm_k": 0.5738251707389166,
  "summary_wm_mad": 38.39377134926098,
  "summary_wm_mean": 1000.074305922247,
  "summary_wm_median": 1000.035054564476,
  "summary_wm_n": 187269.0,
  "summary_wm_p05": 934.3308802247047,
  "summary_wm_p95": 1065.3537644147873,
  "summary_wm_stdv": 40.22588280536815,
  "tpm_overlap_csf": 0.15667062081595057,
  "tpm_overlap_gm": 0.4634951586745085,
  "tpm_overlap_wm": 0.5053884163585031,
  "wm2max": 0.5218352285608695
}