{
  "aor": 0.0004317741935483872,
  "aqi": 0.010543893258064516,
  "bids_meta": {
    "CogAtlasID": " ",
    "CogPOID": " ",
    "CoilCombinationMethod": " ",
    "DelayTime": " ",
    "DeviceSerialNumber": "35368 ",
    "EchoTime": 0.03,
    "EffectiveEchoSpacing": 0.00026499894000423993,
    "FlipAngle": 60,
    "GradientSetType": " ",
    "InstitutionAddress": "Perth Drive 100,London//709CAB//,Ontario,CA,N6A 5K8",
    "InstitutionName": "Robarts-CFMM",
    "Instructions": " ",
    "InversionTime": " ",
    "MRTransmitCoilSequence": " ",
    "MagneticFieldStrength": 3,
    "Manufacturer": "SIEMENS ",
    "ManufacturerModelName": "TrioTim ",
    "MatrixCoilMode": " ",
    "MultibandAccelerationFactor": " ",
    "NumberOfVolumesDiscardedByScanner": " ",
    "NumberOfVolumesDiscardedByUser": 10,
    "NumberShots": " ",
    "ParallelAcquisitionTechnique": " ",
    "ParallelReductionFactorInPlane": " ",
    "PartialFourier": " ",
    "PartialFourierDirection": " ",
    "PulseSequenceDetails": " ",
    "PulseSequenceType": " ",
    "ReceiveCoilName": " ",
    "RepetitionTime": 2,
    "SliceTiming": [
      1.005,
      0,
      1.06,
      0.05499999999,
      1.1149999999900002,
      0.11249999999,
      1.17249999999,
      0.16750000001,
      1.2275000000099998,
      0.2225,
      1.2825,
      0.28,
      1.3374999999900001,
      0.33499999999,
      1.39499999999,
      0.39000000001,
      1.45000000001,
      0.44750000001,
      1.505,
      0.5025,
      1.5625,
      0.5575,
      1.6174999999900002,
      0.61249999999,
      1.67249999999,
      0.67000000001,
      1.73000000001,
      0.72500000001,
      1.785,
      0.78,
      1.84,
      0.83749999999,
      1.89499999999,
      0.89249999999,
      1.95250000001,
      0.94750000001
    ],
    "SoftwareVersions": "syngo MR B17",
    "TaskDescription": " ",
    "TaskName": "ep2d_bold_MemoryAndManiupulate_1",
    "TotalReadoutTime": 0.020934916260334956,
    "dataset": "ds001635",
    "modality": "bold",
    "run_id": 1,
    "subject_id": "04",
    "task_id": "WM"
  },
  "dummy_trs": 0,
  "dvars_nstd": 21.145683227055027,
  "dvars_std": 1.062090823106796,
  "dvars_vstd": 0.9787293019417473,
  "efc": 0.4469296556927586,
  "fber": 5156.25244140625,
  "fd_mean": 0.0910009043073877,
  "fd_num": 21,
  "fd_perc": 6.774193548387097,
  "fwhm_avg": 1.6100766666666668,
  "fwhm_x": 1.4879066666666667,
  "fwhm_y": 1.71215,
  "fwhm_z": 1.6301733333333335,
  "gcor": 0.0151931,
  "gsr_x": -0.007170802913606167,
  "gsr_y": 0.004788632970303297,
  "provenance": {
    "md5sum": "f853ffe47244f3b121180e5660a3941e",
    "settings": {
      "fd_thres": 0.2,
      "testing": false
    },
    "software": "mriqc",
    "version": "22.0.6",
    "webapi_port": null,
    "webapi_url": "https://mriqc.nimh.nih.gov/api/v1"
  },
  "size_t": 310,
  "size_x": 80,
  "size_y": 80,
  "size_z": 36,
  "snr": 6.2320887027086735,
  "spacing_tr": 2.0,
  "spacing_x": 3.0,
  "spacing_y": 3.0,
  "spacing_z": 3.0,
  "summary_bg_k": 55.81086007987047,
  "summary_bg_mad": 3.803030659944259,
  "summary_bg_mean": 15.040464401245117,
  "summary_bg_median": 6.783843994140625,
  "summary_bg_n": 156466.0,
  "summary_bg_p05": 2.794915497303009,
  "summary_bg_p95": 54.4856595993042,
  "summary_bg_stdv": 29.729703903198242,
  "summary_fg_k": 3.1383928593911774,
  "summary_fg_mad": 71.04258547088212,
  "summary_fg_mean": 499.1341857910156,
  "summary_fg_median": 491.40118408203125,
  "summary_fg_n": 34218.0,
  "summary_fg_p05": 394.7906021118164,
  "summary_fg_p95": 629.5254760742188,
  "summary_fg_stdv": 78.84900665283203,
  "tsnr": 59.598751068115234
}