{
  "aor": 0.0029929559748427675,
  "aqi": 0.013804704937106919,
  "bids_meta": {
    "CogAtlasID": " ",
    "CogPOID": " ",
    "CoilCombinationMethod": " ",
    "DelayTime": " ",
    "DeviceSerialNumber": "35368 ",
    "EchoTime": 0.03,
    "EffectiveEchoSpacing": 0.00026499894000423993,
    "FlipAngle": 60,
    "GradientSetType": " ",
    "InstitutionAddress": "Perth Drive 100,London//709CAB//,Ontario,CA,N6A 5K8",
    "InstitutionName": "Robarts-CFMM",
    "Instructions": " ",
    "InversionTime": " ",
    "MRTransmitCoilSequence": " ",
    "MagneticFieldStrength": 3,
    "Manufacturer": "SIEMENS ",
    "ManufacturerModelName": "TrioTim ",
    "MatrixCoilMode": " ",
    "MultibandAccelerationFactor": " ",
    "NumberOfVolumesDiscardedByScanner": " ",
    "NumberOfVolumesDiscardedByUser": 10,
    "NumberShots": " ",
    "ParallelAcquisitionTechnique": " ",
    "ParallelReductionFactorInPlane": " ",
    "PartialFourier": " ",
    "PartialFourierDirection": " ",
    "PulseSequenceDetails": " ",
    "PulseSequenceType": " ",
    "ReceiveCoilName": " ",
    "RepetitionTime": 2,
    "SliceTiming": [
      1.0025,
      0,
      1.06,
      0.05500000001,
      1.11500000001,
      0.11,
      1.17,
      0.1675,
      1.2250000000099999,
      0.2225,
      1.2825,
      0.2775,
      1.3374999999900001,
      0.33500000001,
      1.3925,
      0.39,
      1.45,
      0.44500000001,
      1.505,
      0.5,
      1.56,
      0.5575,
      1.61750000001,
      0.6125,
      1.6725,
      0.6675,
      1.7275000000099998,
      0.72500000001,
      1.785,
      0.78,
      1.84,
      0.83500000001,
      1.895,
      0.8925,
      1.95,
      0.94749999999
    ],
    "SoftwareVersions": "syngo MR B17",
    "TaskDescription": " ",
    "TaskName": "ep2d_bold_MemoryAndManiupulate_2",
    "TotalReadoutTime": 0.020934916260334956,
    "dataset": "ds001635",
    "modality": "bold",
    "run_id": 2,
    "subject_id": "13",
    "task_id": "WM"
  },
  "dummy_trs": 0,
  "dvars_nstd": 26.46939224094637,
  "dvars_std": 1.1148447034384856,
  "dvars_vstd": 1.0238057599369084,
  "efc": 0.45668389567025847,
  "fber": 4675.361328125,
  "fd_mean": 0.2646057336564772,
  "fd_num": 140,
  "fd_perc": 44.0251572327044,
  "fwhm_avg": 1.7228111111111113,
  "fwhm_x": 1.58709,
  "fwhm_y": 1.8510266666666666,
  "fwhm_z": 1.7303166666666667,
  "gcor": 0.0971457,
  "gsr_x": -0.006451856344938278,
  "gsr_y": 0.01045244000852108,
  "provenance": {
    "md5sum": "5c49371abef57adf5d0348f19f51a305",
    "settings": {
      "fd_thres": 0.2,
      "testing": false
    },
    "software": "mriqc",
    "version": "22.0.6",
    "webapi_port": null,
    "webapi_url": "https://mriqc.nimh.nih.gov/api/v1"
  },
  "size_t": 318,
  "size_x": 80,
  "size_y": 80,
  "size_z": 36,
  "snr": 5.9304440033310915,
  "spacing_tr": 2.0,
  "spacing_x": 3.0,
  "spacing_y": 3.0,
  "spacing_z": 3.0,
  "summary_bg_k": 35.176480360121346,
  "summary_bg_mad": 5.760160222014312,
  "summary_bg_mean": 21.264881134033203,
  "summary_bg_median": 8.812969207763672,
  "summary_bg_n": 155495.0,
  "summary_bg_p05": 2.9908939599990845,
  "summary_bg_p95": 95.47766342163078,
  "summary_bg_stdv": 41.385414123535156,
  "summary_fg_k": 3.1703029329973473,
  "summary_fg_mad": 91.10017825585385,
  "summary_fg_mean": 615.7142333984375,
  "summary_fg_median": 606.34765625,
  "summary_fg_n": 35162.0,
  "summary_fg_p05": 474.25750732421875,
  "summary_fg_p95": 784.557504272461,
  "summary_fg_stdv": 102.24176025390625,
  "tsnr": 44.18400573730469
}