{
  "aor": 0.002827791411042945,
  "aqi": 0.02027699180981595,
  "bids_meta": {
    "CogAtlasID": " ",
    "CogPOID": " ",
    "CoilCombinationMethod": " ",
    "DelayTime": " ",
    "DeviceSerialNumber": "35368 ",
    "EchoTime": 0.03,
    "EffectiveEchoSpacing": 0.00026499894000423993,
    "FlipAngle": 60,
    "GradientSetType": " ",
    "InstitutionAddress": "Perth Drive 100,London//709CAB//,Ontario,CA,N6A 5K8",
    "InstitutionName": "Robarts-CFMM",
    "Instructions": " ",
    "InversionTime": " ",
    "MRTransmitCoilSequence": " ",
    "MagneticFieldStrength": 3,
    "Manufacturer": "SIEMENS ",
    "ManufacturerModelName": "TrioTim ",
    "MatrixCoilMode": " ",
    "MultibandAccelerationFactor": " ",
    "NumberOfVolumesDiscardedByScanner": " ",
    "NumberOfVolumesDiscardedByUser": 10,
    "NumberShots": " ",
    "ParallelAcquisitionTechnique": " ",
    "ParallelReductionFactorInPlane": " ",
    "PartialFourier": " ",
    "PartialFourierDirection": " ",
    "PulseSequenceDetails": " ",
    "PulseSequenceType": " ",
    "ReceiveCoilName": " ",
    "RepetitionTime": 2,
    "SliceTiming": [
      1.005,
      0,
      1.06,
      0.0575,
      1.11500000001,
      0.1125,
      1.1725,
      0.1675,
      1.2275000000099998,
      0.22500000001,
      1.2825,
      0.28,
      1.34,
      0.33500000001,
      1.395,
      0.39,
      1.45,
      0.44749999999,
      1.5075000000099998,
      0.5025,
      1.5625,
      0.5575,
      1.61750000001,
      0.61500000001,
      1.6725,
      0.67,
      1.73,
      0.72500000001,
      1.785,
      0.7825,
      1.84,
      0.83749999999,
      1.89750000001,
      0.8925,
      1.9525,
      0.95
    ],
    "SoftwareVersions": "syngo MR B17",
    "TaskDescription": " ",
    "TaskName": "ep2d_bold_MemoryAndManiupulate_3",
    "TotalReadoutTime": 0.020934916260334956,
    "dataset": "ds001635",
    "modality": "bold",
    "run_id": 3,
    "subject_id": "13",
    "task_id": "WM"
  },
  "dummy_trs": 0,
  "dvars_nstd": 30.261276004399967,
  "dvars_std": 1.0626853109538459,
  "dvars_vstd": 0.9894483217846158,
  "efc": 0.45707913687932833,
  "fber": 4699.4228515625,
  "fd_mean": 0.4011926518678406,
  "fd_num": 228,
  "fd_perc": 69.93865030674847,
  "fwhm_avg": 1.73295,
  "fwhm_x": 1.5925733333333334,
  "fwhm_y": 1.8700333333333334,
  "fwhm_z": 1.7362433333333334,
  "gcor": 0.0931136,
  "gsr_x": -0.006937304511666298,
  "gsr_y": 0.012140436097979546,
  "provenance": {
    "md5sum": "09038d9ed0af6247da6cbb8e0b1aef02",
    "settings": {
      "fd_thres": 0.2,
      "testing": false
    },
    "software": "mriqc",
    "version": "22.0.6",
    "webapi_port": null,
    "webapi_url": "https://mriqc.nimh.nih.gov/api/v1"
  },
  "size_t": 326,
  "size_x": 80,
  "size_y": 80,
  "size_z": 36,
  "snr": 5.878036154191969,
  "spacing_tr": 2.0,
  "spacing_x": 3.0,
  "spacing_y": 3.0,
  "spacing_z": 3.0,
  "summary_bg_k": 38.72256142135639,
  "summary_bg_mad": 5.712174970166961,
  "summary_bg_mean": 21.457189559936523,
  "summary_bg_median": 8.811841011047363,
  "summary_bg_n": 155540.0,
  "summary_bg_p05": 3.052438008785248,
  "summary_bg_p95": 95.38313369750972,
  "summary_bg_stdv": 41.94819641113281,
  "summary_fg_k": 3.340478213978713,
  "summary_fg_mad": 92.18376103573027,
  "summary_fg_mean": 616.271728515625,
  "summary_fg_median": 606.24755859375,
  "summary_fg_n": 35171.0,
  "summary_fg_p05": 475.12884521484375,
  "summary_fg_p95": 788.7897644042969,
  "summary_fg_stdv": 103.13630676269531,
  "tsnr": 37.13412857055664
}