{
  "bids_meta": {
    "AnatomicalLandmarkCoordinates": " ",
    "CoilCombinationMethod": " ",
    "ContrastBolusIngredient": " ",
    "DeviceSerialNumber": "35368 ",
    "DwellTime": " ",
    "EchoTime": 0.00298,
    "EchoTrainLength": 1,
    "FlipAngle": 9,
    "GradientSetType": " ",
    "HardcopyDeviceSoftwareVersion": "",
    "InstitutionAddress": "Perth Drive 100,London//709CAB//,Ontario,CA,N6A 5K8",
    "InstitutionName": "Robarts-CFMM",
    "InstitutionalDepartmentName": "CFMM",
    "InversionTime": 900,
    "MagneticFieldStrength": 3,
    "Manufacturer": "SIEMENS ",
    "ManufacturersModelName": " ",
    "MatrixCoilMode": " ",
    "MultibandAccelerationFactor": " ",
    "NonlinearGradientCorrection": " ",
    "NumberShots": " ",
    "ParallelAcquisitionTechnique": " ",
    "ParallelReductionFactorInPlane": " ",
    "PartialFourier": " ",
    "PartialFourierDirection": " ",
    "PulseSequenceDetails": " ",
    "PulseSequenceType": "MPRAGE ADNI iPAT2 ",
    "ReceiveCoilActiveElements": " ",
    "ReceiveCoilName": " ",
    "ScanOptions": "IR",
    "ScanningSequence": "GR\\IR ",
    "SequenceName": "*tfl3d1_ns",
    "SequenceVariant": "SP\\MP ",
    "SliceEncodingDirection": " ",
    "SoftwareVersions": "syngo MR B17",
    "StationName": "MRC35368",
    "WaterFatShift": " ",
    "dataset": "ds001635",
    "modality": "T1w",
    "subject_id": "08"
  },
  "cjv": 0.3559481450568338,
  "cnr": 3.740243582461968,
  "efc": 0.5746072125179053,
  "fber": 1521.4112756014467,
  "fwhm_avg": 3.9588,
  "fwhm_x": 3.89922,
  "fwhm_y": 4.17674,
  "fwhm_z": 3.80044,
  "icvs_csf": 0.19519837197428172,
  "icvs_gm": 0.44431775391593714,
  "icvs_wm": 0.3604838741097811,
  "inu_med": 0.4242449849843979,
  "inu_range": 0.1298036351799965,
  "provenance": {
    "md5sum": "5f21e05fb69b36fced8e60c669926346",
    "settings": {
      "testing": false
    },
    "software": "mriqc",
    "version": "22.0.6",
    "warnings": {
      "large_rot_frame": true,
      "small_air_mask": false
    },
    "webapi_port": null,
    "webapi_url": "https://mriqc.nimh.nih.gov/api/v1"
  },
  "qi_1": 8.536345353433491e-05,
  "qi_2": 0.005733467188938355,
  "rpve_csf": 25.78854185462115,
  "rpve_gm": 12.154827629793443,
  "rpve_wm": 16.815911933160173,
  "size_x": 192,
  "size_y": 240,
  "size_z": 256,
  "snr_csf": 2.933731281352684,
  "snr_gm": 13.19327586299992,
  "snr_total": 13.636914640283486,
  "snr_wm": 24.783736776497854,
  "snrd_csf": 18.895246246201335,
  "snrd_gm": 47.338543521589784,
  "snrd_total": 43.43630270755015,
  "snrd_wm": 64.07511835485931,
  "spacing_x": 1.0,
  "spacing_y": 1.0,
  "spacing_z": 1.0,
  "summary_bg_k": 2.3501466700511155,
  "summary_bg_mad": 10.224842549906345,
  "summary_bg_mean": 9.669584810813422,
  "summary_bg_median": 6.896551497280598,
  "summary_bg_n": 2728583.0,
  "summary_bg_p05": 0.0,
  "summary_bg_p95": 30.490017145872116,
  "summary_bg_stdv": 10.643492330421966,
  "summary_csf_k": 1.7286722053739005,
  "summary_csf_mad": 81.06490002485556,
  "summary_csf_mean": 308.81643546719584,
  "summary_csf_median": 294.901821680367,
  "summary_csf_n": 34101.0,
  "summary_csf_p05": 168.42104709148407,
  "summary_csf_p95": 502.65631080418825,
  "summary_csf_stdv": 100.51960095195426,
  "summary_gm_k": 0.12272743018354815,
  "summary_gm_mad": 54.81787596732086,
  "summary_gm_mean": 738.6572128158363,
  "summary_gm_median": 738.8219522684813,
  "summary_gm_n": 42136.0,
  "summary_gm_p05": 646.5599523335695,
  "summary_gm_p95": 830.0610187277198,
  "summary_gm_stdv": 55.99922208689255,
  "summary_wm_k": 0.7124858475941367,
  "summary_wm_mad": 38.159699468549995,
  "summary_wm_mean": 1000.8096052700947,
  "summary_wm_median": 1000.0329649597406,
  "summary_wm_n": 220006.0,
  "summary_wm_p05": 936.2151152193546,
  "summary_wm_p95": 1067.216595813632,
  "summary_wm_stdv": 40.35027894442726,
  "tpm_overlap_csf": 0.15300970777338718,
  "tpm_overlap_gm": 0.4694447245720172,
  "tpm_overlap_wm": 0.5011791908662948,
  "wm2max": 0.524881374964736
}