{
  "aor": 0.00022628205128205126,
  "aqi": 0.00942769766025641,
  "bids_meta": {
    "CogAtlasID": " ",
    "CogPOID": " ",
    "CoilCombinationMethod": " ",
    "DelayTime": " ",
    "DeviceSerialNumber": "35368 ",
    "EchoTime": 0.03,
    "EffectiveEchoSpacing": 0.00026499894000423993,
    "FlipAngle": 60,
    "GradientSetType": " ",
    "InstitutionAddress": "Perth Drive 100,London//709CAB//,Ontario,CA,N6A 5K8",
    "InstitutionName": "Robarts-CFMM",
    "Instructions": " ",
    "InversionTime": " ",
    "MRTransmitCoilSequence": " ",
    "MagneticFieldStrength": 3,
    "Manufacturer": "SIEMENS ",
    "ManufacturerModelName": "TrioTim ",
    "MatrixCoilMode": " ",
    "MultibandAccelerationFactor": " ",
    "NumberOfVolumesDiscardedByScanner": " ",
    "NumberOfVolumesDiscardedByUser": 10,
    "NumberShots": " ",
    "ParallelAcquisitionTechnique": " ",
    "ParallelReductionFactorInPlane": " ",
    "PartialFourier": " ",
    "PartialFourierDirection": " ",
    "PulseSequenceDetails": " ",
    "PulseSequenceType": " ",
    "ReceiveCoilName": " ",
    "RepetitionTime": 2,
    "SliceTiming": [
      1.005,
      0,
      1.06,
      0.05500000002,
      1.11500000002,
      0.11250000002,
      1.17250000002,
      0.16750000001,
      1.2275000000099998,
      0.2225,
      1.2825,
      0.28,
      1.33750000002,
      0.33500000002,
      1.39500000002,
      0.39000000001,
      1.45000000001,
      0.44750000001,
      1.505,
      0.5025,
      1.5625,
      0.5575,
      1.61750000002,
      0.61250000002,
      1.67250000002,
      0.67000000001,
      1.73000000001,
      0.72500000001,
      1.785,
      0.78,
      1.84,
      0.83750000002,
      1.89750000002,
      0.89250000002,
      1.95250000001,
      0.94750000001
    ],
    "SoftwareVersions": "syngo MR B17",
    "TaskDescription": " ",
    "TaskName": "ep2d_bold_MemoryAndManiupulate_1",
    "TotalReadoutTime": 0.020934916260334956,
    "dataset": "ds001635",
    "modality": "bold",
    "run_id": 1,
    "subject_id": "15",
    "task_id": "WM"
  },
  "dummy_trs": 0,
  "dvars_nstd": 21.868868487234714,
  "dvars_std": 1.065034804212219,
  "dvars_vstd": 0.9658200801607719,
  "efc": 0.48454100687143037,
  "fber": 4504.37548828125,
  "fd_mean": 0.1085918516271939,
  "fd_num": 11,
  "fd_perc": 3.5256410256410255,
  "fwhm_avg": 1.6830022222222223,
  "fwhm_x": 1.5293466666666669,
  "fwhm_y": 1.88692,
  "fwhm_z": 1.63274,
  "gcor": 0.00851622,
  "gsr_x": -0.006666759494692087,
  "gsr_y": 0.020831717178225517,
  "provenance": {
    "md5sum": "624d53e7af82cb44b45bca7e0e26168c",
    "settings": {
      "fd_thres": 0.2,
      "testing": false
    },
    "software": "mriqc",
    "version": "22.0.6",
    "webapi_port": null,
    "webapi_url": "https://mriqc.nimh.nih.gov/api/v1"
  },
  "size_t": 312,
  "size_x": 80,
  "size_y": 80,
  "size_z": 36,
  "snr": 6.371846586611605,
  "spacing_tr": 2.0,
  "spacing_x": 3.0,
  "spacing_y": 3.0,
  "spacing_z": 3.0,
  "summary_bg_k": 34.90080168390083,
  "summary_bg_mad": 5.912999988242693,
  "summary_bg_mean": 20.322710037231445,
  "summary_bg_median": 8.985862731933594,
  "summary_bg_n": 146900.0,
  "summary_bg_p05": 2.8365403175354005,
  "summary_bg_p95": 85.14120368957515,
  "summary_bg_stdv": 39.133792877197266,
  "summary_fg_k": 5.098499033213315,
  "summary_fg_mad": 79.94686328157528,
  "summary_fg_mean": 618.4520874023438,
  "summary_fg_median": 612.3787841796875,
  "summary_fg_n": 41158.0,
  "summary_fg_p05": 486.6329315185547,
  "summary_fg_p95": 769.3445678710938,
  "summary_fg_stdv": 96.10578918457031,
  "tsnr": 62.668907165527344
}