{
  "aor": 0.0003919426751592357,
  "aqi": 0.008957340477707007,
  "bids_meta": {
    "CogAtlasID": " ",
    "CogPOID": " ",
    "CoilCombinationMethod": " ",
    "DelayTime": " ",
    "DeviceSerialNumber": "35368 ",
    "EchoTime": 0.03,
    "EffectiveEchoSpacing": 0.00026499894000423993,
    "FlipAngle": 60,
    "GradientSetType": " ",
    "InstitutionAddress": "Perth Drive 100,London//709CAB//,Ontario,CA,N6A 5K8",
    "InstitutionName": "Robarts-CFMM",
    "Instructions": " ",
    "InversionTime": " ",
    "MRTransmitCoilSequence": " ",
    "MagneticFieldStrength": 3,
    "Manufacturer": "SIEMENS ",
    "ManufacturerModelName": "TrioTim ",
    "MatrixCoilMode": " ",
    "MultibandAccelerationFactor": " ",
    "NumberOfVolumesDiscardedByScanner": " ",
    "NumberOfVolumesDiscardedByUser": 10,
    "NumberShots": " ",
    "ParallelAcquisitionTechnique": " ",
    "ParallelReductionFactorInPlane": " ",
    "PartialFourier": " ",
    "PartialFourierDirection": " ",
    "PulseSequenceDetails": " ",
    "PulseSequenceType": " ",
    "ReceiveCoilName": " ",
    "RepetitionTime": 2,
    "SliceTiming": [
      1.0025,
      0,
      1.0600000000299998,
      0.05500000002,
      1.11500000002,
      0.11000000002,
      1.17000000001,
      0.16750000001,
      1.2275000000099998,
      0.2225,
      1.2825,
      0.27750000003,
      1.33750000002,
      0.33500000002,
      1.39250000002,
      0.39000000001,
      1.45000000001,
      0.44500000001,
      1.505,
      0.5025,
      1.5600000000299998,
      0.55750000002,
      1.61750000002,
      0.61250000002,
      1.67250000002,
      0.66750000001,
      1.7275000000099998,
      0.72500000001,
      1.785,
      0.78000000003,
      1.8400000000299999,
      0.83500000002,
      1.89500000002,
      0.89250000002,
      1.95250000001,
      0.94750000001
    ],
    "SoftwareVersions": "syngo MR B17",
    "TaskDescription": " ",
    "TaskName": "ep2d_bold_MemoryAndManiupulate_2",
    "TotalReadoutTime": 0.020934916260334956,
    "dataset": "ds001635",
    "modality": "bold",
    "run_id": 2,
    "subject_id": "08",
    "task_id": "WM"
  },
  "dummy_trs": 0,
  "dvars_nstd": 21.621327262971217,
  "dvars_std": 1.0869207998402555,
  "dvars_vstd": 0.9933767071884987,
  "efc": 0.4717455721858098,
  "fber": 4772.357421875,
  "fd_mean": 0.12809124998169683,
  "fd_num": 43,
  "fd_perc": 13.694267515923567,
  "fwhm_avg": 1.5579666666666665,
  "fwhm_x": 1.4118233333333334,
  "fwhm_y": 1.7040966666666666,
  "fwhm_z": 1.55798,
  "gcor": 0.0287391,
  "gsr_x": -0.006572434213012457,
  "gsr_y": 0.011937371455132961,
  "provenance": {
    "md5sum": "ed4baef90bb69392aa1470f5364acdcb",
    "settings": {
      "fd_thres": 0.2,
      "testing": false
    },
    "software": "mriqc",
    "version": "22.0.6",
    "webapi_port": null,
    "webapi_url": "https://mriqc.nimh.nih.gov/api/v1"
  },
  "size_t": 314,
  "size_x": 80,
  "size_y": 80,
  "size_z": 36,
  "snr": 6.059913474028947,
  "spacing_tr": 2.0,
  "spacing_x": 3.0,
  "spacing_y": 3.0,
  "spacing_z": 3.0,
  "summary_bg_k": 48.12887042950456,
  "summary_bg_mad": 5.200903389510096,
  "summary_bg_mean": 19.388200759887695,
  "summary_bg_median": 8.4320650100708,
  "summary_bg_n": 149881.0,
  "summary_bg_p05": 2.989893913269043,
  "summary_bg_p95": 63.729488372802734,
  "summary_bg_stdv": 44.73073959350586,
  "summary_fg_k": 3.957906564206584,
  "summary_fg_mad": 79.87311323225386,
  "summary_fg_mean": 594.9963989257812,
  "summary_fg_median": 584.566162109375,
  "summary_fg_n": 39979.0,
  "summary_fg_p05": 470.91663513183596,
  "summary_fg_p95": 756.5316650390624,
  "summary_fg_stdv": 96.4632339477539,
  "tsnr": 62.445823669433594
}