{
  "aor": 0.002047731629392971,
  "aqi": 0.007628004025559104,
  "bids_meta": {
    "CogAtlasID": " ",
    "CogPOID": " ",
    "CoilCombinationMethod": " ",
    "DelayTime": " ",
    "DeviceSerialNumber": "35368 ",
    "EchoTime": 0.03,
    "EffectiveEchoSpacing": 0.00026499894000423993,
    "FlipAngle": 60,
    "GradientSetType": " ",
    "InstitutionAddress": "Perth Drive 100,London//709CAB//,Ontario,CA,N6A 5K8",
    "InstitutionName": "Robarts Research Institute",
    "Instructions": " ",
    "InversionTime": " ",
    "MRTransmitCoilSequence": " ",
    "MagneticFieldStrength": 3,
    "Manufacturer": "SIEMENS ",
    "ManufacturerModelName": "TrioTim ",
    "MatrixCoilMode": " ",
    "MultibandAccelerationFactor": " ",
    "NumberOfVolumesDiscardedByScanner": " ",
    "NumberOfVolumesDiscardedByUser": 10,
    "NumberShots": " ",
    "ParallelAcquisitionTechnique": " ",
    "ParallelReductionFactorInPlane": " ",
    "PartialFourier": " ",
    "PartialFourierDirection": " ",
    "PulseSequenceDetails": " ",
    "PulseSequenceType": " ",
    "ReceiveCoilName": " ",
    "RepetitionTime": 2,
    "SliceTiming": [
      1.005,
      0,
      1.06,
      0.0575,
      1.1149999999900002,
      0.11249999999,
      1.17249999999,
      0.16749999998,
      1.22749999998,
      0.2225,
      1.2825,
      0.28,
      1.34,
      0.33499999999,
      1.39499999999,
      0.38999999998,
      1.44999999998,
      0.44749999998,
      1.505,
      0.5025,
      1.5625,
      0.5575,
      1.6174999999900002,
      0.61499999999,
      1.67249999999,
      0.66999999998,
      1.72999999998,
      0.72500000001,
      1.785,
      0.78,
      1.84,
      0.83749999999,
      1.8974999999900002,
      0.89249999999,
      1.95249999998,
      0.94749999998
    ],
    "SoftwareVersions": "syngo MR B17",
    "TaskDescription": " ",
    "TaskName": "ep2d_bold_MemoryAndManiupulate_3",
    "TotalReadoutTime": 0.020934916260334956,
    "dataset": "ds001635",
    "modality": "bold",
    "run_id": 2,
    "subject_id": "02",
    "task_id": "WM"
  },
  "dummy_trs": 0,
  "dvars_nstd": 23.874353971378213,
  "dvars_std": 1.1166829176923077,
  "dvars_vstd": 1.0155034791346158,
  "efc": 0.44516336618742186,
  "fber": 4980.6025390625,
  "fd_mean": 0.08272277576534033,
  "fd_num": 20,
  "fd_perc": 6.389776357827476,
  "fwhm_avg": 1.703548888888889,
  "fwhm_x": 1.6189733333333332,
  "fwhm_y": 1.8024366666666667,
  "fwhm_z": 1.6892366666666667,
  "gcor": 0.0244334,
  "gsr_x": -0.00046421890147030354,
  "gsr_y": 0.00475772749632597,
  "provenance": {
    "md5sum": "1114e953ad863b927b566e83404fbbd7",
    "settings": {
      "fd_thres": 0.2,
      "testing": false
    },
    "software": "mriqc",
    "version": "22.0.6",
    "webapi_port": null,
    "webapi_url": "https://mriqc.nimh.nih.gov/api/v1"
  },
  "size_t": 313,
  "size_x": 80,
  "size_y": 80,
  "size_z": 36,
  "snr": 5.975068672868572,
  "spacing_tr": 2.0,
  "spacing_x": 3.0,
  "spacing_y": 3.0,
  "spacing_z": 3.0,
  "summary_bg_k": 67.18072647136115,
  "summary_bg_mad": 4.01625504645412,
  "summary_bg_mean": 13.37779426574707,
  "summary_bg_median": 6.34835958480835,
  "summary_bg_n": 156131.0,
  "summary_bg_p05": 2.4810606241226196,
  "summary_bg_p95": 46.92115783691406,
  "summary_bg_stdv": 23.188135147094727,
  "summary_fg_k": 3.24739961726228,
  "summary_fg_mad": 71.21331909733264,
  "summary_fg_mean": 463.9231262207031,
  "summary_fg_median": 457.7986145019531,
  "summary_fg_n": 34133.0,
  "summary_fg_p05": 357.93071899414065,
  "summary_fg_p95": 587.2174316406249,
  "summary_fg_stdv": 76.61701202392578,
  "tsnr": 62.12564468383789
}