{
  "aor": 0.00036191275167785233,
  "aqi": 0.004917989630872484,
  "bids_meta": {
    "CogAtlasID": " ",
    "CogPOID": " ",
    "CoilCombinationMethod": " ",
    "DelayTime": " ",
    "DeviceSerialNumber": "35368 ",
    "EchoTime": 0.03,
    "EffectiveEchoSpacing": 0.00026499894000423993,
    "FlipAngle": 60,
    "GradientSetType": " ",
    "InstitutionAddress": "Perth Drive 100,London//709CAB//,Ontario,CA,N6A 5K8",
    "InstitutionName": "Robarts Research Institute",
    "Instructions": " ",
    "InversionTime": " ",
    "MRTransmitCoilSequence": " ",
    "MagneticFieldStrength": 3,
    "Manufacturer": "SIEMENS ",
    "ManufacturerModelName": "TrioTim ",
    "MatrixCoilMode": " ",
    "MultibandAccelerationFactor": " ",
    "NumberOfVolumesDiscardedByScanner": " ",
    "NumberOfVolumesDiscardedByUser": 10,
    "NumberShots": " ",
    "ParallelAcquisitionTechnique": " ",
    "ParallelReductionFactorInPlane": " ",
    "PartialFourier": " ",
    "PartialFourierDirection": " ",
    "PulseSequenceDetails": " ",
    "PulseSequenceType": " ",
    "ReceiveCoilName": " ",
    "RepetitionTime": 2,
    "SliceTiming": [
      1.005,
      0,
      1.06,
      0.057500000020000004,
      1.11500000002,
      0.11250000002,
      1.17250000002,
      0.16750000001,
      1.2275000000099998,
      0.2225,
      1.2825,
      0.28,
      1.3400000000299999,
      0.33500000002,
      1.39500000002,
      0.39000000001,
      1.45000000001,
      0.44750000001,
      1.505,
      0.5025,
      1.5625,
      0.55750000002,
      1.61750000002,
      0.61500000002,
      1.67250000002,
      0.67000000001,
      1.73000000001,
      0.72500000001,
      1.785,
      0.7825,
      1.8400000000299999,
      0.83750000002,
      1.89750000002,
      0.89250000002,
      1.95250000001,
      0.94750000001
    ],
    "SoftwareVersions": "syngo MR B17",
    "TaskDescription": " ",
    "TaskName": "ep2d_bold_MemoryAndManiupulate_2",
    "TotalReadoutTime": 0.020934916260334956,
    "dataset": "ds001635",
    "modality": "bold",
    "run_id": 2,
    "subject_id": "14",
    "task_id": "WM"
  },
  "dummy_trs": 0,
  "dvars_nstd": 18.985555327643095,
  "dvars_std": 1.0968145162626262,
  "dvars_vstd": 1.0037554272053868,
  "efc": 0.44701129905663317,
  "fber": 5953.94677734375,
  "fd_mean": 0.051777255044434485,
  "fd_num": 2,
  "fd_perc": 0.6711409395973155,
  "fwhm_avg": 1.6161144444444444,
  "fwhm_x": 1.50284,
  "fwhm_y": 1.7182733333333333,
  "fwhm_z": 1.62723,
  "gcor": 0.0083448,
  "gsr_x": -0.005369999911636114,
  "gsr_y": 0.007715476676821709,
  "provenance": {
    "md5sum": "7e57f5d18c25c9090b0d630f5363a8b2",
    "settings": {
      "fd_thres": 0.2,
      "testing": false
    },
    "software": "mriqc",
    "version": "22.0.6",
    "webapi_port": null,
    "webapi_url": "https://mriqc.nimh.nih.gov/api/v1"
  },
  "size_t": 298,
  "size_x": 80,
  "size_y": 80,
  "size_z": 36,
  "snr": 5.5790861057426095,
  "spacing_tr": 2.0,
  "spacing_x": 3.0,
  "spacing_y": 3.0,
  "spacing_z": 3.0,
  "summary_bg_k": 58.501945053662446,
  "summary_bg_mad": 3.375749441726339,
  "summary_bg_mean": 14.383359909057617,
  "summary_bg_median": 6.485934257507324,
  "summary_bg_n": 155348.0,
  "summary_bg_p05": 2.5965407371521,
  "summary_bg_p95": 53.383596038818354,
  "summary_bg_stdv": 30.698474884033203,
  "summary_fg_k": 4.779390867830921,
  "summary_fg_mad": 73.3670241419486,
  "summary_fg_mean": 513.4194946289062,
  "summary_fg_median": 501.7869873046875,
  "summary_fg_n": 35886.0,
  "summary_fg_p05": 405.218994140625,
  "summary_fg_p95": 658.0399780273438,
  "summary_fg_stdv": 89.93946075439453,
  "tsnr": 79.1005859375
}