{
  "aor": 0.00041079470198675505,
  "aqi": 0.005743305794701986,
  "bids_meta": {
    "CogAtlasID": " ",
    "CogPOID": " ",
    "CoilCombinationMethod": " ",
    "DelayTime": " ",
    "DeviceSerialNumber": "35368 ",
    "EchoTime": 0.03,
    "EffectiveEchoSpacing": 0.00026499894000423993,
    "FlipAngle": 60,
    "GradientSetType": " ",
    "InstitutionAddress": "Perth Drive 100,London//709CAB//,Ontario,CA,N6A 5K8",
    "InstitutionName": "Robarts Research Institute",
    "Instructions": " ",
    "InversionTime": " ",
    "MRTransmitCoilSequence": " ",
    "MagneticFieldStrength": 3,
    "Manufacturer": "SIEMENS ",
    "ManufacturerModelName": "TrioTim ",
    "MatrixCoilMode": " ",
    "MultibandAccelerationFactor": " ",
    "NumberOfVolumesDiscardedByScanner": " ",
    "NumberOfVolumesDiscardedByUser": 10,
    "NumberShots": " ",
    "ParallelAcquisitionTechnique": " ",
    "ParallelReductionFactorInPlane": " ",
    "PartialFourier": " ",
    "PartialFourierDirection": " ",
    "PulseSequenceDetails": " ",
    "PulseSequenceType": " ",
    "ReceiveCoilName": " ",
    "RepetitionTime": 2,
    "SliceTiming": [
      1.005,
      0,
      1.06,
      0.057500000020000004,
      1.11500000002,
      0.11250000002,
      1.17250000002,
      0.16750000001,
      1.2275000000099998,
      0.2225,
      1.2825,
      0.28,
      1.34,
      0.33500000002,
      1.39500000002,
      0.39000000001,
      1.45000000001,
      0.44750000001,
      1.505,
      0.5025,
      1.5625,
      0.55750000002,
      1.61750000002,
      0.61500000002,
      1.67250000002,
      0.67000000001,
      1.73000000001,
      0.72500000001,
      1.785,
      0.7825,
      1.84,
      0.83750000002,
      1.89750000002,
      0.89250000002,
      1.95250000001,
      0.94750000001
    ],
    "SoftwareVersions": "syngo MR B17",
    "TaskDescription": " ",
    "TaskName": "ep2d_bold_MemoryAndManiupulate_1",
    "TotalReadoutTime": 0.020934916260334956,
    "dataset": "ds001635",
    "modality": "bold",
    "run_id": 1,
    "subject_id": "14",
    "task_id": "WM"
  },
  "dummy_trs": 0,
  "dvars_nstd": 18.519062891096333,
  "dvars_std": 1.0813237184385378,
  "dvars_vstd": 0.9989363287707647,
  "efc": 0.4462680231445481,
  "fber": 6047.46240234375,
  "fd_mean": 0.04441442956749415,
  "fd_num": 0,
  "fd_perc": 0.0,
  "fwhm_avg": 1.6199877777777776,
  "fwhm_x": 1.5099966666666667,
  "fwhm_y": 1.7156900000000002,
  "fwhm_z": 1.6342766666666666,
  "gcor": 0.018295,
  "gsr_x": -0.005214476026594639,
  "gsr_y": 0.007402332499623299,
  "provenance": {
    "md5sum": "fea58223e28c1a99784944fde8322a1b",
    "settings": {
      "fd_thres": 0.2,
      "testing": false
    },
    "software": "mriqc",
    "version": "22.0.6",
    "webapi_port": null,
    "webapi_url": "https://mriqc.nimh.nih.gov/api/v1"
  },
  "size_t": 302,
  "size_x": 80,
  "size_y": 80,
  "size_z": 36,
  "snr": 5.575473389396712,
  "spacing_tr": 2.0,
  "spacing_x": 3.0,
  "spacing_y": 3.0,
  "spacing_z": 3.0,
  "summary_bg_k": 56.889799876884375,
  "summary_bg_mad": 3.3702358620229482,
  "summary_bg_mean": 14.298351287841797,
  "summary_bg_median": 6.449328422546387,
  "summary_bg_n": 155450.0,
  "summary_bg_p05": 2.62009117603302,
  "summary_bg_p95": 53.09450531005853,
  "summary_bg_stdv": 30.36667823791504,
  "summary_fg_k": 4.8670012277442485,
  "summary_fg_mad": 72.87269520706448,
  "summary_fg_mean": 514.4013671875,
  "summary_fg_median": 502.6285095214844,
  "summary_fg_n": 35805.0,
  "summary_fg_p05": 406.0947509765625,
  "summary_fg_p95": 659.5549804687499,
  "summary_fg_stdv": 90.14866638183594,
  "tsnr": 74.397216796875
}