{
  "aor": 0.0003491666666666667,
  "aqi": 0.0048763163333333335,
  "bids_meta": {
    "CogAtlasID": " ",
    "CogPOID": " ",
    "CoilCombinationMethod": " ",
    "DelayTime": " ",
    "DeviceSerialNumber": "35368 ",
    "EchoTime": 0.03,
    "EffectiveEchoSpacing": 0.00026499894000423993,
    "FlipAngle": 60,
    "GradientSetType": " ",
    "InstitutionAddress": "Perth Drive 100,London//709CAB//,Ontario,CA,N6A 5K8",
    "InstitutionName": "Robarts Research Institute",
    "Instructions": " ",
    "InversionTime": " ",
    "MRTransmitCoilSequence": " ",
    "MagneticFieldStrength": 3,
    "Manufacturer": "SIEMENS ",
    "ManufacturerModelName": "TrioTim ",
    "MatrixCoilMode": " ",
    "MultibandAccelerationFactor": " ",
    "NumberOfVolumesDiscardedByScanner": " ",
    "NumberOfVolumesDiscardedByUser": 10,
    "NumberShots": " ",
    "ParallelAcquisitionTechnique": " ",
    "ParallelReductionFactorInPlane": " ",
    "PartialFourier": " ",
    "PartialFourierDirection": " ",
    "PulseSequenceDetails": " ",
    "PulseSequenceType": " ",
    "ReceiveCoilName": " ",
    "RepetitionTime": 2,
    "SliceTiming": [
      1.005,
      0,
      1.06,
      0.0575,
      1.1174999999900002,
      0.11249999999,
      1.17249999999,
      0.16749999998,
      1.22749999998,
      0.22500000001,
      1.285,
      0.28,
      1.34,
      0.33499999999,
      1.39499999999,
      0.39249999999,
      1.44999999998,
      0.44749999998,
      1.50749999998,
      0.5025,
      1.5625,
      0.56,
      1.6174999999900002,
      0.61499999999,
      1.67499999999,
      0.66999999998,
      1.72999999998,
      0.72500000001,
      1.785,
      0.7825,
      1.8425,
      0.83749999999,
      1.8974999999900002,
      0.89249999999,
      1.95249999998,
      0.94999999998
    ],
    "SoftwareVersions": "syngo MR B17",
    "TaskDescription": " ",
    "TaskName": "ep2d_bold_MemoryAndManiupulate_3",
    "TotalReadoutTime": 0.020934916260334956,
    "dataset": "ds001635",
    "modality": "bold",
    "run_id": 3,
    "subject_id": "14",
    "task_id": "WM"
  },
  "dummy_trs": 0,
  "dvars_nstd": 19.049977215986633,
  "dvars_std": 1.0897432443478257,
  "dvars_vstd": 0.9946444993979928,
  "efc": 0.4469205521693397,
  "fber": 5979.8984375,
  "fd_mean": 0.052061005497181304,
  "fd_num": 3,
  "fd_perc": 1.0,
  "fwhm_avg": 1.619378888888889,
  "fwhm_x": 1.5015599999999998,
  "fwhm_y": 1.7173666666666667,
  "fwhm_z": 1.63921,
  "gcor": 0.0089551,
  "gsr_x": -0.005236715078353882,
  "gsr_y": 0.007209911942481995,
  "provenance": {
    "md5sum": "f4e2f31074a7008c81d071de3aaa9871",
    "settings": {
      "fd_thres": 0.2,
      "testing": false
    },
    "software": "mriqc",
    "version": "22.0.6",
    "webapi_port": null,
    "webapi_url": "https://mriqc.nimh.nih.gov/api/v1"
  },
  "size_t": 300,
  "size_x": 80,
  "size_y": 80,
  "size_z": 36,
  "snr": 5.5745740968403785,
  "spacing_tr": 2.0,
  "spacing_x": 3.0,
  "spacing_y": 3.0,
  "spacing_z": 3.0,
  "summary_bg_k": 54.16995837248379,
  "summary_bg_mad": 3.3391473035594776,
  "summary_bg_mean": 14.346834182739258,
  "summary_bg_median": 6.459913730621338,
  "summary_bg_n": 155337.0,
  "summary_bg_p05": 2.6238324642181396,
  "summary_bg_p95": 53.38046569824201,
  "summary_bg_stdv": 30.47024154663086,
  "summary_fg_k": 4.814219887543404,
  "summary_fg_mad": 72.7865026647594,
  "summary_fg_mean": 512.7073974609375,
  "summary_fg_median": 501.0943908691406,
  "summary_fg_n": 35861.0,
  "summary_fg_p05": 404.4529113769531,
  "summary_fg_p95": 657.6260375976562,
  "summary_fg_stdv": 89.88801574707031,
  "tsnr": 79.28140258789062
}