{
  "bids_meta": {
    "AnatomicalLandmarkCoordinates": " ",
    "CoilCombinationMethod": " ",
    "ContrastBolusIngredient": " ",
    "DeviceSerialNumber": "35368 ",
    "DwellTime": " ",
    "EchoTime": 0.00298,
    "EchoTrainLength": 1,
    "FlipAngle": 9,
    "GradientSetType": " ",
    "HardcopyDeviceSoftwareVersion": "",
    "InstitutionAddress": "Perth Drive 100,London//709CAB//,Ontario,CA,N6A 5K8",
    "InstitutionName": "Robarts-CFMM",
    "InstitutionalDepartmentName": "CFMM",
    "InversionTime": 900,
    "MagneticFieldStrength": 3,
    "Manufacturer": "SIEMENS ",
    "ManufacturersModelName": " ",
    "MatrixCoilMode": " ",
    "MultibandAccelerationFactor": " ",
    "NonlinearGradientCorrection": " ",
    "NumberShots": " ",
    "ParallelAcquisitionTechnique": " ",
    "ParallelReductionFactorInPlane": " ",
    "PartialFourier": " ",
    "PartialFourierDirection": " ",
    "PulseSequenceDetails": " ",
    "PulseSequenceType": "MPRAGE ADNI iPAT2 ",
    "ReceiveCoilActiveElements": " ",
    "ReceiveCoilName": " ",
    "ScanOptions": "IR",
    "ScanningSequence": "GR\\IR ",
    "SequenceName": "*tfl3d1_ns",
    "SequenceVariant": "SP\\MP ",
    "SliceEncodingDirection": " ",
    "SoftwareVersions": "syngo MR B17",
    "StationName": "MRC35368",
    "WaterFatShift": " ",
    "dataset": "ds001635",
    "modality": "T1w",
    "subject_id": "07"
  },
  "cjv": 0.31037563789400663,
  "cnr": 4.306206453030448,
  "efc": 0.5484314279637289,
  "fber": 1666.4244455736036,
  "fwhm_avg": 4.074813333333332,
  "fwhm_x": 4.16114,
  "fwhm_y": 4.18649,
  "fwhm_z": 3.87681,
  "icvs_csf": 0.2056372869307824,
  "icvs_gm": 0.46882253359723364,
  "icvs_wm": 0.32554017947198394,
  "inu_med": 0.4680132567882538,
  "inu_range": 0.15999948978424072,
  "provenance": {
    "md5sum": "171bca86f613f076f84b77ae80c4b5d7",
    "settings": {
      "testing": false
    },
    "software": "mriqc",
    "version": "22.0.6",
    "warnings": {
      "large_rot_frame": true,
      "small_air_mask": false
    },
    "webapi_port": null,
    "webapi_url": "https://mriqc.nimh.nih.gov/api/v1"
  },
  "qi_1": 0.00016504948456105923,
  "qi_2": 0.00459610372768097,
  "rpve_csf": 26.458302966029986,
  "rpve_gm": 12.381309605031317,
  "rpve_wm": 19.557440042179874,
  "size_x": 192,
  "size_y": 240,
  "size_z": 256,
  "snr_csf": 2.087936394566788,
  "snr_gm": 11.877359278761237,
  "snr_total": 13.380431359863671,
  "snr_wm": 26.175998406262988,
  "snrd_csf": 15.346305406945447,
  "snrd_gm": 42.76330803993238,
  "snrd_total": 39.85661117643222,
  "snrd_wm": 61.46022008241882,
  "spacing_x": 1.0,
  "spacing_y": 1.0,
  "spacing_z": 1.0,
  "summary_bg_k": 0.9727531222755288,
  "summary_bg_mad": 10.659167507145462,
  "summary_bg_mean": 9.311858054632891,
  "summary_bg_median": 7.189499229192734,
  "summary_bg_n": 3073678.0,
  "summary_bg_p05": 0.0,
  "summary_bg_p95": 28.82395562529564,
  "summary_bg_stdv": 9.977454016983176,
  "summary_csf_k": 0.1327838683311171,
  "summary_csf_mad": 105.41818874039274,
  "summary_csf_mean": 273.16481633509363,
  "summary_csf_median": 249.68669112026691,
  "summary_csf_n": 37134.0,
  "summary_csf_p05": 99.3997737467289,
  "summary_csf_p95": 498.5818777382374,
  "summary_csf_stdv": 119.58378127737059,
  "summary_gm_k": 0.023986530009288298,
  "summary_gm_mad": 58.13646865135759,
  "summary_gm_mean": 694.3181593538577,
  "summary_gm_median": 695.7654368728399,
  "summary_gm_n": 69226.0,
  "summary_gm_p05": 595.2443650811911,
  "summary_gm_p95": 788.4621568657458,
  "summary_gm_stdv": 58.578712254671174,
  "summary_wm_k": 0.5035988737552612,
  "summary_wm_mad": 36.28028573532997,
  "summary_wm_mean": 998.7398902876147,
  "summary_wm_median": 999.9670005887747,
  "summary_wm_n": 181271.0,
  "summary_wm_p05": 933.9753127098083,
  "summary_wm_p95": 1059.0989827811718,
  "summary_wm_stdv": 38.2015702650574,
  "tpm_overlap_csf": 0.14154512335793948,
  "tpm_overlap_gm": 0.4782572088256294,
  "tpm_overlap_wm": 0.5066503138997579,
  "wm2max": 0.5474709504422252
}