{
  "aor": 0.00033110091743119267,
  "aqi": 0.004805657125382262,
  "bids_meta": {
    "CogAtlasID": " ",
    "CogPOID": " ",
    "CoilCombinationMethod": " ",
    "DelayTime": " ",
    "DeviceSerialNumber": "35368 ",
    "EchoTime": 0.03,
    "EffectiveEchoSpacing": 0.00026499894000423993,
    "FlipAngle": 60,
    "GradientSetType": " ",
    "InstitutionAddress": "Perth Drive 100,London//709CAB//,Ontario,CA,N6A 5K8",
    "InstitutionName": "Robarts-CFMM",
    "Instructions": " ",
    "InversionTime": " ",
    "MRTransmitCoilSequence": " ",
    "MagneticFieldStrength": 3,
    "Manufacturer": "SIEMENS ",
    "ManufacturerModelName": "TrioTim ",
    "MatrixCoilMode": " ",
    "MultibandAccelerationFactor": " ",
    "NumberOfVolumesDiscardedByScanner": " ",
    "NumberOfVolumesDiscardedByUser": 10,
    "NumberShots": " ",
    "ParallelAcquisitionTechnique": " ",
    "ParallelReductionFactorInPlane": " ",
    "PartialFourier": " ",
    "PartialFourierDirection": " ",
    "PulseSequenceDetails": " ",
    "PulseSequenceType": " ",
    "ReceiveCoilName": " ",
    "RepetitionTime": 2,
    "SliceTiming": [
      1.005,
      0,
      1.06,
      0.05499999999,
      1.1149999999900002,
      0.11249999999,
      1.16999999998,
      0.16749999998,
      1.2275000000099998,
      0.2225,
      1.2825,
      0.28,
      1.3374999999900001,
      0.33499999999,
      1.39499999999,
      0.38999999998,
      1.44999999998,
      0.44500000001,
      1.505,
      0.5025,
      1.5625,
      0.5575,
      1.6174999999900002,
      0.61249999999,
      1.67249999999,
      0.66999999998,
      1.7275000000099998,
      0.72500000001,
      1.785,
      0.78,
      1.84,
      0.83749999999,
      1.89499999999,
      0.89249999999,
      1.95249999998,
      0.94750000001
    ],
    "SoftwareVersions": "syngo MR B17",
    "TaskDescription": " ",
    "TaskName": "ep2d_bold_MemoryAndManiupulate_Run3 ",
    "TotalReadoutTime": 0.020934916260334956,
    "dataset": "ds001635",
    "modality": "bold",
    "run_id": 3,
    "subject_id": "06",
    "task_id": "WM"
  },
  "dummy_trs": 0,
  "dvars_nstd": 22.187601692208585,
  "dvars_std": 1.153406551932515,
  "dvars_vstd": 0.9848720729141096,
  "efc": 0.43064402899012105,
  "fber": 4031.12841796875,
  "fd_mean": 0.08883313240663739,
  "fd_num": 6,
  "fd_perc": 1.834862385321101,
  "fwhm_avg": 1.6610144444444446,
  "fwhm_x": 1.5264633333333333,
  "fwhm_y": 1.7919466666666668,
  "fwhm_z": 1.6646333333333334,
  "gcor": 0.0148643,
  "gsr_x": -0.01991042122244835,
  "gsr_y": 0.014667847193777561,
  "provenance": {
    "md5sum": "671e0723008ed7c13f4a0244aa1179dc",
    "settings": {
      "fd_thres": 0.2,
      "testing": false
    },
    "software": "mriqc",
    "version": "22.0.6",
    "webapi_port": null,
    "webapi_url": "https://mriqc.nimh.nih.gov/api/v1"
  },
  "size_t": 327,
  "size_x": 80,
  "size_y": 80,
  "size_z": 36,
  "snr": 5.3222131784575515,
  "spacing_tr": 2.0,
  "spacing_x": 3.0,
  "spacing_y": 3.0,
  "spacing_z": 3.0,
  "summary_bg_k": 52.11335997562023,
  "summary_bg_mad": 6.750210802644936,
  "summary_bg_mean": 16.943111419677734,
  "summary_bg_median": 9.884391784667969,
  "summary_bg_n": 158806.0,
  "summary_bg_p05": 2.866838753223419,
  "summary_bg_p95": 55.52041149139404,
  "summary_bg_stdv": 26.93985939025879,
  "summary_fg_k": 1.8897238974027735,
  "summary_fg_mad": 113.31903207208981,
  "summary_fg_mean": 644.1087646484375,
  "summary_fg_median": 632.1812133789062,
  "summary_fg_n": 32140.0,
  "summary_fg_p05": 477.9063018798828,
  "summary_fg_p95": 839.4957580566406,
  "summary_fg_stdv": 118.77979278564453,
  "tsnr": 69.38511657714844
}