{
  "aor": 0.00047237237237237234,
  "aqi": 0.006402761441441443,
  "bids_meta": {
    "CogAtlasID": " ",
    "CogPOID": " ",
    "CoilCombinationMethod": " ",
    "DelayTime": " ",
    "DeviceSerialNumber": "35368 ",
    "EchoTime": 0.03,
    "EffectiveEchoSpacing": 0.00026499894000423993,
    "FlipAngle": 60,
    "GradientSetType": " ",
    "InstitutionAddress": "Perth Drive 100,London//709CAB//,Ontario,CA,N6A 5K8",
    "InstitutionName": "Robarts-CFMM",
    "Instructions": " ",
    "InversionTime": " ",
    "MRTransmitCoilSequence": " ",
    "MagneticFieldStrength": 3,
    "Manufacturer": "SIEMENS ",
    "ManufacturerModelName": "TrioTim ",
    "MatrixCoilMode": " ",
    "MultibandAccelerationFactor": " ",
    "NumberOfVolumesDiscardedByScanner": " ",
    "NumberOfVolumesDiscardedByUser": 10,
    "NumberShots": " ",
    "ParallelAcquisitionTechnique": " ",
    "ParallelReductionFactorInPlane": " ",
    "PartialFourier": " ",
    "PartialFourierDirection": " ",
    "PulseSequenceDetails": " ",
    "PulseSequenceType": " ",
    "ReceiveCoilName": " ",
    "RepetitionTime": 2,
    "SliceTiming": [
      1.0025,
      0,
      1.06,
      0.05499999999,
      1.1149999999900002,
      0.10999999999,
      1.17000000001,
      0.16750000001,
      1.2250000000099999,
      0.2225,
      1.2825,
      0.2775,
      1.3374999999900001,
      0.33499999999,
      1.39249999999,
      0.38999999998,
      1.45000000001,
      0.44500000001,
      1.505,
      0.5025,
      1.56,
      0.5575,
      1.6174999999900002,
      0.61249999999,
      1.67249999999,
      0.66750000001,
      1.7275000000099998,
      0.72500000001,
      1.785,
      0.78,
      1.84,
      0.83499999999,
      1.89499999999,
      0.89249999999,
      1.95000000001,
      0.94750000001
    ],
    "SoftwareVersions": "syngo MR B17",
    "TaskDescription": " ",
    "TaskName": "ep2d_bold_MemoryAndManiupulate_Run1 ",
    "TotalReadoutTime": 0.020934916260334956,
    "dataset": "ds001635",
    "modality": "bold",
    "run_id": 1,
    "subject_id": "06",
    "task_id": "WM"
  },
  "dummy_trs": 0,
  "dvars_nstd": 20.730588760783128,
  "dvars_std": 1.0922286446686744,
  "dvars_vstd": 0.9610792453915659,
  "efc": 0.42834438011271175,
  "fber": 4204.19775390625,
  "fd_mean": 0.07897708663614811,
  "fd_num": 4,
  "fd_perc": 1.2012012012012012,
  "fwhm_avg": 1.6664688888888888,
  "fwhm_x": 1.5254866666666667,
  "fwhm_y": 1.7979466666666666,
  "fwhm_z": 1.6759733333333333,
  "gcor": 0.0284398,
  "gsr_x": -0.019313277676701546,
  "gsr_y": 0.014012248255312443,
  "provenance": {
    "md5sum": "93c22faaf869a0a528b9888537a53ddd",
    "settings": {
      "fd_thres": 0.2,
      "testing": false
    },
    "software": "mriqc",
    "version": "22.0.6",
    "webapi_port": null,
    "webapi_url": "https://mriqc.nimh.nih.gov/api/v1"
  },
  "size_t": 333,
  "size_x": 80,
  "size_y": 80,
  "size_z": 36,
  "snr": 5.288638247827316,
  "spacing_tr": 2.0,
  "spacing_x": 3.0,
  "spacing_y": 3.0,
  "spacing_z": 3.0,
  "summary_bg_k": 60.78820685829308,
  "summary_bg_mad": 6.780821456264261,
  "summary_bg_mean": 16.621252059936523,
  "summary_bg_median": 9.759145736694336,
  "summary_bg_n": 159121.0,
  "summary_bg_p05": 2.765554189682007,
  "summary_bg_p95": 53.654579162597656,
  "summary_bg_stdv": 27.002330780029297,
  "summary_fg_k": 1.8676561600231967,
  "summary_fg_mad": 114.38239014518913,
  "summary_fg_mean": 647.5133666992188,
  "summary_fg_median": 635.621337890625,
  "summary_fg_n": 31928.0,
  "summary_fg_p05": 479.86011505126953,
  "summary_fg_p95": 846.6365783691406,
  "summary_fg_stdv": 120.18431854248047,
  "tsnr": 62.25440979003906
}