{
  "aor": 0.0014378405315614614,
  "aqi": 0.012094601029900332,
  "bids_meta": {
    "CogAtlasID": " ",
    "CogPOID": " ",
    "CoilCombinationMethod": " ",
    "DelayTime": " ",
    "DeviceSerialNumber": "35368 ",
    "EchoTime": 0.03,
    "EffectiveEchoSpacing": 0.00026499894000423993,
    "FlipAngle": 60,
    "GradientSetType": " ",
    "InstitutionAddress": "Perth Drive 100,London//709CAB//,Ontario,CA,N6A 5K8",
    "InstitutionName": "Robarts-CFMM",
    "Instructions": " ",
    "InversionTime": " ",
    "MRTransmitCoilSequence": " ",
    "MagneticFieldStrength": 3,
    "Manufacturer": "SIEMENS ",
    "ManufacturerModelName": "TrioTim ",
    "MatrixCoilMode": " ",
    "MultibandAccelerationFactor": " ",
    "NumberOfVolumesDiscardedByScanner": " ",
    "NumberOfVolumesDiscardedByUser": 10,
    "NumberShots": " ",
    "ParallelAcquisitionTechnique": " ",
    "ParallelReductionFactorInPlane": " ",
    "PartialFourier": " ",
    "PartialFourierDirection": " ",
    "PulseSequenceDetails": " ",
    "PulseSequenceType": " ",
    "ReceiveCoilName": " ",
    "RepetitionTime": 2,
    "SliceTiming": [
      1.0025,
      0,
      1.0575,
      0.05499999999,
      1.1149999999900002,
      0.10999999999,
      1.16999999998,
      0.16750000001,
      1.2250000000099999,
      0.2225,
      1.2825,
      0.2775,
      1.3374999999900001,
      0.33249999999,
      1.39249999999,
      0.38999999998,
      1.45000000001,
      0.44500000001,
      1.505,
      0.5,
      1.56,
      0.5575,
      1.6174999999900002,
      0.61249999999,
      1.67249999999,
      0.66750000001,
      1.7275000000099998,
      0.72500000001,
      1.7825,
      0.78,
      1.84,
      0.83499999999,
      1.89499999999,
      0.89249999999,
      1.95000000001,
      0.94750000001
    ],
    "SoftwareVersions": "syngo MR B17",
    "TaskDescription": " ",
    "TaskName": "ep2d_bold_MemoryAndManiupulate_3",
    "TotalReadoutTime": 0.020934916260334956,
    "dataset": "ds001635",
    "modality": "bold",
    "run_id": 3,
    "subject_id": "01",
    "task_id": "WM"
  },
  "dummy_trs": 0,
  "dvars_nstd": 23.234140802966664,
  "dvars_std": 1.042829065333333,
  "dvars_vstd": 0.9747236674,
  "efc": 0.48293182523179373,
  "fber": 4757.84423828125,
  "fd_mean": 0.14447461346004048,
  "fd_num": 51,
  "fd_perc": 16.943521594684384,
  "fwhm_avg": 1.726892222222222,
  "fwhm_x": 1.6103766666666666,
  "fwhm_y": 1.8947233333333333,
  "fwhm_z": 1.6755766666666665,
  "gcor": 0.0161562,
  "gsr_x": -0.008252053521573544,
  "gsr_y": 0.015176651999354362,
  "provenance": {
    "md5sum": "78a924e17ba8bab614fb76df14fb5b99",
    "settings": {
      "fd_thres": 0.2,
      "testing": false
    },
    "software": "mriqc",
    "version": "22.0.6",
    "webapi_port": null,
    "webapi_url": "https://mriqc.nimh.nih.gov/api/v1"
  },
  "size_t": 301,
  "size_x": 80,
  "size_y": 80,
  "size_z": 36,
  "snr": 5.097402657291819,
  "spacing_tr": 2.0,
  "spacing_x": 3.0,
  "spacing_y": 3.0,
  "spacing_z": 3.0,
  "summary_bg_k": 34.15346150191886,
  "summary_bg_mad": 5.7212696548822155,
  "summary_bg_mean": 22.153348922729492,
  "summary_bg_median": 8.282352447509766,
  "summary_bg_n": 148332.0,
  "summary_bg_p05": 2.814015734195709,
  "summary_bg_p95": 87.48534202575671,
  "summary_bg_stdv": 45.77677917480469,
  "summary_fg_k": 2.562524129971475,
  "summary_fg_mad": 94.07140033492624,
  "summary_fg_mean": 593.598388671875,
  "summary_fg_median": 576.9995727539062,
  "summary_fg_n": 41361.0,
  "summary_fg_p05": 451.4608459472656,
  "summary_fg_p95": 810.3401489257812,
  "summary_fg_stdv": 113.19345092773438,
  "tsnr": 48.9914436340332
}