{
  "aor": 0.00041626229508196725,
  "aqi": 0.007194650819672131,
  "bids_meta": {
    "CogAtlasID": " ",
    "CogPOID": " ",
    "CoilCombinationMethod": " ",
    "DelayTime": " ",
    "DeviceSerialNumber": "35368 ",
    "EchoTime": 0.03,
    "EffectiveEchoSpacing": 0.00026499894000423993,
    "FlipAngle": 60,
    "GradientSetType": " ",
    "InstitutionAddress": "Perth Drive 100,London//709CAB//,Ontario,CA,N6A 5K8",
    "InstitutionName": "Robarts-CFMM",
    "Instructions": " ",
    "InversionTime": " ",
    "MRTransmitCoilSequence": " ",
    "MagneticFieldStrength": 3,
    "Manufacturer": "SIEMENS ",
    "ManufacturerModelName": "TrioTim ",
    "MatrixCoilMode": " ",
    "MultibandAccelerationFactor": " ",
    "NumberOfVolumesDiscardedByScanner": " ",
    "NumberOfVolumesDiscardedByUser": 10,
    "NumberShots": " ",
    "ParallelAcquisitionTechnique": " ",
    "ParallelReductionFactorInPlane": " ",
    "PartialFourier": " ",
    "PartialFourierDirection": " ",
    "PulseSequenceDetails": " ",
    "PulseSequenceType": " ",
    "ReceiveCoilName": " ",
    "RepetitionTime": 2,
    "SliceTiming": [
      1.0025,
      0,
      1.06,
      0.05499999999,
      1.1149999999900002,
      0.10999999999,
      1.16999999998,
      0.16749999998,
      1.22499999998,
      0.2225,
      1.2825,
      0.2775,
      1.3374999999900001,
      0.33499999999,
      1.39249999999,
      0.38999999998,
      1.44999999998,
      0.44499999998,
      1.505,
      0.5,
      1.56,
      0.5575,
      1.6174999999900002,
      0.61249999999,
      1.67249999999,
      0.66749999998,
      1.72749999998,
      0.72499999998,
      1.785,
      0.78,
      1.84,
      0.83499999999,
      1.89499999999,
      0.89249999999,
      1.94999999998,
      0.94749999998
    ],
    "SoftwareVersions": "syngo MR B17",
    "TaskDescription": " ",
    "TaskName": "ep2d_bold_MemoryAndManiupulate_1",
    "TotalReadoutTime": 0.020934916260334956,
    "dataset": "ds001635",
    "modality": "bold",
    "run_id": 1,
    "subject_id": "01",
    "task_id": "WM"
  },
  "dummy_trs": 1,
  "dvars_nstd": 23.226119367730266,
  "dvars_std": 1.0897798162500003,
  "dvars_vstd": 0.9864641563815789,
  "efc": 0.48264463172375466,
  "fber": 4805.75537109375,
  "fd_mean": 0.09491763009383482,
  "fd_num": 10,
  "fd_perc": 3.278688524590164,
  "fwhm_avg": 1.7210688888888888,
  "fwhm_x": 1.5878266666666667,
  "fwhm_y": 1.86385,
  "fwhm_z": 1.71153,
  "gcor": 0.0176527,
  "gsr_x": -0.008653261698782444,
  "gsr_y": 0.014432010240852833,
  "provenance": {
    "md5sum": "c3ac69270cf7ac4e9c9e084383c05c1d",
    "settings": {
      "fd_thres": 0.2,
      "testing": false
    },
    "software": "mriqc",
    "version": "22.0.6",
    "webapi_port": null,
    "webapi_url": "https://mriqc.nimh.nih.gov/api/v1"
  },
  "size_t": 305,
  "size_x": 80,
  "size_y": 80,
  "size_z": 36,
  "snr": 5.076411521571095,
  "spacing_tr": 2.0,
  "spacing_x": 3.0,
  "spacing_y": 3.0,
  "spacing_z": 3.0,
  "summary_bg_k": 32.641023951691984,
  "summary_bg_mad": 5.738311628510877,
  "summary_bg_mean": 21.843814849853516,
  "summary_bg_median": 8.297566413879395,
  "summary_bg_n": 148184.0,
  "summary_bg_p05": 2.7915923476219175,
  "summary_bg_p95": 85.70405578613281,
  "summary_bg_stdv": 45.458038330078125,
  "summary_fg_k": 2.5048613618452,
  "summary_fg_mad": 95.67865371041376,
  "summary_fg_mean": 597.7830810546875,
  "summary_fg_median": 581.437744140625,
  "summary_fg_n": 41412.0,
  "summary_fg_p05": 453.97921600341795,
  "summary_fg_p95": 815.7415161132801,
  "summary_fg_stdv": 114.53577423095703,
  "tsnr": 59.818824768066406
}