{
  "aor": 0.0003406896551724138,
  "aqi": 0.009440928526645768,
  "bids_meta": {
    "CogAtlasID": " ",
    "CogPOID": " ",
    "CoilCombinationMethod": " ",
    "DelayTime": " ",
    "DeviceSerialNumber": "35368 ",
    "EchoTime": 0.03,
    "EffectiveEchoSpacing": 0.00026499894000423993,
    "FlipAngle": 60,
    "GradientSetType": " ",
    "InstitutionAddress": "Perth Drive 100,London//709CAB//,Ontario,CA,N6A 5K8",
    "InstitutionName": "Robarts-CFMM",
    "Instructions": " ",
    "InversionTime": " ",
    "MRTransmitCoilSequence": " ",
    "MagneticFieldStrength": 3,
    "Manufacturer": "SIEMENS ",
    "ManufacturerModelName": "TrioTim ",
    "MatrixCoilMode": " ",
    "MultibandAccelerationFactor": " ",
    "NumberOfVolumesDiscardedByScanner": " ",
    "NumberOfVolumesDiscardedByUser": 10,
    "NumberShots": " ",
    "ParallelAcquisitionTechnique": " ",
    "ParallelReductionFactorInPlane": " ",
    "PartialFourier": " ",
    "PartialFourierDirection": " ",
    "PulseSequenceDetails": " ",
    "PulseSequenceType": " ",
    "ReceiveCoilName": " ",
    "RepetitionTime": 2,
    "SliceTiming": [
      1.005,
      0,
      1.06,
      0.05499999999,
      1.1149999999900002,
      0.11249999999,
      1.17250000002,
      0.16750000001,
      1.2275000000099998,
      0.2225,
      1.2825,
      0.28,
      1.3374999999900001,
      0.33499999999,
      1.39499999999,
      0.39000000001,
      1.45000000001,
      0.44750000001,
      1.505,
      0.5025,
      1.5625,
      0.5575,
      1.6174999999900002,
      0.61249999999,
      1.67250000002,
      0.67000000001,
      1.73000000001,
      0.72500000001,
      1.785,
      0.78,
      1.84,
      0.83749999999,
      1.89499999999,
      0.89249999999,
      1.95250000001,
      0.94750000001
    ],
    "SoftwareVersions": "syngo MR B17",
    "TaskDescription": " ",
    "TaskName": "ep2d_bold_MemoryAndManiupulate_1",
    "TotalReadoutTime": 0.020934916260334956,
    "dataset": "ds001635",
    "modality": "bold",
    "run_id": 1,
    "subject_id": "08",
    "task_id": "WM"
  },
  "dummy_trs": 0,
  "dvars_nstd": 21.989272297547156,
  "dvars_std": 1.0748031534905649,
  "dvars_vstd": 0.9814168812893082,
  "efc": 0.4705836989661096,
  "fber": 4831.4951171875,
  "fd_mean": 0.14737131102599926,
  "fd_num": 57,
  "fd_perc": 17.86833855799373,
  "fwhm_avg": 1.5683633333333333,
  "fwhm_x": 1.4219600000000001,
  "fwhm_y": 1.7057366666666667,
  "fwhm_z": 1.5773933333333332,
  "gcor": 0.0273908,
  "gsr_x": -0.0061272382736206055,
  "gsr_y": 0.011440140195190907,
  "provenance": {
    "md5sum": "b7ac03e3d8c9b83db355a55e8b2dba88",
    "settings": {
      "fd_thres": 0.2,
      "testing": false
    },
    "software": "mriqc",
    "version": "22.0.6",
    "webapi_port": null,
    "webapi_url": "https://mriqc.nimh.nih.gov/api/v1"
  },
  "size_t": 319,
  "size_x": 80,
  "size_y": 80,
  "size_z": 36,
  "snr": 6.0791417893502775,
  "spacing_tr": 2.0,
  "spacing_x": 3.0,
  "spacing_y": 3.0,
  "spacing_z": 3.0,
  "summary_bg_k": 48.05968912499618,
  "summary_bg_mad": 5.247057261921412,
  "summary_bg_mean": 19.081764221191406,
  "summary_bg_median": 8.369495391845703,
  "summary_bg_n": 150129.0,
  "summary_bg_p05": 2.8952612400054933,
  "summary_bg_p95": 62.53699645996099,
  "summary_bg_stdv": 43.741920471191406,
  "summary_fg_k": 3.987752300149248,
  "summary_fg_mad": 80.5660017324429,
  "summary_fg_mean": 592.6575927734375,
  "summary_fg_median": 583.6094360351562,
  "summary_fg_n": 39835.0,
  "summary_fg_p05": 468.49102783203125,
  "summary_fg_p95": 751.7451904296873,
  "summary_fg_stdv": 96.00074005126953,
  "tsnr": 59.37767028808594
}