{
  "aor": 0.0005656549520766772,
  "aqi": 0.007764100798722045,
  "bids_meta": {
    "CogAtlasID": " ",
    "CogPOID": " ",
    "CoilCombinationMethod": " ",
    "DelayTime": " ",
    "DeviceSerialNumber": "35368 ",
    "EchoTime": 0.03,
    "EffectiveEchoSpacing": 0.00026499894000423993,
    "FlipAngle": 60,
    "GradientSetType": " ",
    "InstitutionAddress": "Perth Drive 100,London//709CAB//,Ontario,CA,N6A 5K8",
    "InstitutionName": "Robarts-CFMM",
    "Instructions": " ",
    "InversionTime": " ",
    "MRTransmitCoilSequence": " ",
    "MagneticFieldStrength": 3,
    "Manufacturer": "SIEMENS ",
    "ManufacturerModelName": "TrioTim ",
    "MatrixCoilMode": " ",
    "MultibandAccelerationFactor": " ",
    "NumberOfVolumesDiscardedByScanner": " ",
    "NumberOfVolumesDiscardedByUser": 10,
    "NumberShots": " ",
    "ParallelAcquisitionTechnique": " ",
    "ParallelReductionFactorInPlane": " ",
    "PartialFourier": " ",
    "PartialFourierDirection": " ",
    "PulseSequenceDetails": " ",
    "PulseSequenceType": " ",
    "ReceiveCoilName": " ",
    "RepetitionTime": 2,
    "SliceTiming": [
      1.0025,
      0,
      1.06,
      0.05499999999,
      1.1149999999900002,
      0.10999999999,
      1.16999999998,
      0.16749999998,
      1.22749999998,
      0.2225,
      1.2825,
      0.2775,
      1.3374999999900001,
      0.33499999999,
      1.39249999999,
      0.38999999998,
      1.44999999998,
      0.44499999998,
      1.505,
      0.5025,
      1.56,
      0.5575,
      1.6174999999900002,
      0.61249999999,
      1.67249999999,
      0.66999999998,
      1.72749999998,
      0.72499999998,
      1.785,
      0.78,
      1.84,
      0.83499999999,
      1.89499999999,
      0.89249999999,
      1.95249999998,
      0.94749999998
    ],
    "SoftwareVersions": "syngo MR B17",
    "TaskDescription": " ",
    "TaskName": "ep2d_bold_MemoryAndManiupulate_3",
    "TotalReadoutTime": 0.020934916260334956,
    "dataset": "ds001635",
    "modality": "bold",
    "run_id": 3,
    "subject_id": "08",
    "task_id": "WM"
  },
  "dummy_trs": 0,
  "dvars_nstd": 21.798297876121794,
  "dvars_std": 1.0954787079807689,
  "dvars_vstd": 0.9947311097756406,
  "efc": 0.4721960936140117,
  "fber": 4732.6767578125,
  "fd_mean": 0.11682764659205681,
  "fd_num": 31,
  "fd_perc": 9.904153354632587,
  "fwhm_avg": 1.56501,
  "fwhm_x": 1.4209633333333331,
  "fwhm_y": 1.7019566666666668,
  "fwhm_z": 1.5721100000000001,
  "gcor": 0.0239804,
  "gsr_x": -0.006769836880266666,
  "gsr_y": 0.012270905077457428,
  "provenance": {
    "md5sum": "2098bf966dc7b1d958b4301b0fabc6b1",
    "settings": {
      "fd_thres": 0.2,
      "testing": false
    },
    "software": "mriqc",
    "version": "22.0.6",
    "webapi_port": null,
    "webapi_url": "https://mriqc.nimh.nih.gov/api/v1"
  },
  "size_t": 313,
  "size_x": 80,
  "size_y": 80,
  "size_z": 36,
  "snr": 6.050746826767369,
  "spacing_tr": 2.0,
  "spacing_x": 3.0,
  "spacing_y": 3.0,
  "spacing_z": 3.0,
  "summary_bg_k": 48.688942716236994,
  "summary_bg_mad": 5.2485362218828815,
  "summary_bg_mean": 19.540224075317383,
  "summary_bg_median": 8.473368644714355,
  "summary_bg_n": 149828.0,
  "summary_bg_p05": 2.9891734957695006,
  "summary_bg_p95": 64.24076004028313,
  "summary_bg_stdv": 45.26272201538086,
  "summary_fg_k": 3.9099062296979517,
  "summary_fg_mad": 80.3745230767814,
  "summary_fg_mean": 594.6497802734375,
  "summary_fg_median": 584.5167236328125,
  "summary_fg_n": 40060.0,
  "summary_fg_p05": 469.7684631347656,
  "summary_fg_p95": 756.5055358886717,
  "summary_fg_stdv": 96.60120391845703,
  "tsnr": 65.056396484375
}