{
  "aor": 0.0020485294117647056,
  "aqi": 0.0052734001960784305,
  "bids_meta": {
    "CogAtlasID": " ",
    "CogPOID": " ",
    "CoilCombinationMethod": " ",
    "DelayTime": " ",
    "DeviceSerialNumber": "35368 ",
    "EchoTime": 0.03,
    "EffectiveEchoSpacing": 0.00026499894000423993,
    "FlipAngle": 60,
    "GradientSetType": " ",
    "InstitutionAddress": "Perth Drive 100,London//709CAB//,Ontario,CA,N6A 5K8",
    "InstitutionName": "Robarts-CFMM",
    "Instructions": " ",
    "InversionTime": " ",
    "MRTransmitCoilSequence": " ",
    "MagneticFieldStrength": 3,
    "Manufacturer": "SIEMENS ",
    "ManufacturerModelName": "TrioTim ",
    "MatrixCoilMode": " ",
    "MultibandAccelerationFactor": " ",
    "NumberOfVolumesDiscardedByScanner": " ",
    "NumberOfVolumesDiscardedByUser": 10,
    "NumberShots": " ",
    "ParallelAcquisitionTechnique": " ",
    "ParallelReductionFactorInPlane": " ",
    "PartialFourier": " ",
    "PartialFourierDirection": " ",
    "PulseSequenceDetails": " ",
    "PulseSequenceType": " ",
    "ReceiveCoilName": " ",
    "RepetitionTime": 2,
    "SliceTiming": [
      1.0025,
      0,
      1.06,
      0.05499999999,
      1.1149999999900002,
      0.11249999999,
      1.16999999998,
      0.16749999998,
      1.22749999998,
      0.2225,
      1.2825,
      0.28,
      1.3374999999900001,
      0.33499999999,
      1.39499999999,
      0.38999999998,
      1.44999999998,
      0.44499999998,
      1.50499999998,
      0.5025,
      1.5625,
      0.5575,
      1.6174999999900002,
      0.61249999999,
      1.67249999999,
      0.66999999998,
      1.72749999998,
      0.72499999998,
      1.785,
      0.78,
      1.84,
      0.83749999999,
      1.89499999999,
      0.89249999999,
      1.95249999998,
      0.94749999998
    ],
    "SoftwareVersions": "syngo MR B17",
    "TaskDescription": " ",
    "TaskName": "ep2d_bold_MemoryAndManiupulate_3",
    "TotalReadoutTime": 0.020934916260334956,
    "dataset": "ds001635",
    "modality": "bold",
    "run_id": 3,
    "subject_id": "10",
    "task_id": "WM"
  },
  "dummy_trs": 0,
  "dvars_nstd": 19.543367417147564,
  "dvars_std": 1.0837814822622944,
  "dvars_vstd": 1.02717269747541,
  "efc": 0.43893103638545744,
  "fber": 4393.14013671875,
  "fd_mean": 0.07669593531619515,
  "fd_num": 8,
  "fd_perc": 2.6143790849673203,
  "fwhm_avg": 1.6304922222222222,
  "fwhm_x": 1.5526099999999998,
  "fwhm_y": 1.7392066666666668,
  "fwhm_z": 1.59966,
  "gcor": 0.0316727,
  "gsr_x": -0.006500478833913803,
  "gsr_y": 0.005025685764849186,
  "provenance": {
    "md5sum": "3d3e38f029f9b3c578e41833ba8dcbc4",
    "settings": {
      "fd_thres": 0.2,
      "testing": false
    },
    "software": "mriqc",
    "version": "22.0.6",
    "webapi_port": null,
    "webapi_url": "https://mriqc.nimh.nih.gov/api/v1"
  },
  "size_t": 306,
  "size_x": 80,
  "size_y": 80,
  "size_z": 36,
  "snr": 5.488696051742594,
  "spacing_tr": 2.0,
  "spacing_x": 3.0,
  "spacing_y": 3.0,
  "spacing_z": 3.0,
  "summary_bg_k": 48.401654885581564,
  "summary_bg_mad": 5.876505661449697,
  "summary_bg_mean": 16.720619201660156,
  "summary_bg_median": 8.77639102935791,
  "summary_bg_n": 156674.0,
  "summary_bg_p05": 2.856651186943054,
  "summary_bg_p95": 53.79619731903078,
  "summary_bg_stdv": 30.983652114868164,
  "summary_fg_k": 3.0122677018197956,
  "summary_fg_mad": 95.10987342205823,
  "summary_fg_mean": 598.6849975585938,
  "summary_fg_median": 586.975830078125,
  "summary_fg_n": 33678.0,
  "summary_fg_p05": 455.35860137939454,
  "summary_fg_p95": 774.3295959472656,
  "summary_fg_stdv": 106.94108581542969,
  "tsnr": 66.39891052246094
}