{
  "aor": 0.004119645161290324,
  "aqi": 0.008041155870967742,
  "bids_meta": {
    "CogAtlasID": " ",
    "CogPOID": " ",
    "CoilCombinationMethod": " ",
    "DelayTime": " ",
    "DeviceSerialNumber": "35368 ",
    "EchoTime": 0.03,
    "EffectiveEchoSpacing": 0.00026499894000423993,
    "FlipAngle": 60,
    "GradientSetType": " ",
    "InstitutionAddress": "Perth Drive 100,London//709CAB//,Ontario,CA,N6A 5K8",
    "InstitutionName": "Robarts-CFMM",
    "Instructions": " ",
    "InversionTime": " ",
    "MRTransmitCoilSequence": " ",
    "MagneticFieldStrength": 3,
    "Manufacturer": "SIEMENS ",
    "ManufacturerModelName": "TrioTim ",
    "MatrixCoilMode": " ",
    "MultibandAccelerationFactor": " ",
    "NumberOfVolumesDiscardedByScanner": " ",
    "NumberOfVolumesDiscardedByUser": 10,
    "NumberShots": " ",
    "ParallelAcquisitionTechnique": " ",
    "ParallelReductionFactorInPlane": " ",
    "PartialFourier": " ",
    "PartialFourierDirection": " ",
    "PulseSequenceDetails": " ",
    "PulseSequenceType": " ",
    "ReceiveCoilName": " ",
    "RepetitionTime": 2,
    "SliceTiming": [
      1.0025,
      0,
      1.0575,
      0.05500000002,
      1.11500000002,
      0.11000000002,
      1.17000000001,
      0.16500000001,
      1.2250000000099999,
      0.2225,
      1.2825,
      0.2775,
      1.33750000002,
      0.33250000002,
      1.39250000002,
      0.39000000001,
      1.4475000000099998,
      0.44500000001,
      1.505,
      0.5,
      1.56,
      0.5575,
      1.61500000002,
      0.61250000002,
      1.67250000002,
      0.66750000001,
      1.7275000000099998,
      0.7225,
      1.7825,
      0.78,
      1.84,
      0.83500000002,
      1.89500000002,
      0.89000000001,
      1.95000000001,
      0.94750000001
    ],
    "SoftwareVersions": "syngo MR B17",
    "TaskDescription": " ",
    "TaskName": "ep2d_bold_MemoryAndManiupulate_1",
    "TotalReadoutTime": 0.020934916260334956,
    "dataset": "ds001635",
    "modality": "bold",
    "run_id": 1,
    "subject_id": "10",
    "task_id": "WM"
  },
  "dummy_trs": 0,
  "dvars_nstd": 18.52555656443364,
  "dvars_std": 1.0557174255663433,
  "dvars_vstd": 1.0185000007766989,
  "efc": 0.43808898106541516,
  "fber": 4536.1884765625,
  "fd_mean": 0.0627205215003006,
  "fd_num": 3,
  "fd_perc": 0.967741935483871,
  "fwhm_avg": 1.6365399999999999,
  "fwhm_x": 1.5553066666666666,
  "fwhm_y": 1.7593333333333332,
  "fwhm_z": 1.5949799999999998,
  "gcor": 0.0269262,
  "gsr_x": -0.0063141025602817535,
  "gsr_y": 0.0060465652495622635,
  "provenance": {
    "md5sum": "6d13df2b571903f2b38fd568c0a62357",
    "settings": {
      "fd_thres": 0.2,
      "testing": false
    },
    "software": "mriqc",
    "version": "22.0.6",
    "webapi_port": null,
    "webapi_url": "https://mriqc.nimh.nih.gov/api/v1"
  },
  "size_t": 310,
  "size_x": 80,
  "size_y": 80,
  "size_z": 36,
  "snr": 5.441678839506815,
  "spacing_tr": 2.0,
  "spacing_x": 3.0,
  "spacing_y": 3.0,
  "spacing_z": 3.0,
  "summary_bg_k": 49.6765439597597,
  "summary_bg_mad": 5.86310806573756,
  "summary_bg_mean": 16.59212303161621,
  "summary_bg_median": 8.722146987915039,
  "summary_bg_n": 156838.0,
  "summary_bg_p05": 2.7989500880241396,
  "summary_bg_p95": 54.0869264602661,
  "summary_bg_stdv": 30.6906795501709,
  "summary_fg_k": 2.8815697134551943,
  "summary_fg_mad": 96.5156941474973,
  "summary_fg_mean": 597.92236328125,
  "summary_fg_median": 585.71826171875,
  "summary_fg_n": 33618.0,
  "summary_fg_p05": 454.3605697631836,
  "summary_fg_p95": 776.9980041503906,
  "summary_fg_stdv": 107.63397979736328,
  "tsnr": 57.998783111572266
}