{
  "bids_meta": {
    "AnatomicalLandmarkCoordinates": " ",
    "CoilCombinationMethod": " ",
    "ContrastBolusIngredient": " ",
    "DeviceSerialNumber": "35368 ",
    "DwellTime": " ",
    "EchoTime": 0.00298,
    "EchoTrainLength": 1,
    "FlipAngle": 9,
    "GradientSetType": " ",
    "HardcopyDeviceSoftwareVersion": "",
    "InstitutionAddress": "Perth Drive 100,London//709CAB//,Ontario,CA,N6A 5K8",
    "InstitutionName": "Robarts-CFMM",
    "InstitutionalDepartmentName": "CFMM",
    "InversionTime": 900,
    "MagneticFieldStrength": 3,
    "Manufacturer": "SIEMENS ",
    "ManufacturersModelName": " ",
    "MatrixCoilMode": " ",
    "MultibandAccelerationFactor": " ",
    "NonlinearGradientCorrection": " ",
    "NumberShots": " ",
    "ParallelAcquisitionTechnique": " ",
    "ParallelReductionFactorInPlane": " ",
    "PartialFourier": " ",
    "PartialFourierDirection": " ",
    "PulseSequenceDetails": " ",
    "PulseSequenceType": "MPRAGE ADNI iPAT2 ",
    "ReceiveCoilActiveElements": " ",
    "ReceiveCoilName": " ",
    "ScanOptions": "IR",
    "ScanningSequence": "GR\\IR ",
    "SequenceName": "*tfl3d1_ns",
    "SequenceVariant": "SP\\MP ",
    "SliceEncodingDirection": " ",
    "SoftwareVersions": "syngo MR B17",
    "StationName": "MRC35368",
    "WaterFatShift": " ",
    "dataset": "ds001635",
    "modality": "T1w",
    "subject_id": "05"
  },
  "cjv": 0.34218467124050755,
  "cnr": 3.7620498615853633,
  "efc": 0.5585113566505724,
  "fber": 1206.968555957338,
  "fwhm_avg": 4.0896,
  "fwhm_x": 4.17863,
  "fwhm_y": 4.11823,
  "fwhm_z": 3.97194,
  "icvs_csf": 0.22487210093857163,
  "icvs_gm": 0.43804827189090123,
  "icvs_wm": 0.33707962717052714,
  "inu_med": 0.5655546188354492,
  "inu_range": 0.23417161703109735,
  "provenance": {
    "md5sum": "a38d0f5b1852c3490e5cd22c834e9cac",
    "settings": {
      "testing": false
    },
    "software": "mriqc",
    "version": "22.0.6",
    "warnings": {
      "large_rot_frame": true,
      "small_air_mask": false
    },
    "webapi_port": null,
    "webapi_url": "https://mriqc.nimh.nih.gov/api/v1"
  },
  "qi_1": 0.0,
  "qi_2": 0.009960282699312312,
  "rpve_csf": 27.10374655749219,
  "rpve_gm": 14.153578589147964,
  "rpve_wm": 20.450610221870324,
  "size_x": 192,
  "size_y": 240,
  "size_z": 256,
  "snr_csf": 1.966043663384425,
  "snr_gm": 10.630417305762863,
  "snr_total": 11.42930151987097,
  "snr_wm": 21.69144359046562,
  "snrd_csf": 11.872759219664307,
  "snrd_gm": 41.57990771378395,
  "snrd_total": 37.97919426264799,
  "snrd_wm": 60.48491585449571,
  "spacing_x": 1.0,
  "spacing_y": 1.0,
  "spacing_z": 1.0,
  "summary_bg_k": 3719.465940172261,
  "summary_bg_mad": 10.831400987534268,
  "summary_bg_mean": 10.324574696356764,
  "summary_bg_median": 7.305668946355581,
  "summary_bg_n": 2476101.0,
  "summary_bg_p05": 0.0,
  "summary_bg_p95": 32.14494336396456,
  "summary_bg_stdv": 24.402731990996877,
  "summary_csf_k": 1.637869951702843,
  "summary_csf_mad": 84.42303398283852,
  "summary_csf_mean": 217.4744320712086,
  "summary_csf_median": 196.2928879186511,
  "summary_csf_n": 49879.0,
  "summary_csf_p05": 91.29998848959804,
  "summary_csf_p95": 416.5107979696243,
  "summary_csf_stdv": 99.84057011236216,
  "summary_gm_k": 0.12923495938917995,
  "summary_gm_mad": 62.94591316755629,
  "summary_gm_mean": 689.0584541535292,
  "summary_gm_median": 687.4425745122135,
  "summary_gm_n": 35755.0,
  "summary_gm_p05": 584.5787557475269,
  "summary_gm_p95": 798.1130223795772,
  "summary_gm_stdv": 64.6666016427576,
  "summary_wm_k": 0.4132323326719298,
  "summary_wm_mad": 44.00643486935351,
  "summary_wm_mean": 999.7406860934318,
  "summary_wm_median": 999.999965377152,
  "summary_wm_n": 172306.0,
  "summary_wm_p05": 923.7287815771997,
  "summary_wm_p95": 1074.977002106607,
  "summary_wm_stdv": 46.100991821419036,
  "tpm_overlap_csf": 0.1537418440786699,
  "tpm_overlap_gm": 0.4638327809255402,
  "tpm_overlap_wm": 0.5077076615715292,
  "wm2max": 0.5067699077600067
}