{
  "aor": 0.0013041250000000002,
  "aqi": 0.007775490625000001,
  "bids_meta": {
    "CogAtlasID": " ",
    "CogPOID": " ",
    "CoilCombinationMethod": " ",
    "DelayTime": " ",
    "DeviceSerialNumber": "35368 ",
    "EchoTime": 0.03,
    "EffectiveEchoSpacing": 0.00026499894000423993,
    "FlipAngle": 60,
    "GradientSetType": " ",
    "InstitutionAddress": "Perth Drive 100,London//709CAB//,Ontario,CA,N6A 5K8",
    "InstitutionName": "Robarts-CFMM",
    "Instructions": " ",
    "InversionTime": " ",
    "MRTransmitCoilSequence": " ",
    "MagneticFieldStrength": 3,
    "Manufacturer": "SIEMENS ",
    "ManufacturerModelName": "TrioTim ",
    "MatrixCoilMode": " ",
    "MultibandAccelerationFactor": " ",
    "NumberOfVolumesDiscardedByScanner": " ",
    "NumberOfVolumesDiscardedByUser": 10,
    "NumberShots": " ",
    "ParallelAcquisitionTechnique": " ",
    "ParallelReductionFactorInPlane": " ",
    "PartialFourier": " ",
    "PartialFourierDirection": " ",
    "PulseSequenceDetails": " ",
    "PulseSequenceType": " ",
    "ReceiveCoilName": " ",
    "RepetitionTime": 2,
    "SliceTiming": [
      1.005,
      0,
      1.06,
      0.057500000020000004,
      1.11750000002,
      0.11250000002,
      1.17250000002,
      0.16750000001,
      1.2275000000099998,
      0.22500000001,
      1.2825,
      0.28,
      1.3400000000299999,
      0.33500000002,
      1.39500000002,
      0.39250000002,
      1.45000000001,
      0.44750000001,
      1.5075000000099998,
      0.5025,
      1.5625,
      0.55750000002,
      1.61750000002,
      0.61500000002,
      1.67500000002,
      0.67000000001,
      1.73000000001,
      0.72500000001,
      1.785,
      0.7825,
      1.8425,
      0.83750000002,
      1.89750000002,
      0.89250000002,
      1.95250000001,
      0.95000000001
    ],
    "SoftwareVersions": "syngo MR B17",
    "TaskDescription": " ",
    "TaskName": "ep2d_bold_MemoryAndManiupulate_3",
    "TotalReadoutTime": 0.020934916260334956,
    "dataset": "ds001635",
    "modality": "bold",
    "run_id": 3,
    "subject_id": "12",
    "task_id": "WM"
  },
  "dummy_trs": 0,
  "dvars_nstd": 22.571966870752338,
  "dvars_std": 1.0514647308463945,
  "dvars_vstd": 0.9870666268652041,
  "efc": 0.4569895021872037,
  "fber": 5009.52587890625,
  "fd_mean": 0.10974235461729638,
  "fd_num": 45,
  "fd_perc": 14.0625,
  "fwhm_avg": 1.6594433333333332,
  "fwhm_x": 1.5527300000000002,
  "fwhm_y": 1.7929433333333333,
  "fwhm_z": 1.6326566666666666,
  "gcor": 0.0244391,
  "gsr_x": 0.004029649775475264,
  "gsr_y": 0.012000161223113537,
  "provenance": {
    "md5sum": "f16fccd0d139a9ce81d577aaa2423790",
    "settings": {
      "fd_thres": 0.2,
      "testing": false
    },
    "software": "mriqc",
    "version": "22.0.6",
    "webapi_port": null,
    "webapi_url": "https://mriqc.nimh.nih.gov/api/v1"
  },
  "size_t": 320,
  "size_x": 80,
  "size_y": 80,
  "size_z": 36,
  "snr": 5.223813907307863,
  "spacing_tr": 2.0,
  "spacing_x": 3.0,
  "spacing_y": 3.0,
  "spacing_z": 3.0,
  "summary_bg_k": 34.954845611796316,
  "summary_bg_mad": 4.029301283131434,
  "summary_bg_mean": 16.246877670288086,
  "summary_bg_median": 6.781627178192139,
  "summary_bg_n": 154081.0,
  "summary_bg_p05": 2.370997667312622,
  "summary_bg_p95": 65.70357513427734,
  "summary_bg_stdv": 32.18940353393555,
  "summary_fg_k": 2.6127272167001365,
  "summary_fg_mad": 84.28345667253254,
  "summary_fg_mean": 493.16455078125,
  "summary_fg_median": 482.9819641113281,
  "summary_fg_n": 36220.0,
  "summary_fg_p05": 371.4945068359375,
  "summary_fg_p95": 649.4838562011718,
  "summary_fg_stdv": 92.45645141601562,
  "tsnr": 56.95167541503906
}