{
  "bids_meta": {
    "AnatomicalLandmarkCoordinates": " ",
    "CoilCombinationMethod": " ",
    "ContrastBolusIngredient": " ",
    "DeviceSerialNumber": "35368 ",
    "DwellTime": " ",
    "EchoTime": 0.00298,
    "EchoTrainLength": 1,
    "FlipAngle": 9,
    "GradientSetType": " ",
    "HardcopyDeviceSoftwareVersion": "",
    "InstitutionAddress": "Perth Drive 100,London//709CAB//,Ontario,CA,N6A 5K8",
    "InstitutionName": "Robarts-CFMM",
    "InstitutionalDepartmentName": "CFMM",
    "InversionTime": 900,
    "MagneticFieldStrength": 3,
    "Manufacturer": "SIEMENS ",
    "ManufacturersModelName": " ",
    "MatrixCoilMode": " ",
    "MultibandAccelerationFactor": " ",
    "NonlinearGradientCorrection": " ",
    "NumberShots": " ",
    "ParallelAcquisitionTechnique": " ",
    "ParallelReductionFactorInPlane": " ",
    "PartialFourier": " ",
    "PartialFourierDirection": " ",
    "PulseSequenceDetails": " ",
    "PulseSequenceType": "MPRAGE ADNI iPAT2 ",
    "ReceiveCoilActiveElements": " ",
    "ReceiveCoilName": " ",
    "ScanOptions": "IR",
    "ScanningSequence": "GR\\IR ",
    "SequenceName": "*tfl3d1_ns",
    "SequenceVariant": "SP\\MP ",
    "SliceEncodingDirection": " ",
    "SoftwareVersions": "syngo MR B17",
    "StationName": "MRC35368",
    "WaterFatShift": " ",
    "dataset": "ds001635",
    "modality": "T1w",
    "subject_id": "11"
  },
  "cjv": 0.32583514670746627,
  "cnr": 3.916382141747342,
  "efc": 0.5361321203825982,
  "fber": 1332.075364574987,
  "fwhm_avg": 3.8749833333333332,
  "fwhm_x": 3.88917,
  "fwhm_y": 4.04092,
  "fwhm_z": 3.69486,
  "icvs_csf": 0.21642887725364085,
  "icvs_gm": 0.43114079324222304,
  "icvs_wm": 0.3524303295041361,
  "inu_med": 0.45073992013931274,
  "inu_range": 0.11418502032756805,
  "provenance": {
    "md5sum": "0ac1b663f4dd3d7f8f00929affdd6a11",
    "settings": {
      "testing": false
    },
    "software": "mriqc",
    "version": "22.0.6",
    "warnings": {
      "large_rot_frame": true,
      "small_air_mask": false
    },
    "webapi_port": null,
    "webapi_url": "https://mriqc.nimh.nih.gov/api/v1"
  },
  "qi_1": 0.0,
  "qi_2": 0.004638888315081813,
  "rpve_csf": 25.24976464530917,
  "rpve_gm": 13.068027607812862,
  "rpve_wm": 18.403011600833363,
  "size_x": 192,
  "size_y": 240,
  "size_z": 256,
  "snr_csf": 2.016998609653834,
  "snr_gm": 9.869997906050536,
  "snr_total": 11.495755092147727,
  "snr_wm": 22.60026876073881,
  "snrd_csf": 13.118082579626769,
  "snrd_gm": 39.264203699309974,
  "snrd_total": 36.85135693526778,
  "snrd_wm": 58.171784526866595,
  "spacing_x": 1.0,
  "spacing_y": 1.0,
  "spacing_z": 1.0,
  "summary_bg_k": 4120.354092526879,
  "summary_bg_mad": 11.262099030973877,
  "summary_bg_mean": 10.152379755195815,
  "summary_bg_median": 7.596170362085104,
  "summary_bg_n": 2956120.0,
  "summary_bg_p05": 0.0,
  "summary_bg_p95": 31.273290056735277,
  "summary_bg_stdv": 15.919595452149089,
  "summary_csf_k": 0.5780918007511895,
  "summary_csf_mad": 96.684057718738,
  "summary_csf_mean": 245.71228377884418,
  "summary_csf_median": 225.50593297556043,
  "summary_csf_n": 38846.0,
  "summary_csf_p05": 94.54365621414036,
  "summary_csf_p95": 467.1214800775051,
  "summary_csf_stdv": 111.80128202095004,
  "summary_gm_k": 0.0947248570216841,
  "summary_gm_mad": 66.72262444765656,
  "summary_gm_mean": 672.9516656650899,
  "summary_gm_median": 674.9699000604451,
  "summary_gm_n": 31728.0,
  "summary_gm_p05": 556.3936807082966,
  "summary_gm_p95": 782.1375314725562,
  "summary_gm_stdv": 68.38494491931223,
  "summary_wm_k": 1.5211698829182385,
  "summary_wm_mad": 39.18360493040723,
  "summary_wm_mean": 998.8038189058202,
  "summary_wm_median": 999.99999717623,
  "summary_wm_n": 200015.0,
  "summary_wm_p05": 926.1021587103605,
  "summary_wm_p95": 1067.1902738884091,
  "summary_wm_stdv": 44.24715068423408,
  "tpm_overlap_csf": 0.15285692271067738,
  "tpm_overlap_gm": 0.46557792542415577,
  "tpm_overlap_wm": 0.5112214278530717,
  "wm2max": 0.5894797316706375
}