{
  "aor": 0.0005418910256410256,
  "aqi": 0.004113939262820512,
  "bids_meta": {
    "CogAtlasID": " ",
    "CogPOID": " ",
    "CoilCombinationMethod": " ",
    "DelayTime": " ",
    "DeviceSerialNumber": "35368 ",
    "EchoTime": 0.03,
    "EffectiveEchoSpacing": 0.00026499894000423993,
    "FlipAngle": 60,
    "GradientSetType": " ",
    "InstitutionAddress": "Perth Drive 100,London//709CAB//,Ontario,CA,N6A 5K8",
    "InstitutionName": "Robarts-CFMM",
    "Instructions": " ",
    "InversionTime": " ",
    "MRTransmitCoilSequence": " ",
    "MagneticFieldStrength": 3,
    "Manufacturer": "SIEMENS ",
    "ManufacturerModelName": "TrioTim ",
    "MatrixCoilMode": " ",
    "MultibandAccelerationFactor": " ",
    "NumberOfVolumesDiscardedByScanner": " ",
    "NumberOfVolumesDiscardedByUser": 10,
    "NumberShots": " ",
    "ParallelAcquisitionTechnique": " ",
    "ParallelReductionFactorInPlane": " ",
    "PartialFourier": " ",
    "PartialFourierDirection": " ",
    "PulseSequenceDetails": " ",
    "PulseSequenceType": " ",
    "ReceiveCoilName": " ",
    "RepetitionTime": 2,
    "SliceTiming": [
      1.0025,
      0,
      1.06,
      0.05499999999,
      1.11500000002,
      0.11000000002,
      1.17000000001,
      0.16750000001,
      1.2250000000099999,
      0.2225,
      1.2825,
      0.2775,
      1.3374999999900001,
      0.33499999999,
      1.39250000002,
      0.39000000001,
      1.45000000001,
      0.44500000001,
      1.505,
      0.5,
      1.56,
      0.5575,
      1.6174999999900002,
      0.61250000002,
      1.67250000002,
      0.66750000001,
      1.7275000000099998,
      0.72500000001,
      1.7825,
      0.78,
      1.84,
      0.83499999999,
      1.89500000002,
      0.89250000002,
      1.95000000001,
      0.94750000001
    ],
    "SoftwareVersions": "syngo MR B17",
    "TaskDescription": " ",
    "TaskName": "ep2d_bold_MemoryAndManiupulate_2",
    "TotalReadoutTime": 0.020934916260334956,
    "dataset": "ds001635",
    "modality": "bold",
    "run_id": 2,
    "subject_id": "10",
    "task_id": "WM"
  },
  "dummy_trs": 0,
  "dvars_nstd": 19.18980032974276,
  "dvars_std": 1.0608158244694539,
  "dvars_vstd": 1.0011867286816725,
  "efc": 0.4390180347631078,
  "fber": 4398.57080078125,
  "fd_mean": 0.06723482495521124,
  "fd_num": 8,
  "fd_perc": 2.5641025641025643,
  "fwhm_avg": 1.631157777777778,
  "fwhm_x": 1.5480533333333335,
  "fwhm_y": 1.7465166666666667,
  "fwhm_z": 1.5989033333333333,
  "gcor": 0.0340586,
  "gsr_x": -0.006506056059151888,
  "gsr_y": 0.004655000753700733,
  "provenance": {
    "md5sum": "9081e60d59419baa9c98b131be057679",
    "settings": {
      "fd_thres": 0.2,
      "testing": false
    },
    "software": "mriqc",
    "version": "22.0.6",
    "webapi_port": null,
    "webapi_url": "https://mriqc.nimh.nih.gov/api/v1"
  },
  "size_t": 312,
  "size_x": 80,
  "size_y": 80,
  "size_z": 36,
  "snr": 5.455609220363036,
  "spacing_tr": 2.0,
  "spacing_x": 3.0,
  "spacing_y": 3.0,
  "spacing_z": 3.0,
  "summary_bg_k": 49.220001635984744,
  "summary_bg_mad": 5.850181305271281,
  "summary_bg_mean": 16.6976375579834,
  "summary_bg_median": 8.784137725830078,
  "summary_bg_n": 156614.0,
  "summary_bg_p05": 2.882215178012848,
  "summary_bg_p95": 53.87341194152834,
  "summary_bg_stdv": 31.116735458374023,
  "summary_fg_k": 3.0542355990083028,
  "summary_fg_mad": 95.52604087829036,
  "summary_fg_mean": 599.0230102539062,
  "summary_fg_median": 587.3123168945312,
  "summary_fg_n": 33785.0,
  "summary_fg_p05": 454.9999206542969,
  "summary_fg_p95": 775.8108398437499,
  "summary_fg_stdv": 107.65133666992188,
  "tsnr": 72.19062805175781
}