{
  "bids_meta": {
    "AnatomicalLandmarkCoordinates": " ",
    "CoilCombinationMethod": " ",
    "ContrastBolusIngredient": " ",
    "DeviceSerialNumber": "35368 ",
    "DwellTime": " ",
    "EchoTime": 0.00298,
    "EchoTrainLength": 1,
    "FlipAngle": 9,
    "GradientSetType": " ",
    "HardcopyDeviceSoftwareVersion": "",
    "InstitutionAddress": "Perth Drive 100,London//709CAB//,Ontario,CA,N6A 5K8",
    "InstitutionName": "Robarts-CFMM",
    "InstitutionalDepartmentName": "CFMM",
    "InversionTime": 900,
    "MagneticFieldStrength": 3,
    "Manufacturer": "SIEMENS ",
    "ManufacturersModelName": " ",
    "MatrixCoilMode": " ",
    "MultibandAccelerationFactor": " ",
    "NonlinearGradientCorrection": " ",
    "NumberShots": " ",
    "ParallelAcquisitionTechnique": " ",
    "ParallelReductionFactorInPlane": " ",
    "PartialFourier": " ",
    "PartialFourierDirection": " ",
    "PulseSequenceDetails": " ",
    "PulseSequenceType": "MPRAGE ADNI iPAT2 ",
    "ReceiveCoilActiveElements": " ",
    "ReceiveCoilName": " ",
    "ScanOptions": "IR",
    "ScanningSequence": "GR\\IR ",
    "SequenceName": "*tfl3d1_ns",
    "SequenceVariant": "SP\\MP ",
    "SliceEncodingDirection": " ",
    "SoftwareVersions": "syngo MR B17",
    "StationName": "MRC35368",
    "WaterFatShift": " ",
    "dataset": "ds001635",
    "modality": "T1w",
    "subject_id": "15"
  },
  "cjv": 0.3233495299667246,
  "cnr": 4.0598287847691985,
  "efc": 0.5895052963294226,
  "fber": 749.8502879565151,
  "fwhm_avg": 3.7160966666666666,
  "fwhm_x": 3.72468,
  "fwhm_y": 3.9294,
  "fwhm_z": 3.49421,
  "icvs_csf": 0.18391892163160606,
  "icvs_gm": 0.482194490469822,
  "icvs_wm": 0.33388658789857195,
  "inu_med": 0.5259659290313721,
  "inu_range": 0.18298301100730896,
  "provenance": {
    "md5sum": "d040acd7fbd19aef922851be73a42915",
    "settings": {
      "testing": false
    },
    "software": "mriqc",
    "version": "22.0.6",
    "warnings": {
      "large_rot_frame": true,
      "small_air_mask": false
    },
    "webapi_port": null,
    "webapi_url": "https://mriqc.nimh.nih.gov/api/v1"
  },
  "qi_1": 0.00016546941604965587,
  "qi_2": 0.0074800945947219,
  "rpve_csf": 22.974927369122007,
  "rpve_gm": 10.026644954235437,
  "rpve_wm": 16.245782704508994,
  "size_x": 192,
  "size_y": 240,
  "size_z": 256,
  "snr_csf": 1.9901871867730354,
  "snr_gm": 10.6589965811881,
  "snr_total": 11.261083162546695,
  "snr_wm": 21.13406571967895,
  "snrd_csf": 10.110228789156231,
  "snrd_gm": 27.646063291358963,
  "snrd_total": 26.243476307993742,
  "snrd_wm": 40.97413684346603,
  "spacing_x": 1.0,
  "spacing_y": 1.0,
  "spacing_z": 1.0,
  "summary_bg_k": 2.1603776138338837,
  "summary_bg_mad": 15.989022473705571,
  "summary_bg_mean": 13.161961494038156,
  "summary_bg_median": 10.784431774169207,
  "summary_bg_n": 2962099.0,
  "summary_bg_p05": 0.0,
  "summary_bg_p95": 38.1070005428046,
  "summary_bg_stdv": 13.179481399605594,
  "summary_csf_k": 1.3205347555228224,
  "summary_csf_mad": 101.6508803076924,
  "summary_csf_mean": 272.2172830983424,
  "summary_csf_median": 246.7465940285474,
  "summary_csf_n": 24219.0,
  "summary_csf_p05": 107.00084263086319,
  "summary_csf_p95": 513.6432059725743,
  "summary_csf_stdv": 123.97904154201257,
  "summary_gm_k": 0.029583712852281785,
  "summary_gm_mad": 62.12494486291745,
  "summary_gm_mean": 672.4273905374778,
  "summary_gm_median": 674.7198404408991,
  "summary_gm_n": 66828.0,
  "summary_gm_p05": 563.2907534781843,
  "summary_gm_p95": 773.1353114079684,
  "summary_gm_stdv": 63.3000289568162,
  "summary_wm_k": 1.1372933416395057,
  "summary_wm_mad": 43.054239286737904,
  "summary_wm_mean": 998.8740842839233,
  "summary_wm_median": 999.9999921098351,
  "summary_wm_n": 211710.0,
  "summary_wm_p05": 921.3760621361434,
  "summary_wm_p95": 1073.1579021242444,
  "summary_wm_stdv": 47.31686007083324,
  "tpm_overlap_csf": 0.1622375620017464,
  "tpm_overlap_gm": 0.45901267385053146,
  "tpm_overlap_wm": 0.4855197872135674,
  "wm2max": 0.607320626660988
}