{
  "bids_meta": {
    "AnatomicalLandmarkCoordinates": " ",
    "CoilCombinationMethod": " ",
    "ContrastBolusIngredient": " ",
    "DeviceSerialNumber": "35368 ",
    "DwellTime": " ",
    "EchoTime": 0.00298,
    "EchoTrainLength": 1,
    "FlipAngle": 9,
    "GradientSetType": " ",
    "HardcopyDeviceSoftwareVersion": "",
    "InstitutionAddress": "Perth Drive 100,London//709CAB//,Ontario,CA,N6A 5K8",
    "InstitutionName": "Robarts-CFMM",
    "InstitutionalDepartmentName": "CFMM",
    "InversionTime": 900,
    "MagneticFieldStrength": 3,
    "Manufacturer": "SIEMENS ",
    "ManufacturersModelName": " ",
    "MatrixCoilMode": " ",
    "MultibandAccelerationFactor": " ",
    "NonlinearGradientCorrection": " ",
    "NumberShots": " ",
    "ParallelAcquisitionTechnique": " ",
    "ParallelReductionFactorInPlane": " ",
    "PartialFourier": " ",
    "PartialFourierDirection": " ",
    "PulseSequenceDetails": " ",
    "PulseSequenceType": "MPRAGE ADNI iPAT2 ",
    "ReceiveCoilActiveElements": " ",
    "ReceiveCoilName": " ",
    "ScanOptions": "IR",
    "ScanningSequence": "GR\\IR ",
    "SequenceName": "*tfl3d1_ns",
    "SequenceVariant": "SP\\MP ",
    "SliceEncodingDirection": " ",
    "SoftwareVersions": "syngo MR B17",
    "StationName": "MRC35368",
    "WaterFatShift": " ",
    "dataset": "ds001635",
    "modality": "T1w",
    "subject_id": "13"
  },
  "cjv": 0.3900357389619535,
  "cnr": 3.376400293159151,
  "efc": 0.5941243618659451,
  "fber": 1190.4194004623366,
  "fwhm_avg": 3.7434399999999997,
  "fwhm_x": 3.79601,
  "fwhm_y": 3.83157,
  "fwhm_z": 3.60274,
  "icvs_csf": 0.1923834481540247,
  "icvs_gm": 0.4377537210859002,
  "icvs_wm": 0.3698628307600751,
  "inu_med": 0.546718180179596,
  "inu_range": 0.19590457677841194,
  "provenance": {
    "md5sum": "5452a9ee309c6b6f868f07808f98e0cd",
    "settings": {
      "testing": false
    },
    "software": "mriqc",
    "version": "22.0.6",
    "warnings": {
      "large_rot_frame": true,
      "small_air_mask": false
    },
    "webapi_port": null,
    "webapi_url": "https://mriqc.nimh.nih.gov/api/v1"
  },
  "qi_1": 0.00015766863244197568,
  "qi_2": 0.005238663800344938,
  "rpve_csf": 28.6125882998841,
  "rpve_gm": 13.153596931654965,
  "rpve_wm": 17.445094369982776,
  "size_x": 192,
  "size_y": 240,
  "size_z": 256,
  "snr_csf": 2.4693827355887454,
  "snr_gm": 12.031718972357302,
  "snr_total": 11.350731854898411,
  "snr_wm": 19.551093856749187,
  "snrd_csf": 17.72057751278703,
  "snrd_gm": 44.07834686278822,
  "snrd_total": 40.7739258279868,
  "snrd_wm": 60.52285310838515,
  "spacing_x": 1.0,
  "spacing_y": 1.0,
  "spacing_z": 1.0,
  "summary_bg_k": 2.87955432866639,
  "summary_bg_mad": 10.824997864580272,
  "summary_bg_mean": 12.094380006410017,
  "summary_bg_median": 7.301350105553865,
  "summary_bg_n": 2863261.0,
  "summary_bg_p05": 0.0,
  "summary_bg_p95": 39.925919357687235,
  "summary_bg_stdv": 13.996075004559184,
  "summary_csf_k": 2.141108226989971,
  "summary_csf_mad": 99.88040712611505,
  "summary_csf_mean": 305.1623605208809,
  "summary_csf_median": 292.80194740369916,
  "summary_csf_n": 26208.0,
  "summary_csf_p05": 125.75061862282456,
  "summary_csf_p95": 522.5505037860944,
  "summary_csf_stdv": 118.57066829410098,
  "summary_gm_k": 0.08267865107533057,
  "summary_gm_mad": 59.40547608611125,
  "summary_gm_mean": 727.2088334294232,
  "summary_gm_median": 728.3185771144927,
  "summary_gm_n": 21880.0,
  "summary_gm_p05": 624.3900912217796,
  "summary_gm_p95": 824.4827004559338,
  "summary_gm_stdv": 60.5318271744914,
  "summary_wm_k": 1.1656956619752652,
  "summary_wm_mad": 46.573893251511215,
  "summary_wm_mean": 1002.4060672126378,
  "summary_wm_median": 1000.0356500670314,
  "summary_wm_n": 181633.0,
  "summary_wm_p05": 923.7810618914664,
  "summary_wm_p95": 1089.0052723288536,
  "summary_wm_stdv": 51.14971594370179,
  "tpm_overlap_csf": 0.16535275659465018,
  "tpm_overlap_gm": 0.4692649011069418,
  "tpm_overlap_wm": 0.507179411340877,
  "wm2max": 0.5421509944004634
}