{
  "aor": 0.00031441358024691355,
  "aqi": 0.0043027502160493825,
  "bids_meta": {
    "CogAtlasID": " ",
    "CogPOID": " ",
    "CoilCombinationMethod": " ",
    "DelayTime": " ",
    "DeviceSerialNumber": "35368 ",
    "EchoTime": 0.03,
    "EffectiveEchoSpacing": 0.00026499894000423993,
    "FlipAngle": 60,
    "GradientSetType": " ",
    "InstitutionAddress": "Perth Drive 100,London//709CAB//,Ontario,CA,N6A 5K8",
    "InstitutionName": "Robarts-CFMM",
    "Instructions": " ",
    "InversionTime": " ",
    "MRTransmitCoilSequence": " ",
    "MagneticFieldStrength": 3,
    "Manufacturer": "SIEMENS ",
    "ManufacturerModelName": "TrioTim ",
    "MatrixCoilMode": " ",
    "MultibandAccelerationFactor": " ",
    "NumberOfVolumesDiscardedByScanner": " ",
    "NumberOfVolumesDiscardedByUser": 10,
    "NumberShots": " ",
    "ParallelAcquisitionTechnique": " ",
    "ParallelReductionFactorInPlane": " ",
    "PartialFourier": " ",
    "PartialFourierDirection": " ",
    "PulseSequenceDetails": " ",
    "PulseSequenceType": " ",
    "ReceiveCoilName": " ",
    "RepetitionTime": 2,
    "SliceTiming": [
      1.00499999999,
      0,
      1.06,
      0.05499999999,
      1.1149999999900002,
      0.11249999999,
      1.1725,
      0.1675,
      1.22749999999,
      0.22249999999,
      1.2825,
      0.28,
      1.3374999999900001,
      0.33499999999,
      1.39499999999,
      0.39,
      1.45,
      0.44749999999,
      1.5049999999900001,
      0.5025,
      1.5625,
      0.5575,
      1.6174999999900002,
      0.61249999999,
      1.6725,
      0.67,
      1.73,
      0.72499999999,
      1.7849999999900001,
      0.78,
      1.84,
      0.83749999999,
      1.8974999999900002,
      0.8925,
      1.9525,
      0.94749999999
    ],
    "SoftwareVersions": "syngo MR B17",
    "TaskDescription": " ",
    "TaskName": "ep2d_bold_MemoryAndManiupulate_2",
    "TotalReadoutTime": 0.020934916260334956,
    "dataset": "ds001635",
    "modality": "bold",
    "run_id": 2,
    "subject_id": "11",
    "task_id": "WM"
  },
  "dummy_trs": 0,
  "dvars_nstd": 22.237225547058827,
  "dvars_std": 1.1549524750774,
  "dvars_vstd": 0.9961530760681121,
  "efc": 0.45659018292918147,
  "fber": 5256.341796875,
  "fd_mean": 0.07359340848526134,
  "fd_num": 0,
  "fd_perc": 0.0,
  "fwhm_avg": 1.6865655555555554,
  "fwhm_x": 1.5693000000000001,
  "fwhm_y": 1.7865466666666665,
  "fwhm_z": 1.70385,
  "gcor": 0.0433935,
  "gsr_x": -0.011714241467416286,
  "gsr_y": 0.01128036342561245,
  "provenance": {
    "md5sum": "00d9d4b2ae14dea028d56003c356d3a8",
    "settings": {
      "fd_thres": 0.2,
      "testing": false
    },
    "software": "mriqc",
    "version": "22.0.6",
    "webapi_port": null,
    "webapi_url": "https://mriqc.nimh.nih.gov/api/v1"
  },
  "size_t": 324,
  "size_x": 80,
  "size_y": 80,
  "size_z": 36,
  "snr": 5.4969322615315015,
  "spacing_tr": 2.0,
  "spacing_x": 3.0,
  "spacing_y": 3.0,
  "spacing_z": 3.0,
  "summary_bg_k": 60.6503273920334,
  "summary_bg_mad": 5.714826423004192,
  "summary_bg_mean": 17.767601013183594,
  "summary_bg_median": 8.879805564880371,
  "summary_bg_n": 151885.0,
  "summary_bg_p05": 2.8951252460479737,
  "summary_bg_p95": 60.64993820190412,
  "summary_bg_stdv": 34.664886474609375,
  "summary_fg_k": 3.090250528275197,
  "summary_fg_mad": 105.21539475082433,
  "summary_fg_mean": 664.7781982421875,
  "summary_fg_median": 648.8868408203125,
  "summary_fg_n": 38424.0,
  "summary_fg_p05": 510.28612365722654,
  "summary_fg_p95": 863.2728302001952,
  "summary_fg_stdv": 118.04373168945312,
  "tsnr": 76.64581298828125
}