{
  "aor": 0.004289145569620254,
  "aqi": 0.011707813132911393,
  "bids_meta": {
    "CogAtlasID": " ",
    "CogPOID": " ",
    "CoilCombinationMethod": " ",
    "DelayTime": " ",
    "DeviceSerialNumber": "35368 ",
    "EchoTime": 0.03,
    "EffectiveEchoSpacing": 0.00026499894000423993,
    "FlipAngle": 60,
    "GradientSetType": " ",
    "InstitutionAddress": "Perth Drive 100,London//709CAB//,Ontario,CA,N6A 5K8",
    "InstitutionName": "Robarts-CFMM",
    "Instructions": " ",
    "InversionTime": " ",
    "MRTransmitCoilSequence": " ",
    "MagneticFieldStrength": 3,
    "Manufacturer": "SIEMENS ",
    "ManufacturerModelName": "TrioTim ",
    "MatrixCoilMode": " ",
    "MultibandAccelerationFactor": " ",
    "NumberOfVolumesDiscardedByScanner": " ",
    "NumberOfVolumesDiscardedByUser": 10,
    "NumberShots": " ",
    "ParallelAcquisitionTechnique": " ",
    "ParallelReductionFactorInPlane": " ",
    "PartialFourier": " ",
    "PartialFourierDirection": " ",
    "PulseSequenceDetails": " ",
    "PulseSequenceType": " ",
    "ReceiveCoilName": " ",
    "RepetitionTime": 2,
    "SliceTiming": [
      1.005,
      0,
      1.0600000000099998,
      0.05750000001,
      1.11750000001,
      0.1125,
      1.1725,
      0.16750000001,
      1.2275000000099998,
      0.22500000001,
      1.2825,
      0.28000000001,
      1.3400000000099999,
      0.33500000001,
      1.395,
      0.3925,
      1.45000000001,
      0.44750000001,
      1.5075000000099998,
      0.5025,
      1.5625,
      0.55750000001,
      1.61750000001,
      0.61500000001,
      1.675,
      0.67000000001,
      1.73000000001,
      0.72500000001,
      1.785,
      0.7825,
      1.8400000000099999,
      0.83750000001,
      1.89750000001,
      0.8925,
      1.95250000001,
      0.95000000001
    ],
    "SoftwareVersions": "syngo MR B17",
    "TaskDescription": " ",
    "TaskName": "ep2d_bold_MemoryAndManiupulate_1",
    "TotalReadoutTime": 0.020934916260334956,
    "dataset": "ds001635",
    "modality": "bold",
    "run_id": 1,
    "subject_id": "11",
    "task_id": "WM"
  },
  "dummy_trs": 0,
  "dvars_nstd": 22.029067956984147,
  "dvars_std": 1.1081808433333338,
  "dvars_vstd": 0.9845977779365077,
  "efc": 0.45640263386978647,
  "fber": 5301.7314453125,
  "fd_mean": 0.08993849968005746,
  "fd_num": 1,
  "fd_perc": 0.31645569620253167,
  "fwhm_avg": 1.6950199999999997,
  "fwhm_x": 1.5853933333333332,
  "fwhm_y": 1.8190366666666666,
  "fwhm_z": 1.68063,
  "gcor": 0.00983186,
  "gsr_x": -0.011939399875700474,
  "gsr_y": 0.012644175440073013,
  "provenance": {
    "md5sum": "a5e24d2175a4875952a06f7c8dafe1e3",
    "settings": {
      "fd_thres": 0.2,
      "testing": false
    },
    "software": "mriqc",
    "version": "22.0.6",
    "webapi_port": null,
    "webapi_url": "https://mriqc.nimh.nih.gov/api/v1"
  },
  "size_t": 316,
  "size_x": 80,
  "size_y": 80,
  "size_z": 36,
  "snr": 5.49109984992639,
  "spacing_tr": 2.0,
  "spacing_x": 3.0,
  "spacing_y": 3.0,
  "spacing_z": 3.0,
  "summary_bg_k": 64.61508003169,
  "summary_bg_mad": 6.090784832023855,
  "summary_bg_mean": 18.248395919799805,
  "summary_bg_median": 8.9840669631958,
  "summary_bg_n": 152057.0,
  "summary_bg_p05": 2.689758539199829,
  "summary_bg_p95": 62.54811019897436,
  "summary_bg_stdv": 35.98406219482422,
  "summary_fg_k": 2.8730804568417687,
  "summary_fg_mad": 106.46222303864656,
  "summary_fg_mean": 667.61376953125,
  "summary_fg_median": 651.2929077148438,
  "summary_fg_n": 38279.0,
  "summary_fg_p05": 511.91162109375,
  "summary_fg_p95": 868.1856018066405,
  "summary_fg_stdv": 118.6072769165039,
  "tsnr": 55.190589904785156
}