{
  "aor": 0.00030109375000000004,
  "aqi": 0.00447299115625,
  "bids_meta": {
    "CogAtlasID": " ",
    "CogPOID": " ",
    "CoilCombinationMethod": " ",
    "DelayTime": " ",
    "DeviceSerialNumber": "35368 ",
    "EchoTime": 0.03,
    "EffectiveEchoSpacing": 0.00026499894000423993,
    "FlipAngle": 60,
    "GradientSetType": " ",
    "InstitutionAddress": "Perth Drive 100,London//709CAB//,Ontario,CA,N6A 5K8",
    "InstitutionName": "Robarts-CFMM",
    "Instructions": " ",
    "InversionTime": " ",
    "MRTransmitCoilSequence": " ",
    "MagneticFieldStrength": 3,
    "Manufacturer": "SIEMENS ",
    "ManufacturerModelName": "TrioTim ",
    "MatrixCoilMode": " ",
    "MultibandAccelerationFactor": " ",
    "NumberOfVolumesDiscardedByScanner": " ",
    "NumberOfVolumesDiscardedByUser": 10,
    "NumberShots": " ",
    "ParallelAcquisitionTechnique": " ",
    "ParallelReductionFactorInPlane": " ",
    "PartialFourier": " ",
    "PartialFourierDirection": " ",
    "PulseSequenceDetails": " ",
    "PulseSequenceType": " ",
    "ReceiveCoilName": " ",
    "RepetitionTime": 2,
    "SliceTiming": [
      1.00249999999,
      0,
      1.0575,
      0.05499999999,
      1.1149999999900002,
      0.11,
      1.17,
      0.1675,
      1.22499999999,
      0.22249999999,
      1.2824999999900002,
      0.2775,
      1.3374999999900001,
      0.33249999999,
      1.39249999999,
      0.39,
      1.45,
      0.44499999999,
      1.5049999999900001,
      0.5,
      1.56,
      0.5575,
      1.6174999999900002,
      0.61249999999,
      1.6725,
      0.6675,
      1.72749999999,
      0.72499999999,
      1.7824999999900002,
      0.78,
      1.84,
      0.83499999999,
      1.89499999999,
      0.89249999999,
      1.95,
      0.94749999999
    ],
    "SoftwareVersions": "syngo MR B17",
    "TaskDescription": " ",
    "TaskName": "ep2d_bold_MemoryAndManiupulate_3",
    "TotalReadoutTime": 0.020934916260334956,
    "dataset": "ds001635",
    "modality": "bold",
    "run_id": 3,
    "subject_id": "11",
    "task_id": "WM"
  },
  "dummy_trs": 0,
  "dvars_nstd": 22.29213296636363,
  "dvars_std": 1.1480663337617552,
  "dvars_vstd": 0.9933929112852659,
  "efc": 0.45674852656729137,
  "fber": 5243.2080078125,
  "fd_mean": 0.08084559476809348,
  "fd_num": 2,
  "fd_perc": 0.625,
  "fwhm_avg": 1.6806433333333333,
  "fwhm_x": 1.5641366666666665,
  "fwhm_y": 1.7806466666666667,
  "fwhm_z": 1.6971466666666668,
  "gcor": 0.0409991,
  "gsr_x": -0.01155237015336752,
  "gsr_y": 0.011370780877768993,
  "provenance": {
    "md5sum": "f2fee5a45d9d7f55859991fafa5bc8e6",
    "settings": {
      "fd_thres": 0.2,
      "testing": false
    },
    "software": "mriqc",
    "version": "22.0.6",
    "webapi_port": null,
    "webapi_url": "https://mriqc.nimh.nih.gov/api/v1"
  },
  "size_t": 320,
  "size_x": 80,
  "size_y": 80,
  "size_z": 36,
  "snr": 5.498217818963958,
  "spacing_tr": 2.0,
  "spacing_x": 3.0,
  "spacing_y": 3.0,
  "spacing_z": 3.0,
  "summary_bg_k": 60.6758793498424,
  "summary_bg_mad": 5.671163877028924,
  "summary_bg_mean": 17.7818546295166,
  "summary_bg_median": 8.87157917022705,
  "summary_bg_n": 151880.0,
  "summary_bg_p05": 2.8960649013519286,
  "summary_bg_p95": 60.90084171295163,
  "summary_bg_stdv": 34.76687240600586,
  "summary_fg_k": 3.1396881371206646,
  "summary_fg_mad": 104.71955009406764,
  "summary_fg_mean": 663.4168701171875,
  "summary_fg_median": 647.2816162109375,
  "summary_fg_n": 38436.0,
  "summary_fg_p05": 509.2156066894531,
  "summary_fg_p95": 860.9256744384766,
  "summary_fg_stdv": 117.72418212890625,
  "tsnr": 75.58740997314453
}