{
  "aor": 0.0004797280966767372,
  "aqi": 0.0065358442900302115,
  "bids_meta": {
    "CogAtlasID": " ",
    "CogPOID": " ",
    "CoilCombinationMethod": " ",
    "DelayTime": " ",
    "DeviceSerialNumber": "35368 ",
    "EchoTime": 0.03,
    "EffectiveEchoSpacing": 0.00026499894000423993,
    "FlipAngle": 60,
    "GradientSetType": " ",
    "InstitutionAddress": "Perth Drive 100,London//709CAB//,Ontario,CA,N6A 5K8",
    "InstitutionName": "Robarts-CFMM",
    "Instructions": " ",
    "InversionTime": " ",
    "MRTransmitCoilSequence": " ",
    "MagneticFieldStrength": 3,
    "Manufacturer": "SIEMENS ",
    "ManufacturerModelName": "TrioTim ",
    "MatrixCoilMode": " ",
    "MultibandAccelerationFactor": " ",
    "NumberOfVolumesDiscardedByScanner": " ",
    "NumberOfVolumesDiscardedByUser": 10,
    "NumberShots": " ",
    "ParallelAcquisitionTechnique": " ",
    "ParallelReductionFactorInPlane": " ",
    "PartialFourier": " ",
    "PartialFourierDirection": " ",
    "PulseSequenceDetails": " ",
    "PulseSequenceType": " ",
    "ReceiveCoilName": " ",
    "RepetitionTime": 2,
    "SliceTiming": [
      1.0025,
      0,
      1.06,
      0.05499999999,
      1.1149999999900002,
      0.11249999999,
      1.17000000001,
      0.16750000001,
      1.2275000000099998,
      0.2225,
      1.2825,
      0.2775,
      1.3374999999900001,
      0.33499999999,
      1.39499999999,
      0.39000000001,
      1.45000000001,
      0.44500000001,
      1.505,
      0.5025,
      1.5625,
      0.5575,
      1.6174999999900002,
      0.61249999999,
      1.67250000002,
      0.67000000001,
      1.7275000000099998,
      0.72500000001,
      1.785,
      0.78,
      1.84,
      0.83749999999,
      1.89499999999,
      0.89250000002,
      1.95250000001,
      0.94750000001
    ],
    "SoftwareVersions": "syngo MR B17",
    "TaskDescription": " ",
    "TaskName": "ep2d_bold_MemoryAndManiupulate_1",
    "TotalReadoutTime": 0.020934916260334956,
    "dataset": "ds001635",
    "modality": "bold",
    "run_id": 1,
    "subject_id": "07",
    "task_id": "WM"
  },
  "dummy_trs": 0,
  "dvars_nstd": 20.999670369545452,
  "dvars_std": 1.081560425909091,
  "dvars_vstd": 1.0012702451515147,
  "efc": 0.4593971987656437,
  "fber": 5012.2939453125,
  "fd_mean": 0.0695351549181897,
  "fd_num": 6,
  "fd_perc": 1.8126888217522659,
  "fwhm_avg": 1.5691166666666667,
  "fwhm_x": 1.4505299999999999,
  "fwhm_y": 1.6585733333333332,
  "fwhm_z": 1.5982466666666666,
  "gcor": 0.0329592,
  "gsr_x": -0.003442897228524089,
  "gsr_y": 0.008254128508269787,
  "provenance": {
    "md5sum": "29eae28d7fd782dd7433d7ee3358f46b",
    "settings": {
      "fd_thres": 0.2,
      "testing": false
    },
    "software": "mriqc",
    "version": "22.0.6",
    "webapi_port": null,
    "webapi_url": "https://mriqc.nimh.nih.gov/api/v1"
  },
  "size_t": 331,
  "size_x": 80,
  "size_y": 80,
  "size_z": 36,
  "snr": 5.942287615202121,
  "spacing_tr": 2.0,
  "spacing_x": 3.0,
  "spacing_y": 3.0,
  "spacing_z": 3.0,
  "summary_bg_k": 45.27974216797329,
  "summary_bg_mad": 4.980369745332155,
  "summary_bg_mean": 19.691314697265625,
  "summary_bg_median": 8.198286056518555,
  "summary_bg_n": 153838.0,
  "summary_bg_p05": 2.8084960460662844,
  "summary_bg_p95": 70.80879020690917,
  "summary_bg_stdv": 42.36322784423828,
  "summary_fg_k": 2.167547857565771,
  "summary_fg_mad": 93.570442944689,
  "summary_fg_mean": 592.5576171875,
  "summary_fg_median": 582.2384033203125,
  "summary_fg_n": 36970.0,
  "summary_fg_p05": 460.24495697021484,
  "summary_fg_p95": 756.4663787841794,
  "summary_fg_stdv": 97.98087310791016,
  "tsnr": 68.83726501464844
}