{
  "aor": 0.00034753799392097263,
  "aqi": 0.00738761452887538,
  "bids_meta": {
    "CogAtlasID": " ",
    "CogPOID": " ",
    "CoilCombinationMethod": " ",
    "DelayTime": " ",
    "DeviceSerialNumber": "35368 ",
    "EchoTime": 0.03,
    "EffectiveEchoSpacing": 0.00026499894000423993,
    "FlipAngle": 60,
    "GradientSetType": " ",
    "InstitutionAddress": "Perth Drive 100,London//709CAB//,Ontario,CA,N6A 5K8",
    "InstitutionName": "Robarts-CFMM",
    "Instructions": " ",
    "InversionTime": " ",
    "MRTransmitCoilSequence": " ",
    "MagneticFieldStrength": 3,
    "Manufacturer": "SIEMENS ",
    "ManufacturerModelName": "TrioTim ",
    "MatrixCoilMode": " ",
    "MultibandAccelerationFactor": " ",
    "NumberOfVolumesDiscardedByScanner": " ",
    "NumberOfVolumesDiscardedByUser": 10,
    "NumberShots": " ",
    "ParallelAcquisitionTechnique": " ",
    "ParallelReductionFactorInPlane": " ",
    "PartialFourier": " ",
    "PartialFourierDirection": " ",
    "PulseSequenceDetails": " ",
    "PulseSequenceType": " ",
    "ReceiveCoilName": " ",
    "RepetitionTime": 2,
    "SliceTiming": [
      1.0025,
      0,
      1.0575,
      0.05499999999,
      1.1149999999900002,
      0.10999999999,
      1.16999999998,
      0.16749999998,
      1.2250000000099999,
      0.2225,
      1.2825,
      0.2775,
      1.3374999999900001,
      0.33249999999,
      1.39249999999,
      0.38999999998,
      1.44999999998,
      0.44500000001,
      1.505,
      0.5,
      1.56,
      0.5575,
      1.6149999999900002,
      0.61249999999,
      1.67249999999,
      0.66749999998,
      1.7275000000099998,
      0.72500000001,
      1.7825,
      0.78,
      1.84,
      0.83499999999,
      1.89499999999,
      0.88999999998,
      1.94999999998,
      0.94749999998
    ],
    "SoftwareVersions": "syngo MR B17",
    "TaskDescription": " ",
    "TaskName": "ep2d_bold_MemoryAndManiupulate_3",
    "TotalReadoutTime": 0.020934916260334956,
    "dataset": "ds001635",
    "modality": "bold",
    "run_id": 3,
    "subject_id": "07",
    "task_id": "WM"
  },
  "dummy_trs": 0,
  "dvars_nstd": 21.85892318524391,
  "dvars_std": 1.0975591310670734,
  "dvars_vstd": 0.9995727357317075,
  "efc": 0.4602420139774012,
  "fber": 4934.64306640625,
  "fd_mean": 0.07088174895578389,
  "fd_num": 4,
  "fd_perc": 1.21580547112462,
  "fwhm_avg": 1.5761777777777777,
  "fwhm_x": 1.4563499999999998,
  "fwhm_y": 1.6630733333333334,
  "fwhm_z": 1.60911,
  "gcor": 0.0376166,
  "gsr_x": -0.0037596761249005795,
  "gsr_y": 0.008506814949214458,
  "provenance": {
    "md5sum": "9a40e807eb52cdd1210dd91837d499d9",
    "settings": {
      "fd_thres": 0.2,
      "testing": false
    },
    "software": "mriqc",
    "version": "22.0.6",
    "webapi_port": null,
    "webapi_url": "https://mriqc.nimh.nih.gov/api/v1"
  },
  "size_t": 329,
  "size_x": 80,
  "size_y": 80,
  "size_z": 36,
  "snr": 5.948805398514605,
  "spacing_tr": 2.0,
  "spacing_x": 3.0,
  "spacing_y": 3.0,
  "spacing_z": 3.0,
  "summary_bg_k": 46.688783718215866,
  "summary_bg_mad": 4.991196481627522,
  "summary_bg_mean": 19.8609676361084,
  "summary_bg_median": 8.212688446044922,
  "summary_bg_n": 153828.0,
  "summary_bg_p05": 2.805974531173706,
  "summary_bg_p95": 71.86733207702635,
  "summary_bg_stdv": 42.76751708984375,
  "summary_fg_k": 2.1490718475740485,
  "summary_fg_mad": 92.92076382922508,
  "summary_fg_mean": 588.8353271484375,
  "summary_fg_median": 578.7142333984375,
  "summary_fg_n": 36978.0,
  "summary_fg_p05": 457.33775939941404,
  "summary_fg_p95": 752.1173217773437,
  "summary_fg_stdv": 97.28111267089844,
  "tsnr": 66.85580444335938
}