{
  "bids_meta": {
    "AnatomicalLandmarkCoordinates": " ",
    "CoilCombinationMethod": " ",
    "ContrastBolusIngredient": " ",
    "DeviceSerialNumber": "35368 ",
    "DwellTime": " ",
    "EchoTime": 0.00298,
    "EchoTrainLength": 1,
    "FlipAngle": 9,
    "GradientSetType": " ",
    "HardcopyDeviceSoftwareVersion": "",
    "InstitutionAddress": "Perth Drive 100,London//709CAB//,Ontario,CA,N6A 5K8",
    "InstitutionName": "Robarts Research Institute",
    "InstitutionalDepartmentName": "CFMM",
    "InversionTime": 900,
    "MagneticFieldStrength": 3,
    "Manufacturer": "SIEMENS ",
    "ManufacturersModelName": " ",
    "MatrixCoilMode": " ",
    "MultibandAccelerationFactor": " ",
    "NonlinearGradientCorrection": " ",
    "NumberShots": " ",
    "ParallelAcquisitionTechnique": " ",
    "ParallelReductionFactorInPlane": " ",
    "PartialFourier": " ",
    "PartialFourierDirection": " ",
    "PulseSequenceDetails": " ",
    "PulseSequenceType": "MPRAGE ADNI iPAT2 ",
    "ReceiveCoilActiveElements": " ",
    "ReceiveCoilName": " ",
    "ScanOptions": "IR",
    "ScanningSequence": "GR\\IR ",
    "SequenceName": "*tfl3d1_ns",
    "SequenceVariant": "SP\\MP ",
    "SliceEncodingDirection": " ",
    "SoftwareVersions": "syngo MR B17",
    "StationName": "MRC35368",
    "WaterFatShift": " ",
    "dataset": "ds001635",
    "modality": "T1w",
    "subject_id": "02"
  },
  "cjv": 0.3892567432216607,
  "cnr": 3.4836028478705705,
  "efc": 0.5461911492274047,
  "fber": 3402.8981778795924,
  "fwhm_avg": 4.058746666666667,
  "fwhm_x": 4.20793,
  "fwhm_y": 4.16404,
  "fwhm_z": 3.80427,
  "icvs_csf": 0.19679743834421257,
  "icvs_gm": 0.4464534113441679,
  "icvs_wm": 0.3567491503116196,
  "inu_med": 0.48428207635879517,
  "inu_range": 0.17459845542907715,
  "provenance": {
    "md5sum": "574cb15faef4c02e5765af3d4f45bb49",
    "settings": {
      "testing": false
    },
    "software": "mriqc",
    "version": "22.0.6",
    "warnings": {
      "large_rot_frame": true,
      "small_air_mask": false
    },
    "webapi_port": null,
    "webapi_url": "https://mriqc.nimh.nih.gov/api/v1"
  },
  "qi_1": 0.0,
  "qi_2": 0.007318734714137341,
  "rpve_csf": 28.029209712348873,
  "rpve_gm": 13.147001665741255,
  "rpve_wm": 18.341320720461276,
  "size_x": 192,
  "size_y": 240,
  "size_z": 256,
  "snr_csf": 2.2516602355547457,
  "snr_gm": 12.189561595891828,
  "snr_total": 12.385585561455791,
  "snr_wm": 22.7155348529208,
  "snrd_csf": 19.29728122974938,
  "snrd_gm": 49.38430038847097,
  "snrd_total": 45.24099943477747,
  "snrd_wm": 67.04141668611207,
  "spacing_x": 1.0,
  "spacing_y": 1.0,
  "spacing_z": 1.0,
  "summary_bg_k": 2.379339716699149,
  "summary_bg_mad": 9.772114279518583,
  "summary_bg_mean": 10.00531373149874,
  "summary_bg_median": 6.591190919280052,
  "summary_bg_n": 3566785.0,
  "summary_bg_p05": 0.0,
  "summary_bg_p95": 32.568237483501434,
  "summary_bg_stdv": 11.238133206021612,
  "summary_csf_k": 0.2101376354096316,
  "summary_csf_mad": 114.33373707036742,
  "summary_csf_mean": 292.3956655904898,
  "summary_csf_median": 287.84118461608887,
  "summary_csf_n": 30155.0,
  "summary_csf_p05": 80.94370165988803,
  "summary_csf_p95": 522.7434746369719,
  "summary_csf_stdv": 127.8329684635783,
  "summary_gm_k": -0.027324545897099206,
  "summary_gm_mad": 60.673333070775676,
  "summary_gm_mean": 736.2585262655908,
  "summary_gm_median": 736.6237427964807,
  "summary_gm_n": 33908.0,
  "summary_gm_p05": 636.2050105556846,
  "summary_gm_p95": 835.1678627964109,
  "summary_gm_stdv": 60.429809130379475,
  "summary_wm_k": 0.4145774446432071,
  "summary_wm_mad": 41.847642326408995,
  "summary_wm_mean": 1001.3268335656792,
  "summary_wm_median": 999.9999775886536,
  "summary_wm_n": 187875.0,
  "summary_wm_p05": 931.1801900491118,
  "summary_wm_p95": 1076.0313034281135,
  "summary_wm_stdv": 44.022618120858894,
  "tpm_overlap_csf": 0.1486128983741968,
  "tpm_overlap_gm": 0.47023847942727154,
  "tpm_overlap_wm": 0.5086686218070052,
  "wm2max": 0.4680454414561546
}