{
  "bids_meta": {
    "AnatomicalLandmarkCoordinates": " ",
    "CoilCombinationMethod": " ",
    "ContrastBolusIngredient": " ",
    "DeviceSerialNumber": "35368 ",
    "DwellTime": " ",
    "EchoTime": 0.00298,
    "EchoTrainLength": 1,
    "FlipAngle": 9,
    "GradientSetType": " ",
    "HardcopyDeviceSoftwareVersion": "",
    "InstitutionAddress": "Perth Drive 100,London//709CAB//,Ontario,CA,N6A 5K8",
    "InstitutionName": "Robarts-CFMM",
    "InstitutionalDepartmentName": "CFMM",
    "InversionTime": 900,
    "MagneticFieldStrength": 3,
    "Manufacturer": "SIEMENS ",
    "ManufacturersModelName": " ",
    "MatrixCoilMode": " ",
    "MultibandAccelerationFactor": " ",
    "NonlinearGradientCorrection": " ",
    "NumberShots": " ",
    "ParallelAcquisitionTechnique": " ",
    "ParallelReductionFactorInPlane": " ",
    "PartialFourier": " ",
    "PartialFourierDirection": " ",
    "PulseSequenceDetails": " ",
    "PulseSequenceType": "MPRAGE ADNI iPAT2 ",
    "ReceiveCoilActiveElements": " ",
    "ReceiveCoilName": " ",
    "ScanOptions": "IR",
    "ScanningSequence": "GR\\IR ",
    "SequenceName": "*tfl3d1_ns",
    "SequenceVariant": "SP\\MP ",
    "SliceEncodingDirection": " ",
    "SoftwareVersions": "syngo MR B17",
    "StationName": "MRC35368",
    "WaterFatShift": " ",
    "dataset": "ds001635",
    "modality": "T1w",
    "subject_id": "04"
  },
  "cjv": 0.33669178412440176,
  "cnr": 3.9127494185009266,
  "efc": 0.5406265355458613,
  "fber": 2743.486218728769,
  "fwhm_avg": 3.9475,
  "fwhm_x": 4.09391,
  "fwhm_y": 4.00578,
  "fwhm_z": 3.74281,
  "icvs_csf": 0.22125879681273755,
  "icvs_gm": 0.44429691263976556,
  "icvs_wm": 0.3344442905474969,
  "inu_med": 0.5533962845802307,
  "inu_range": 0.20238879323005665,
  "provenance": {
    "md5sum": "0544d508173baae9b40c1edd8df392eb",
    "settings": {
      "testing": false
    },
    "software": "mriqc",
    "version": "22.0.6",
    "warnings": {
      "large_rot_frame": true,
      "small_air_mask": false
    },
    "webapi_port": null,
    "webapi_url": "https://mriqc.nimh.nih.gov/api/v1"
  },
  "qi_1": 0.00017969259234677657,
  "qi_2": 0.007830081999957855,
  "rpve_csf": 26.396142029148614,
  "rpve_gm": 13.51225627774711,
  "rpve_wm": 19.74068633974036,
  "size_x": 192,
  "size_y": 240,
  "size_z": 256,
  "snr_csf": 2.4755476627563726,
  "snr_gm": 14.01843769251538,
  "snr_total": 12.687727626004763,
  "snr_wm": 21.569197522742535,
  "snrd_csf": 21.324551532511276,
  "snrd_gm": 53.151974805845676,
  "snrd_total": 49.24867685595249,
  "snrd_wm": 73.26950422950053,
  "spacing_x": 1.0,
  "spacing_y": 1.0,
  "spacing_z": 1.0,
  "summary_bg_k": 1.9014652578252704,
  "summary_bg_mad": 8.94146087652981,
  "summary_bg_mean": 8.251693102799294,
  "summary_bg_median": 6.030923712998629,
  "summary_bg_n": 3223033.0,
  "summary_bg_p05": 0.0,
  "summary_bg_p95": 27.76653467863798,
  "summary_bg_stdv": 9.847907725551014,
  "summary_csf_k": 0.26813460100383724,
  "summary_csf_mad": 103.69694224592959,
  "summary_csf_mean": 302.69461580867437,
  "summary_csf_median": 291.0426641497761,
  "summary_csf_n": 39926.0,
  "summary_csf_p05": 109.06257680989802,
  "summary_csf_p95": 517.6677773650736,
  "summary_csf_stdv": 117.56550832342354,
  "summary_gm_k": 0.28091249401731133,
  "summary_gm_mad": 48.937995602752075,
  "summary_gm_mean": 724.7904459371787,
  "summary_gm_median": 725.4310754779726,
  "summary_gm_n": 26992.0,
  "summary_gm_p05": 637.4564936645329,
  "summary_gm_p95": 808.7691317120566,
  "summary_gm_stdv": 51.747395349940874,
  "summary_wm_k": 0.5346105870809379,
  "summary_wm_mad": 43.50710829183967,
  "summary_wm_mean": 998.7687039868358,
  "summary_wm_median": 1000.0000084117055,
  "summary_wm_n": 165770.0,
  "summary_wm_p05": 920.1003882139921,
  "summary_wm_p95": 1072.16871297732,
  "summary_wm_stdv": 46.36227152750735,
  "tpm_overlap_csf": 0.13804816197012476,
  "tpm_overlap_gm": 0.46204135647225236,
  "tpm_overlap_wm": 0.4854099260536576,
  "wm2max": 0.45026622633061514
}