{
  "aor": 0.0003403809523809524,
  "aqi": 0.007457050317460318,
  "bids_meta": {
    "CogAtlasID": " ",
    "CogPOID": " ",
    "CoilCombinationMethod": " ",
    "DelayTime": " ",
    "DeviceSerialNumber": "35368 ",
    "EchoTime": 0.03,
    "EffectiveEchoSpacing": 0.00026499894000423993,
    "FlipAngle": 60,
    "GradientSetType": " ",
    "InstitutionAddress": "Perth Drive 100,London//709CAB//,Ontario,CA,N6A 5K8",
    "InstitutionName": "Robarts-CFMM",
    "Instructions": " ",
    "InversionTime": " ",
    "MRTransmitCoilSequence": " ",
    "MagneticFieldStrength": 3,
    "Manufacturer": "SIEMENS ",
    "ManufacturerModelName": "TrioTim ",
    "MatrixCoilMode": " ",
    "MultibandAccelerationFactor": " ",
    "NumberOfVolumesDiscardedByScanner": " ",
    "NumberOfVolumesDiscardedByUser": 10,
    "NumberShots": " ",
    "ParallelAcquisitionTechnique": " ",
    "ParallelReductionFactorInPlane": " ",
    "PartialFourier": " ",
    "PartialFourierDirection": " ",
    "PulseSequenceDetails": " ",
    "PulseSequenceType": " ",
    "ReceiveCoilName": " ",
    "RepetitionTime": 2,
    "SliceTiming": [
      1.0025,
      0,
      1.06,
      0.05499999999,
      1.1149999999900002,
      0.10999999999,
      1.16999999998,
      0.16749999998,
      1.2275000000099998,
      0.2225,
      1.2825,
      0.2775,
      1.3374999999900001,
      0.33499999999,
      1.39249999999,
      0.38999999998,
      1.44999999998,
      0.44500000001,
      1.505,
      0.5025,
      1.56,
      0.5575,
      1.6174999999900002,
      0.61249999999,
      1.67249999999,
      0.66999999998,
      1.7275000000099998,
      0.72500000001,
      1.785,
      0.78,
      1.84,
      0.83499999999,
      1.89499999999,
      0.89249999999,
      1.95249999998,
      0.94749999998
    ],
    "SoftwareVersions": "syngo MR B17",
    "TaskDescription": " ",
    "TaskName": "ep2d_bold_MemoryAndManiupulate_2",
    "TotalReadoutTime": 0.020934916260334956,
    "dataset": "ds001635",
    "modality": "bold",
    "run_id": 2,
    "subject_id": "07",
    "task_id": "WM"
  },
  "dummy_trs": 0,
  "dvars_nstd": 21.548416277324822,
  "dvars_std": 1.0859122686624203,
  "dvars_vstd": 0.9947197587898088,
  "efc": 0.4595653050057911,
  "fber": 4992.99267578125,
  "fd_mean": 0.07149278034905468,
  "fd_num": 2,
  "fd_perc": 0.6349206349206349,
  "fwhm_avg": 1.5772633333333335,
  "fwhm_x": 1.45864,
  "fwhm_y": 1.6641700000000001,
  "fwhm_z": 1.6089799999999999,
  "gcor": 0.0340715,
  "gsr_x": -0.0034977777395397425,
  "gsr_y": 0.008412888273596764,
  "provenance": {
    "md5sum": "099a412c8f60166d5328a09e4b2512d5",
    "settings": {
      "fd_thres": 0.2,
      "testing": false
    },
    "software": "mriqc",
    "version": "22.0.6",
    "webapi_port": null,
    "webapi_url": "https://mriqc.nimh.nih.gov/api/v1"
  },
  "size_t": 315,
  "size_x": 80,
  "size_y": 80,
  "size_z": 36,
  "snr": 5.9471115287160705,
  "spacing_tr": 2.0,
  "spacing_x": 3.0,
  "spacing_y": 3.0,
  "spacing_z": 3.0,
  "summary_bg_k": 49.760302215341184,
  "summary_bg_mad": 5.051430165985593,
  "summary_bg_mean": 19.78399085998535,
  "summary_bg_median": 8.200569152832031,
  "summary_bg_n": 153876.0,
  "summary_bg_p05": 2.779038369655609,
  "summary_bg_p95": 71.46339988708496,
  "summary_bg_stdv": 42.92424392700195,
  "summary_fg_k": 2.1561237622355627,
  "summary_fg_mad": 93.20096877121742,
  "summary_fg_mean": 590.614013671875,
  "summary_fg_median": 580.38037109375,
  "summary_fg_n": 36926.0,
  "summary_fg_p05": 458.7242202758789,
  "summary_fg_p95": 755.5302276611328,
  "summary_fg_stdv": 97.58897399902344,
  "tsnr": 66.59453582763672
}