{
  "aor": 0.0006103144654088052,
  "aqi": 0.007243463396226414,
  "bids_meta": {
    "CogAtlasID": " ",
    "CogPOID": " ",
    "CoilCombinationMethod": " ",
    "DelayTime": " ",
    "DeviceSerialNumber": "35368 ",
    "EchoTime": 0.03,
    "EffectiveEchoSpacing": 0.00026499894000423993,
    "FlipAngle": 60,
    "GradientSetType": " ",
    "InstitutionAddress": "Perth Drive 100,London//709CAB//,Ontario,CA,N6A 5K8",
    "InstitutionName": "Robarts-CFMM",
    "Instructions": " ",
    "InversionTime": " ",
    "MRTransmitCoilSequence": " ",
    "MagneticFieldStrength": 3,
    "Manufacturer": "SIEMENS ",
    "ManufacturerModelName": "TrioTim ",
    "MatrixCoilMode": " ",
    "MultibandAccelerationFactor": " ",
    "NumberOfVolumesDiscardedByScanner": " ",
    "NumberOfVolumesDiscardedByUser": 10,
    "NumberShots": " ",
    "ParallelAcquisitionTechnique": " ",
    "ParallelReductionFactorInPlane": " ",
    "PartialFourier": " ",
    "PartialFourierDirection": " ",
    "PulseSequenceDetails": " ",
    "PulseSequenceType": " ",
    "ReceiveCoilName": " ",
    "RepetitionTime": 2,
    "SliceTiming": [
      1.005,
      0,
      1.06,
      0.0575,
      1.1174999999900002,
      0.11249999999,
      1.17249999999,
      0.16749999998,
      1.22749999998,
      0.22500000001,
      1.2825,
      0.28,
      1.34,
      0.33499999999,
      1.39499999999,
      0.39249999999,
      1.44999999998,
      0.44749999998,
      1.50749999998,
      0.5025,
      1.5625,
      0.56,
      1.6174999999900002,
      0.61499999999,
      1.67499999999,
      0.66999999998,
      1.72999999998,
      0.72500000001,
      1.785,
      0.7825,
      1.8425,
      0.83749999999,
      1.8974999999900002,
      0.89249999999,
      1.95249999998,
      0.94999999998
    ],
    "SoftwareVersions": "syngo MR B17",
    "TaskDescription": " ",
    "TaskName": "ep2d_bold_MemoryAndManiupulate_Run1 ",
    "TotalReadoutTime": 0.020934916260334956,
    "dataset": "ds001635",
    "modality": "bold",
    "run_id": 1,
    "subject_id": "03",
    "task_id": "WM"
  },
  "dummy_trs": 0,
  "dvars_nstd": 20.38710818006309,
  "dvars_std": 1.0521692720504727,
  "dvars_vstd": 0.9685137002208205,
  "efc": 0.45051780326945967,
  "fber": 4303.02880859375,
  "fd_mean": 0.06571879298495018,
  "fd_num": 9,
  "fd_perc": 2.830188679245283,
  "fwhm_avg": 1.7110277777777778,
  "fwhm_x": 1.6150966666666668,
  "fwhm_y": 1.79251,
  "fwhm_z": 1.7254766666666665,
  "gcor": 0.0455751,
  "gsr_x": -0.006352998781949282,
  "gsr_y": 0.006021877750754356,
  "provenance": {
    "md5sum": "50d0a601a04037082e56e5351e884852",
    "settings": {
      "fd_thres": 0.2,
      "testing": false
    },
    "software": "mriqc",
    "version": "22.0.6",
    "webapi_port": null,
    "webapi_url": "https://mriqc.nimh.nih.gov/api/v1"
  },
  "size_t": 318,
  "size_x": 80,
  "size_y": 80,
  "size_z": 36,
  "snr": 5.177096634604045,
  "spacing_tr": 2.0,
  "spacing_x": 3.0,
  "spacing_y": 3.0,
  "spacing_z": 3.0,
  "summary_bg_k": 69.69891451124771,
  "summary_bg_mad": 6.741735768219465,
  "summary_bg_mean": 17.684818267822266,
  "summary_bg_median": 9.558462142944336,
  "summary_bg_n": 153643.0,
  "summary_bg_p05": 2.7793606996536253,
  "summary_bg_p95": 51.913382339477536,
  "summary_bg_stdv": 34.64280319213867,
  "summary_fg_k": 2.0444828117866134,
  "summary_fg_mad": 109.68442151255692,
  "summary_fg_mean": 646.083251953125,
  "summary_fg_median": 629.5742797851562,
  "summary_fg_n": 36572.0,
  "summary_fg_p05": 481.7140823364258,
  "summary_fg_p95": 859.3076049804687,
  "summary_fg_stdv": 121.6059341430664,
  "tsnr": 59.70030975341797
}