{
  "aor": 0.0003538390092879257,
  "aqi": 0.005811983746130032,
  "bids_meta": {
    "CogAtlasID": " ",
    "CogPOID": " ",
    "CoilCombinationMethod": " ",
    "DelayTime": " ",
    "DeviceSerialNumber": "35368 ",
    "EchoTime": 0.03,
    "EffectiveEchoSpacing": 0.00026499894000423993,
    "FlipAngle": 60,
    "GradientSetType": " ",
    "InstitutionAddress": "Perth Drive 100,London//709CAB//,Ontario,CA,N6A 5K8",
    "InstitutionName": "Robarts-CFMM",
    "Instructions": " ",
    "InversionTime": " ",
    "MRTransmitCoilSequence": " ",
    "MagneticFieldStrength": 3,
    "Manufacturer": "SIEMENS ",
    "ManufacturerModelName": "TrioTim ",
    "MatrixCoilMode": " ",
    "MultibandAccelerationFactor": " ",
    "NumberOfVolumesDiscardedByScanner": " ",
    "NumberOfVolumesDiscardedByUser": 10,
    "NumberShots": " ",
    "ParallelAcquisitionTechnique": " ",
    "ParallelReductionFactorInPlane": " ",
    "PartialFourier": " ",
    "PartialFourierDirection": " ",
    "PulseSequenceDetails": " ",
    "PulseSequenceType": " ",
    "ReceiveCoilName": " ",
    "RepetitionTime": 2,
    "SliceTiming": [
      1.005,
      0,
      1.06,
      0.05499999999,
      1.11500000002,
      0.11250000002,
      1.17250000002,
      0.16750000001,
      1.2275000000099998,
      0.2225,
      1.2825,
      0.28,
      1.3374999999900001,
      0.33500000002,
      1.39500000002,
      0.39000000001,
      1.45000000001,
      0.44750000001,
      1.505,
      0.5025,
      1.5625,
      0.5575,
      1.6174999999900002,
      0.61500000002,
      1.67250000002,
      0.67000000001,
      1.73000000001,
      0.72500000001,
      1.785,
      0.78,
      1.84,
      0.83749999999,
      1.89750000002,
      0.89250000002,
      1.95250000001,
      0.94750000001
    ],
    "SoftwareVersions": "syngo MR B17",
    "TaskDescription": " ",
    "TaskName": "ep2d_bold_MemoryAndManiupulate_Run2 ",
    "TotalReadoutTime": 0.020934916260334956,
    "dataset": "ds001635",
    "modality": "bold",
    "run_id": 3,
    "subject_id": "03",
    "task_id": "WM"
  },
  "dummy_trs": 0,
  "dvars_nstd": 22.181888450031046,
  "dvars_std": 1.1050833184161486,
  "dvars_vstd": 0.9726571754037271,
  "efc": 0.4529809448366864,
  "fber": 4152.1259765625,
  "fd_mean": 0.07009181675447247,
  "fd_num": 7,
  "fd_perc": 2.1671826625387,
  "fwhm_avg": 1.718171111111111,
  "fwhm_x": 1.6261733333333332,
  "fwhm_y": 1.77938,
  "fwhm_z": 1.74896,
  "gcor": 0.0146175,
  "gsr_x": -0.0071413456462323666,
  "gsr_y": 0.005659026559442282,
  "provenance": {
    "md5sum": "9d496cd4006e7bd8399d72ea28354414",
    "settings": {
      "fd_thres": 0.2,
      "testing": false
    },
    "software": "mriqc",
    "version": "22.0.6",
    "webapi_port": null,
    "webapi_url": "https://mriqc.nimh.nih.gov/api/v1"
  },
  "size_t": 323,
  "size_x": 80,
  "size_y": 80,
  "size_z": 36,
  "snr": 5.208986787011191,
  "spacing_tr": 2.0,
  "spacing_x": 3.0,
  "spacing_y": 3.0,
  "spacing_z": 3.0,
  "summary_bg_k": 67.2828482324714,
  "summary_bg_mad": 6.934523006523727,
  "summary_bg_mean": 18.07689094543457,
  "summary_bg_median": 9.673973083496094,
  "summary_bg_n": 153406.0,
  "summary_bg_p05": 2.8510290384292603,
  "summary_bg_p95": 54.52644443511963,
  "summary_bg_stdv": 35.12308120727539,
  "summary_fg_k": 2.1054468083097984,
  "summary_fg_mad": 108.1206037489397,
  "summary_fg_mean": 644.885986328125,
  "summary_fg_median": 629.075927734375,
  "summary_fg_n": 36796.0,
  "summary_fg_p05": 480.77672576904297,
  "summary_fg_p95": 854.9351501464844,
  "summary_fg_stdv": 120.76578521728516,
  "tsnr": 63.541908264160156
}