{
  "aor": 0.001455576923076923,
  "aqi": 0.007107917371794872,
  "bids_meta": {
    "CogAtlasID": " ",
    "CogPOID": " ",
    "CoilCombinationMethod": " ",
    "DelayTime": " ",
    "DeviceSerialNumber": "35368 ",
    "EchoTime": 0.03,
    "EffectiveEchoSpacing": 0.00026499894000423993,
    "FlipAngle": 60,
    "GradientSetType": " ",
    "InstitutionAddress": "Perth Drive 100,London//709CAB//,Ontario,CA,N6A 5K8",
    "InstitutionName": "Robarts-CFMM",
    "Instructions": " ",
    "InversionTime": " ",
    "MRTransmitCoilSequence": " ",
    "MagneticFieldStrength": 3,
    "Manufacturer": "SIEMENS ",
    "ManufacturerModelName": "TrioTim ",
    "MatrixCoilMode": " ",
    "MultibandAccelerationFactor": " ",
    "NumberOfVolumesDiscardedByScanner": " ",
    "NumberOfVolumesDiscardedByUser": 10,
    "NumberShots": " ",
    "ParallelAcquisitionTechnique": " ",
    "ParallelReductionFactorInPlane": " ",
    "PartialFourier": " ",
    "PartialFourierDirection": " ",
    "PulseSequenceDetails": " ",
    "PulseSequenceType": " ",
    "ReceiveCoilName": " ",
    "RepetitionTime": 2,
    "SliceTiming": [
      1.0025,
      0,
      1.0575,
      0.05499999999,
      1.1149999999900002,
      0.10999999999,
      1.16999999998,
      0.16750000001,
      1.2250000000099999,
      0.2225,
      1.2825,
      0.2775,
      1.3374999999900001,
      0.33249999999,
      1.39249999999,
      0.38999999998,
      1.44999999998,
      0.44500000001,
      1.505,
      0.5,
      1.56,
      0.5575,
      1.6174999999900002,
      0.61249999999,
      1.67249999999,
      0.66750000001,
      1.7275000000099998,
      0.72500000001,
      1.7825,
      0.78,
      1.84,
      0.83499999999,
      1.89499999999,
      0.89249999999,
      1.94999999998,
      0.94750000001
    ],
    "SoftwareVersions": "syngo MR B17",
    "TaskDescription": " ",
    "TaskName": "ep2d_bold_MemoryAndManiupulate_2",
    "TotalReadoutTime": 0.020934916260334956,
    "dataset": "ds001635",
    "modality": "bold",
    "run_id": 2,
    "subject_id": "12",
    "task_id": "WM"
  },
  "dummy_trs": 0,
  "dvars_nstd": 22.136124166366564,
  "dvars_std": 1.058676998681672,
  "dvars_vstd": 0.9985929560450164,
  "efc": 0.4568312409339211,
  "fber": 4983.07177734375,
  "fd_mean": 0.103699175519736,
  "fd_num": 47,
  "fd_perc": 15.064102564102564,
  "fwhm_avg": 1.6608255555555553,
  "fwhm_x": 1.5561766666666665,
  "fwhm_y": 1.7949466666666665,
  "fwhm_z": 1.6313533333333332,
  "gcor": 0.0296252,
  "gsr_x": 0.004093615338206291,
  "gsr_y": 0.01198454201221466,
  "provenance": {
    "md5sum": "0d429bb3e31f8f36e822aeea99f82c85",
    "settings": {
      "fd_thres": 0.2,
      "testing": false
    },
    "software": "mriqc",
    "version": "22.0.6",
    "webapi_port": null,
    "webapi_url": "https://mriqc.nimh.nih.gov/api/v1"
  },
  "size_t": 312,
  "size_x": 80,
  "size_y": 80,
  "size_z": 36,
  "snr": 5.203935217416007,
  "spacing_tr": 2.0,
  "spacing_x": 3.0,
  "spacing_y": 3.0,
  "spacing_z": 3.0,
  "summary_bg_k": 35.08457728314029,
  "summary_bg_mad": 4.068684954743992,
  "summary_bg_mean": 16.235071182250977,
  "summary_bg_median": 6.799367427825928,
  "summary_bg_n": 154140.0,
  "summary_bg_p05": 2.347230005264282,
  "summary_bg_p95": 65.60143280029293,
  "summary_bg_stdv": 32.214752197265625,
  "summary_fg_k": 2.6310275142521897,
  "summary_fg_mad": 84.10263331540799,
  "summary_fg_mean": 493.4239196777344,
  "summary_fg_median": 483.0212097167969,
  "summary_fg_n": 36186.0,
  "summary_fg_p05": 370.81800079345703,
  "summary_fg_p95": 649.8509979248047,
  "summary_fg_stdv": 92.81716918945312,
  "tsnr": 58.547515869140625
}