{
  "aor": 0.0009476489028213167,
  "aqi": 0.005373521943573668,
  "bids_meta": {
    "CogAtlasID": " ",
    "CogPOID": " ",
    "CoilCombinationMethod": " ",
    "DelayTime": " ",
    "DeviceSerialNumber": "35368 ",
    "EchoTime": 0.03,
    "EffectiveEchoSpacing": 0.00026499894000423993,
    "FlipAngle": 60,
    "GradientSetType": " ",
    "InstitutionAddress": "Perth Drive 100,London//709CAB//,Ontario,CA,N6A 5K8",
    "InstitutionName": "Robarts-CFMM",
    "Instructions": " ",
    "InversionTime": " ",
    "MRTransmitCoilSequence": " ",
    "MagneticFieldStrength": 3,
    "Manufacturer": "SIEMENS ",
    "ManufacturerModelName": "TrioTim ",
    "MatrixCoilMode": " ",
    "MultibandAccelerationFactor": " ",
    "NumberOfVolumesDiscardedByScanner": " ",
    "NumberOfVolumesDiscardedByUser": 10,
    "NumberShots": " ",
    "ParallelAcquisitionTechnique": " ",
    "ParallelReductionFactorInPlane": " ",
    "PartialFourier": " ",
    "PartialFourierDirection": " ",
    "PulseSequenceDetails": " ",
    "PulseSequenceType": " ",
    "ReceiveCoilName": " ",
    "RepetitionTime": 2,
    "SliceTiming": [
      1.005,
      0,
      1.06,
      0.0575,
      1.11500000002,
      0.11250000002,
      1.17250000002,
      0.16750000001,
      1.2275000000099998,
      0.2225,
      1.2825,
      0.28,
      1.34,
      0.33500000002,
      1.39500000002,
      0.39000000001,
      1.45000000001,
      0.44750000001,
      1.5075000000099998,
      0.5025,
      1.5625,
      0.5575,
      1.61750000002,
      0.61500000002,
      1.67250000002,
      0.67000000001,
      1.73000000001,
      0.72500000001,
      1.785,
      0.7825,
      1.84,
      0.83750000002,
      1.89750000002,
      0.89250000002,
      1.95250000001,
      0.94750000001
    ],
    "SoftwareVersions": "syngo MR B17",
    "TaskDescription": " ",
    "TaskName": "ep2d_bold_MemoryAndManiupulate_1",
    "TotalReadoutTime": 0.020934916260334956,
    "dataset": "ds001635",
    "modality": "bold",
    "run_id": 1,
    "subject_id": "12",
    "task_id": "WM"
  },
  "dummy_trs": 1,
  "dvars_nstd": 21.44595188767296,
  "dvars_std": 1.0740046078616354,
  "dvars_vstd": 1.0037189542767295,
  "efc": 0.4561297753217012,
  "fber": 5108.46533203125,
  "fd_mean": 0.07929031501725897,
  "fd_num": 27,
  "fd_perc": 8.463949843260188,
  "fwhm_avg": 1.6543222222222222,
  "fwhm_x": 1.5532533333333334,
  "fwhm_y": 1.7878999999999998,
  "fwhm_z": 1.6218133333333336,
  "gcor": 0.0236238,
  "gsr_x": 0.003891782369464636,
  "gsr_y": 0.011816105805337429,
  "provenance": {
    "md5sum": "354c05310b3ff6f72b140ebcd538ca73",
    "settings": {
      "fd_thres": 0.2,
      "testing": false
    },
    "software": "mriqc",
    "version": "22.0.6",
    "webapi_port": null,
    "webapi_url": "https://mriqc.nimh.nih.gov/api/v1"
  },
  "size_t": 319,
  "size_x": 80,
  "size_y": 80,
  "size_z": 36,
  "snr": 5.201814414608039,
  "spacing_tr": 2.0,
  "spacing_x": 3.0,
  "spacing_y": 3.0,
  "spacing_z": 3.0,
  "summary_bg_k": 35.28147237420089,
  "summary_bg_mad": 4.030780950052731,
  "summary_bg_mean": 16.208589553833008,
  "summary_bg_median": 6.752041816711426,
  "summary_bg_n": 154155.0,
  "summary_bg_p05": 2.3326339960098266,
  "summary_bg_p95": 65.31693420410147,
  "summary_bg_stdv": 32.235774993896484,
  "summary_fg_k": 2.65613185719718,
  "summary_fg_mad": 84.57583263493437,
  "summary_fg_mean": 494.9656677246094,
  "summary_fg_median": 484.2440185546875,
  "summary_fg_n": 36153.0,
  "summary_fg_p05": 372.86338500976564,
  "summary_fg_p95": 652.0511596679688,
  "summary_fg_stdv": 93.09008026123047,
  "tsnr": 63.567420959472656
}