{
  "aor": 0.0009471428571428573,
  "aqi": 0.007520565333333332,
  "bids_meta": {
    "CogAtlasID": " ",
    "CogPOID": " ",
    "CoilCombinationMethod": " ",
    "DelayTime": " ",
    "DeviceSerialNumber": "35368 ",
    "EchoTime": 0.03,
    "EffectiveEchoSpacing": 0.00026499894000423993,
    "FlipAngle": 60,
    "GradientSetType": " ",
    "InstitutionAddress": "Perth Drive 100,London//709CAB//,Ontario,CA,N6A 5K8",
    "InstitutionName": "Robarts-CFMM",
    "Instructions": " ",
    "InversionTime": " ",
    "MRTransmitCoilSequence": " ",
    "MagneticFieldStrength": 3,
    "Manufacturer": "SIEMENS ",
    "ManufacturerModelName": "TrioTim ",
    "MatrixCoilMode": " ",
    "MultibandAccelerationFactor": " ",
    "NumberOfVolumesDiscardedByScanner": " ",
    "NumberOfVolumesDiscardedByUser": 10,
    "NumberShots": " ",
    "ParallelAcquisitionTechnique": " ",
    "ParallelReductionFactorInPlane": " ",
    "PartialFourier": " ",
    "PartialFourierDirection": " ",
    "PulseSequenceDetails": " ",
    "PulseSequenceType": " ",
    "ReceiveCoilName": " ",
    "RepetitionTime": 2,
    "SliceTiming": [
      1.0025,
      0,
      1.06,
      0.05499999999,
      1.1149999999900002,
      0.10999999999,
      1.16999999998,
      0.16749999998,
      1.2275000000099998,
      0.2225,
      1.2825,
      0.2775,
      1.3374999999900001,
      0.33499999999,
      1.39249999999,
      0.38999999998,
      1.44999999998,
      0.44500000001,
      1.505,
      0.5025,
      1.56,
      0.5575,
      1.6174999999900002,
      0.61249999999,
      1.67249999999,
      0.66749999998,
      1.7275000000099998,
      0.72500000001,
      1.785,
      0.78,
      1.84,
      0.83499999999,
      1.89499999999,
      0.89249999999,
      1.95249999998,
      0.94750000001
    ],
    "SoftwareVersions": "syngo MR B17",
    "TaskDescription": " ",
    "TaskName": "ep2d_bold_MemoryAndManiupulate_1",
    "TotalReadoutTime": 0.020934916260334956,
    "dataset": "ds001635",
    "modality": "bold",
    "run_id": 1,
    "subject_id": "05",
    "task_id": "WM"
  },
  "dummy_trs": 0,
  "dvars_nstd": 21.35024533,
  "dvars_std": 1.1211004061146503,
  "dvars_vstd": 0.9859603304458598,
  "efc": 0.4411691026044447,
  "fber": 5253.9365234375,
  "fd_mean": 0.0821721931940688,
  "fd_num": 5,
  "fd_perc": 1.5873015873015872,
  "fwhm_avg": 1.666808933350337,
  "fwhm_x": 1.52289,
  "fwhm_y": 1.7991733333333333,
  "fwhm_z": 1.6783634667176777,
  "gcor": 0.0258462,
  "gsr_x": -0.00486015947535634,
  "gsr_y": 0.004062986467033625,
  "provenance": {
    "md5sum": "d15af27ddc1183d9f318f827197ac1ca",
    "settings": {
      "fd_thres": 0.2,
      "testing": false
    },
    "software": "mriqc",
    "version": "22.0.6",
    "webapi_port": null,
    "webapi_url": "https://mriqc.nimh.nih.gov/api/v1"
  },
  "size_t": 315,
  "size_x": 80,
  "size_y": 80,
  "size_z": 36,
  "snr": 5.265866247756353,
  "spacing_tr": 2.0,
  "spacing_x": 3.0,
  "spacing_y": 3.0,
  "spacing_z": 2.999999761581421,
  "summary_bg_k": 76.38593472238996,
  "summary_bg_mad": 3.5495631154101974,
  "summary_bg_mean": 13.692976951599121,
  "summary_bg_median": 6.336224555969238,
  "summary_bg_n": 156266.0,
  "summary_bg_p05": 2.8064072132110596,
  "summary_bg_p95": 44.17509174346924,
  "summary_bg_stdv": 29.53896713256836,
  "summary_fg_k": 2.0032946890848686,
  "summary_fg_mad": 81.20265016434574,
  "summary_fg_mean": 472.01434326171875,
  "summary_fg_median": 461.0891418457031,
  "summary_fg_n": 34659.0,
  "summary_fg_p05": 358.34136657714845,
  "summary_fg_p95": 625.6081237792968,
  "summary_fg_stdv": 87.56061553955078,
  "tsnr": 61.56591796875
}