{
  "bids_meta": {
    "AnatomicalLandmarkCoordinates": " ",
    "CoilCombinationMethod": " ",
    "ContrastBolusIngredient": " ",
    "DeviceSerialNumber": "35368 ",
    "DwellTime": " ",
    "EchoTime": 0.00298,
    "EchoTrainLength": 1,
    "FlipAngle": 9,
    "GradientSetType": " ",
    "HardcopyDeviceSoftwareVersion": "",
    "InstitutionAddress": "Perth Drive 100,London//709CAB//,Ontario,CA,N6A 5K8",
    "InstitutionName": "Robarts-CFMM",
    "InstitutionalDepartmentName": "CFMM",
    "InversionTime": 900,
    "MagneticFieldStrength": 3,
    "Manufacturer": "SIEMENS ",
    "ManufacturersModelName": " ",
    "MatrixCoilMode": " ",
    "MultibandAccelerationFactor": " ",
    "NonlinearGradientCorrection": " ",
    "NumberShots": " ",
    "ParallelAcquisitionTechnique": " ",
    "ParallelReductionFactorInPlane": " ",
    "PartialFourier": " ",
    "PartialFourierDirection": " ",
    "PulseSequenceDetails": " ",
    "PulseSequenceType": "MPRAGE ADNI iPAT2 ",
    "ReceiveCoilActiveElements": " ",
    "ReceiveCoilName": " ",
    "ScanOptions": "IR",
    "ScanningSequence": "GR\\IR ",
    "SequenceName": "*tfl3d1_ns",
    "SequenceVariant": "SP\\MP ",
    "SliceEncodingDirection": " ",
    "SoftwareVersions": "syngo MR B17",
    "StationName": "MRC35368",
    "WaterFatShift": " ",
    "dataset": "ds001635",
    "modality": "T1w",
    "subject_id": "06"
  },
  "cjv": 0.3168733888705908,
  "cnr": 4.0823884755253665,
  "efc": 0.5297844323648886,
  "fber": 626.5792792189573,
  "fwhm_avg": 3.7518933333333333,
  "fwhm_x": 3.75715,
  "fwhm_y": 3.97291,
  "fwhm_z": 3.52562,
  "icvs_csf": 0.21568704177687714,
  "icvs_gm": 0.46004131123722275,
  "icvs_wm": 0.3242716469859001,
  "inu_med": 0.5415057241916656,
  "inu_range": 0.14885722547769548,
  "provenance": {
    "md5sum": "260fc5053ac5c88ebdc8899f5c90701c",
    "settings": {
      "testing": false
    },
    "software": "mriqc",
    "version": "22.0.6",
    "warnings": {
      "large_rot_frame": true,
      "small_air_mask": false
    },
    "webapi_port": null,
    "webapi_url": "https://mriqc.nimh.nih.gov/api/v1"
  },
  "qi_1": 0.0,
  "qi_2": 0.006545037722892836,
  "rpve_csf": 28.68111814887938,
  "rpve_gm": 14.308956976620049,
  "rpve_wm": 23.11158819416405,
  "size_x": 192,
  "size_y": 240,
  "size_z": 256,
  "snr_csf": 1.998702820823475,
  "snr_gm": 9.04044891411119,
  "snr_total": 10.852548915382101,
  "snr_wm": 21.518495011211638,
  "snrd_csf": 10.852641243325648,
  "snrd_gm": 29.9309305625677,
  "snrd_total": 29.0722050135912,
  "snrd_wm": 46.43304323488025,
  "spacing_x": 1.0,
  "spacing_y": 1.0,
  "spacing_z": 1.0,
  "summary_bg_k": 3187.122317477505,
  "summary_bg_mad": 14.109271736049115,
  "summary_bg_mean": 12.470457381102099,
  "summary_bg_median": 9.516559168696404,
  "summary_bg_n": 2561176.0,
  "summary_bg_p05": 0.0,
  "summary_bg_p95": 38.19312413036823,
  "summary_bg_stdv": 18.309693293260224,
  "summary_csf_k": 0.09726998619802663,
  "summary_csf_mad": 110.5226285990514,
  "summary_csf_mean": 251.80323501470357,
  "summary_csf_median": 233.72669318318367,
  "summary_csf_n": 26277.0,
  "summary_csf_p05": 81.20797157287598,
  "summary_csf_p95": 467.1932670824226,
  "summary_csf_stdv": 116.9369669884155,
  "summary_gm_k": -0.06526733546178276,
  "summary_gm_mad": 72.21595583567806,
  "summary_gm_mean": 641.5476079605514,
  "summary_gm_median": 644.6041352916509,
  "summary_gm_n": 40086.0,
  "summary_gm_p05": 518.6841965578496,
  "summary_gm_p95": 752.5615685945377,
  "summary_gm_stdv": 71.30133703540304,
  "summary_wm_k": 1.9463040699382006,
  "summary_wm_mad": 40.3995480708873,
  "summary_wm_mean": 998.7769557382022,
  "summary_wm_median": 1000.0000374466181,
  "summary_wm_n": 147378.0,
  "summary_wm_p05": 924.7240544222295,
  "summary_wm_p95": 1071.025290708989,
  "summary_wm_stdv": 46.47149553363714,
  "tpm_overlap_csf": 0.15397582601365326,
  "tpm_overlap_gm": 0.48521234987192047,
  "tpm_overlap_wm": 0.5187800389108664,
  "wm2max": 0.5393789032423646
}