{
  "aor": 0.0012623974763406938,
  "aqi": 0.006607828170347003,
  "bids_meta": {
    "CogAtlasID": " ",
    "CogPOID": " ",
    "CoilCombinationMethod": " ",
    "DelayTime": " ",
    "DeviceSerialNumber": "35368 ",
    "EchoTime": 0.03,
    "EffectiveEchoSpacing": 0.00026499894000423993,
    "FlipAngle": 60,
    "GradientSetType": " ",
    "InstitutionAddress": "Perth Drive 100,London//709CAB//,Ontario,CA,N6A 5K8",
    "InstitutionName": "Robarts-CFMM",
    "Instructions": " ",
    "InversionTime": " ",
    "MRTransmitCoilSequence": " ",
    "MagneticFieldStrength": 3,
    "Manufacturer": "SIEMENS ",
    "ManufacturerModelName": "TrioTim ",
    "MatrixCoilMode": " ",
    "MultibandAccelerationFactor": " ",
    "NumberOfVolumesDiscardedByScanner": " ",
    "NumberOfVolumesDiscardedByUser": 10,
    "NumberShots": " ",
    "ParallelAcquisitionTechnique": " ",
    "ParallelReductionFactorInPlane": " ",
    "PartialFourier": " ",
    "PartialFourierDirection": " ",
    "PulseSequenceDetails": " ",
    "PulseSequenceType": " ",
    "ReceiveCoilName": " ",
    "RepetitionTime": 2,
    "SliceTiming": [
      1.0025,
      0,
      1.0600000000299998,
      0.05500000002,
      1.11500000002,
      0.11000000002,
      1.17000000001,
      0.16750000001,
      1.2275000000099998,
      0.2225,
      1.2825,
      0.27750000003,
      1.33750000002,
      0.33500000002,
      1.39500000002,
      0.39000000001,
      1.45000000001,
      0.44500000001,
      1.505,
      0.5025,
      1.5600000000299998,
      0.55750000002,
      1.61750000002,
      0.61250000002,
      1.67250000002,
      0.67000000001,
      1.7275000000099998,
      0.72500000001,
      1.785,
      0.78000000003,
      1.8400000000299999,
      0.83500000002,
      1.89500000002,
      0.89250000002,
      1.95250000001,
      0.94750000001
    ],
    "SoftwareVersions": "syngo MR B17",
    "TaskDescription": " ",
    "TaskName": "ep2d_bold_MemoryAndManiupulate_3",
    "TotalReadoutTime": 0.020934916260334956,
    "dataset": "ds001635",
    "modality": "bold",
    "run_id": 3,
    "subject_id": "05",
    "task_id": "WM"
  },
  "dummy_trs": 0,
  "dvars_nstd": 19.996600911519003,
  "dvars_std": 1.08116007414557,
  "dvars_vstd": 0.9824833510759502,
  "efc": 0.44236079913163495,
  "fber": 5260.2470703125,
  "fd_mean": 0.08422826776864846,
  "fd_num": 9,
  "fd_perc": 2.8391167192429023,
  "fwhm_avg": 1.6616422664756278,
  "fwhm_x": 1.5371866666666667,
  "fwhm_y": 1.77723,
  "fwhm_z": 1.6705101327602172,
  "gcor": 0.0354544,
  "gsr_x": -0.0052554612047970295,
  "gsr_y": 0.003817425575107336,
  "provenance": {
    "md5sum": "fe12d84d6cb81b0d2a0c1c623e4934f6",
    "settings": {
      "fd_thres": 0.2,
      "testing": false
    },
    "software": "mriqc",
    "version": "22.0.6",
    "webapi_port": null,
    "webapi_url": "https://mriqc.nimh.nih.gov/api/v1"
  },
  "size_t": 317,
  "size_x": 80,
  "size_y": 80,
  "size_z": 36,
  "snr": 5.272639525286165,
  "spacing_tr": 2.0,
  "spacing_x": 3.0,
  "spacing_y": 3.0,
  "spacing_z": 2.999999761581421,
  "summary_bg_k": 77.70755411088864,
  "summary_bg_mad": 3.426963025631074,
  "summary_bg_mean": 13.70685863494873,
  "summary_bg_median": 6.297235012054443,
  "summary_bg_n": 156073.0,
  "summary_bg_p05": 2.8278331756591797,
  "summary_bg_p95": 44.59314651489254,
  "summary_bg_stdv": 29.533443450927734,
  "summary_fg_k": 2.1284129422719618,
  "summary_fg_mad": 80.64993200329641,
  "summary_fg_mean": 471.26788330078125,
  "summary_fg_median": 460.8240966796875,
  "summary_fg_n": 34819.0,
  "summary_fg_p05": 358.0551696777344,
  "summary_fg_p95": 625.3480651855467,
  "summary_fg_stdv": 87.39787292480469,
  "tsnr": 65.75965881347656
}