{
  "aor": 0.0019590769230769228,
  "aqi": 0.009652023753846153,
  "bids_meta": {
    "CogAtlasID": " ",
    "CogPOID": " ",
    "CoilCombinationMethod": " ",
    "DelayTime": " ",
    "DeviceSerialNumber": "35368 ",
    "EchoTime": 0.03,
    "EffectiveEchoSpacing": 0.00026499894000423993,
    "FlipAngle": 60,
    "GradientSetType": " ",
    "InstitutionAddress": "Perth Drive 100,London//709CAB//,Ontario,CA,N6A 5K8",
    "InstitutionName": "Robarts-CFMM",
    "Instructions": " ",
    "InversionTime": " ",
    "MRTransmitCoilSequence": " ",
    "MagneticFieldStrength": 3,
    "Manufacturer": "SIEMENS ",
    "ManufacturerModelName": "TrioTim ",
    "MatrixCoilMode": " ",
    "MultibandAccelerationFactor": " ",
    "NumberOfVolumesDiscardedByScanner": " ",
    "NumberOfVolumesDiscardedByUser": 10,
    "NumberShots": " ",
    "ParallelAcquisitionTechnique": " ",
    "ParallelReductionFactorInPlane": " ",
    "PartialFourier": " ",
    "PartialFourierDirection": " ",
    "PulseSequenceDetails": " ",
    "PulseSequenceType": " ",
    "ReceiveCoilName": " ",
    "RepetitionTime": 2,
    "SliceTiming": [
      1.0025,
      0,
      1.06,
      0.05499999999,
      1.11500000002,
      0.11000000002,
      1.17000000001,
      0.16750000001,
      1.2275000000099998,
      0.2225,
      1.2825,
      0.2775,
      1.3374999999900001,
      0.33500000002,
      1.39250000002,
      0.39000000001,
      1.45000000001,
      0.44500000001,
      1.505,
      0.5025,
      1.56,
      0.5575,
      1.6174999999900002,
      0.61250000002,
      1.67250000002,
      0.67000000001,
      1.7275000000099998,
      0.72500000001,
      1.785,
      0.78,
      1.84,
      0.83500000002,
      1.89500000002,
      0.89250000002,
      1.95250000001,
      0.94750000001
    ],
    "SoftwareVersions": "syngo MR B17",
    "TaskDescription": " ",
    "TaskName": "ep2d_bold_MemoryAndManiupulate_2",
    "TotalReadoutTime": 0.020934916260334956,
    "dataset": "ds001635",
    "modality": "bold",
    "run_id": 2,
    "subject_id": "05",
    "task_id": "WM"
  },
  "dummy_trs": 0,
  "dvars_nstd": 19.983377079999993,
  "dvars_std": 1.0855970281481473,
  "dvars_vstd": 0.9848907369444443,
  "efc": 0.4430476414370055,
  "fber": 5145.3291015625,
  "fd_mean": 0.08306867247763142,
  "fd_num": 5,
  "fd_perc": 1.5384615384615385,
  "fwhm_avg": 1.6574267102623021,
  "fwhm_x": 1.5443300000000002,
  "fwhm_y": 1.7822699999999998,
  "fwhm_z": 1.645680130786906,
  "gcor": 0.0154034,
  "gsr_x": -0.005726383533328772,
  "gsr_y": 0.0043409825302660465,
  "provenance": {
    "md5sum": "baf5f13b4432d8b9937ae7b27e7a0fbd",
    "settings": {
      "fd_thres": 0.2,
      "testing": false
    },
    "software": "mriqc",
    "version": "22.0.6",
    "webapi_port": null,
    "webapi_url": "https://mriqc.nimh.nih.gov/api/v1"
  },
  "size_t": 325,
  "size_x": 80,
  "size_y": 80,
  "size_z": 36,
  "snr": 5.2829738817704,
  "spacing_tr": 2.0,
  "spacing_x": 3.0,
  "spacing_y": 3.0,
  "spacing_z": 2.999999761581421,
  "summary_bg_k": 77.62876341872452,
  "summary_bg_mad": 3.6021512059617224,
  "summary_bg_mean": 13.880894660949707,
  "summary_bg_median": 6.3875579833984375,
  "summary_bg_n": 156017.0,
  "summary_bg_p05": 2.8002360343933104,
  "summary_bg_p95": 44.77659835815429,
  "summary_bg_stdv": 29.768089294433594,
  "summary_fg_k": 2.073143437388719,
  "summary_fg_mad": 81.16459875853022,
  "summary_fg_mean": 472.3410339355469,
  "summary_fg_median": 461.8953857421875,
  "summary_fg_n": 34833.0,
  "summary_fg_p05": 359.1103271484375,
  "summary_fg_p95": 625.3532836914064,
  "summary_fg_stdv": 87.4296875,
  "tsnr": 59.21699905395508
}