{
  "aor": 0.000938179104477612,
  "aqi": 0.0052034957910447755,
  "bids_meta": {
    "CogAtlasID": " ",
    "CogPOID": " ",
    "CoilCombinationMethod": " ",
    "DelayTime": " ",
    "DeviceSerialNumber": "35368 ",
    "EchoTime": 0.03,
    "EffectiveEchoSpacing": 0.00026499894000423993,
    "FlipAngle": 60,
    "GradientSetType": " ",
    "InstitutionAddress": "Perth Drive 100,London//709CAB//,Ontario,CA,N6A 5K8",
    "InstitutionName": "Robarts-CFMM",
    "Instructions": " ",
    "InversionTime": " ",
    "MRTransmitCoilSequence": " ",
    "MagneticFieldStrength": 3,
    "Manufacturer": "SIEMENS ",
    "ManufacturerModelName": "TrioTim ",
    "MatrixCoilMode": " ",
    "MultibandAccelerationFactor": " ",
    "NumberOfVolumesDiscardedByScanner": " ",
    "NumberOfVolumesDiscardedByUser": 10,
    "NumberShots": " ",
    "ParallelAcquisitionTechnique": " ",
    "ParallelReductionFactorInPlane": " ",
    "PartialFourier": " ",
    "PartialFourierDirection": " ",
    "PulseSequenceDetails": " ",
    "PulseSequenceType": " ",
    "ReceiveCoilName": " ",
    "RepetitionTime": 2,
    "SliceTiming": [
      1.005,
      0,
      1.06,
      0.0575,
      1.1149999999900002,
      0.11249999999,
      1.17249999999,
      0.16750000001,
      1.2275000000099998,
      0.2225,
      1.2825,
      0.28,
      1.34,
      0.33499999999,
      1.39499999999,
      0.38999999998,
      1.45000000001,
      0.44750000001,
      1.505,
      0.5025,
      1.5625,
      0.5575,
      1.6174999999900002,
      0.61499999999,
      1.67249999999,
      0.66999999998,
      1.73000000001,
      0.72500000001,
      1.785,
      0.78,
      1.84,
      0.83749999999,
      1.8974999999900002,
      0.89249999999,
      1.95249999998,
      0.94750000001
    ],
    "SoftwareVersions": "syngo MR B17",
    "TaskDescription": " ",
    "TaskName": "ep2d_bold_MemoryAndManiupulate_Run2 ",
    "TotalReadoutTime": 0.020934916260334956,
    "dataset": "ds001635",
    "modality": "bold",
    "run_id": 2,
    "subject_id": "03",
    "task_id": "WM"
  },
  "dummy_trs": 0,
  "dvars_nstd": 20.96237609179639,
  "dvars_std": 1.0943119116167659,
  "dvars_vstd": 1.0035083455089813,
  "efc": 0.4521140092987933,
  "fber": 4203.96728515625,
  "fd_mean": 0.07438788571964507,
  "fd_num": 10,
  "fd_perc": 2.985074626865672,
  "fwhm_avg": 1.7088144444444444,
  "fwhm_x": 1.6178533333333334,
  "fwhm_y": 1.7773866666666667,
  "fwhm_z": 1.7312033333333332,
  "gcor": 0.0258112,
  "gsr_x": -0.0067943246103823185,
  "gsr_y": 0.006962257903069258,
  "provenance": {
    "md5sum": "caca1f50a69b055f9790891c2cdb6238",
    "settings": {
      "fd_thres": 0.2,
      "testing": false
    },
    "software": "mriqc",
    "version": "22.0.6",
    "webapi_port": null,
    "webapi_url": "https://mriqc.nimh.nih.gov/api/v1"
  },
  "size_t": 335,
  "size_x": 80,
  "size_y": 80,
  "size_z": 36,
  "snr": 5.172379165299052,
  "spacing_tr": 2.0,
  "spacing_x": 3.0,
  "spacing_y": 3.0,
  "spacing_z": 3.0,
  "summary_bg_k": 69.45037975589642,
  "summary_bg_mad": 6.838111359895966,
  "summary_bg_mean": 17.934268951416016,
  "summary_bg_median": 9.627347946166992,
  "summary_bg_n": 153413.0,
  "summary_bg_p05": 2.8105662345886233,
  "summary_bg_p95": 53.714068603515614,
  "summary_bg_stdv": 35.21306228637695,
  "summary_fg_k": 2.1446736593501665,
  "summary_fg_mad": 108.56278732686498,
  "summary_fg_mean": 645.85498046875,
  "summary_fg_median": 629.300537109375,
  "summary_fg_n": 36819.0,
  "summary_fg_p05": 481.4710968017578,
  "summary_fg_p95": 857.8829772949217,
  "summary_fg_stdv": 121.66393280029297,
  "tsnr": 67.40299987792969
}