{
  "bids_meta": {
    "AnatomicalLandmarkCoordinates": " ",
    "CoilCombinationMethod": " ",
    "ContrastBolusIngredient": " ",
    "DeviceSerialNumber": "35368 ",
    "DwellTime": " ",
    "EchoTime": 0.00298,
    "EchoTrainLength": 1,
    "FlipAngle": 9,
    "GradientSetType": " ",
    "HardcopyDeviceSoftwareVersion": "",
    "InstitutionAddress": "Perth Drive 100,London//709CAB//,Ontario,CA,N6A 5K8",
    "InstitutionName": "Robarts-CFMM",
    "InstitutionalDepartmentName": "CFMM",
    "InversionTime": 900,
    "MagneticFieldStrength": 3,
    "Manufacturer": "SIEMENS ",
    "ManufacturersModelName": " ",
    "MatrixCoilMode": " ",
    "MultibandAccelerationFactor": " ",
    "NonlinearGradientCorrection": " ",
    "NumberShots": " ",
    "ParallelAcquisitionTechnique": " ",
    "ParallelReductionFactorInPlane": " ",
    "PartialFourier": " ",
    "PartialFourierDirection": " ",
    "PulseSequenceDetails": " ",
    "PulseSequenceType": "MPRAGE ADNI iPAT2 ",
    "ReceiveCoilActiveElements": " ",
    "ReceiveCoilName": " ",
    "ScanOptions": "IR",
    "ScanningSequence": "GR\\IR ",
    "SequenceName": "*tfl3d1_ns",
    "SequenceVariant": "SP\\MP ",
    "SliceEncodingDirection": " ",
    "SoftwareVersions": "syngo MR B17",
    "StationName": "MRC35368",
    "WaterFatShift": " ",
    "dataset": "ds001635",
    "modality": "T1w",
    "subject_id": "09"
  },
  "cjv": 0.3334381417392952,
  "cnr": 3.854749241370684,
  "efc": 0.5375498097040938,
  "fber": 2575.333901469037,
  "fwhm_avg": 3.6558733333333335,
  "fwhm_x": 3.70711,
  "fwhm_y": 3.78789,
  "fwhm_z": 3.47262,
  "icvs_csf": 0.19991347830810677,
  "icvs_gm": 0.46278791208729564,
  "icvs_wm": 0.3372986096045976,
  "inu_med": 0.5508017241954803,
  "inu_range": 0.1930641815066338,
  "provenance": {
    "md5sum": "40a150cf731a2091dc4b6b918d4f066c",
    "settings": {
      "testing": false
    },
    "software": "mriqc",
    "version": "22.0.6",
    "warnings": {
      "large_rot_frame": true,
      "small_air_mask": false
    },
    "webapi_port": null,
    "webapi_url": "https://mriqc.nimh.nih.gov/api/v1"
  },
  "qi_1": 0.0,
  "qi_2": 0.010230273733729252,
  "rpve_csf": 26.541542579813797,
  "rpve_gm": 12.469760361085655,
  "rpve_wm": 19.041052860674295,
  "size_x": 192,
  "size_y": 240,
  "size_z": 256,
  "snr_csf": 2.1781413649935044,
  "snr_gm": 11.465093587807413,
  "snr_total": 11.652879600455009,
  "snr_wm": 21.315403848564106,
  "snrd_csf": 17.73190729612224,
  "snrd_gm": 50.14063572459216,
  "snrd_total": 46.546800842945,
  "snrd_wm": 71.76785950812058,
  "spacing_x": 1.0,
  "spacing_y": 1.0,
  "spacing_z": 1.0,
  "summary_bg_k": 5398.133522511216,
  "summary_bg_mad": 9.128548800766643,
  "summary_bg_mean": 10.03953733092432,
  "summary_bg_median": 6.157112600281835,
  "summary_bg_n": 3753985.0,
  "summary_bg_p05": 0.0,
  "summary_bg_p95": 29.845314279198647,
  "summary_bg_stdv": 14.048804753823896,
  "summary_csf_k": 1.3689557706658881,
  "summary_csf_mad": 97.22129313919943,
  "summary_csf_mean": 265.49702357263493,
  "summary_csf_median": 247.07309971377254,
  "summary_csf_n": 26859.0,
  "summary_csf_p05": 106.61207285709679,
  "summary_csf_p95": 481.48013922125085,
  "summary_csf_stdv": 113.43088386946368,
  "summary_gm_k": 0.4333806772132913,
  "summary_gm_mad": 56.637473963377275,
  "summary_gm_mean": 697.4885960239233,
  "summary_gm_median": 698.6502965083346,
  "summary_gm_n": 27046.0,
  "summary_gm_p05": 594.0021302565001,
  "summary_gm_p95": 796.5574860339984,
  "summary_gm_stdv": 60.936038164436134,
  "summary_wm_k": 0.7383328673754566,
  "summary_wm_mad": 43.84401517609595,
  "summary_wm_mean": 1001.1175576695855,
  "summary_wm_median": 1000.0000119768083,
  "summary_wm_n": 178017.0,
  "summary_wm_p05": 926.29664439708,
  "summary_wm_p95": 1079.4055330976844,
  "summary_wm_stdv": 46.91429777060868,
  "tpm_overlap_csf": 0.13626403227342027,
  "tpm_overlap_gm": 0.4693361977166746,
  "tpm_overlap_wm": 0.48532933271213496,
  "wm2max": 0.5635654572902783
}